{
  "aor": 0.0009055963302752294,
  "aqi": 0.00754431493883792,
  "bids_meta": {
    "AcquisitionDateTime": "20150614133543.957500",
    "ConversionSoftware": "dicm2nii.m 20190112",
    "DeviceSerialNumber": "35353",
    "EchoTime": 0.033,
    "EffectiveEchoSpacing": 0.00059000113,
    "FlipAngle": 90,
    "ImageType": [
      "ORIGINAL",
      "PRIMARY",
      "M",
      "ND",
      "MOSAIC"
    ],
    "InstitutionAddress": "De Pintelaan 185,Gent /88C96F/,District,BE,9000",
    "InstitutionName": "UZ",
    "MRAcquisitionType": "2D",
    "Manufacturer": "SIEMENS",
    "Modality": "MR",
    "PatientAge": "022Y",
    "PatientPosition": "HFS",
    "PatientSex": "M",
    "PatientWeight": 83,
    "PhaseEncodingDirection": "j-",
    "RepetitionTime": 2,
    "ScanOptions": "FS",
    "ScanningSequence": "EP",
    "SequenceName": "*epfid2d1_64",
    "SequenceVariant": "SK",
    "SeriesDescription": "ep2d_bold",
    "SeriesNumber": 6,
    "SliceThickness": 4,
    "SliceTiming": [
      1.0025,
      0,
      1.07,
      0.065,
      1.1375,
      0.1325,
      1.2025,
      0.2,
      1.27,
      0.2675,
      1.3375,
      0.3325,
      1.405,
      0.4,
      1.47,
      0.4675,
      1.5375,
      0.535,
      1.605,
      0.6,
      1.6725,
      0.6675,
      1.7375,
      0.735,
      1.805,
      0.8025,
      1.8725,
      0.87,
      1.94,
      0.935
    ],
    "SoftwareVersion": "syngo MR B17",
    "TaskName": "flanker",
    "TotalReadoutTime": 0.037170071,
    "dataset": "ds001751",
    "modality": "bold",
    "run_id": 2,
    "subject_id": "19",
    "task_id": "flanker"
  },
  "dummy_trs": 0,
  "dvars_nstd": 20.241499309280226,
  "dvars_std": 1.1068951748698317,
  "dvars_vstd": 0.8944956365696785,
  "efc": 0.48892478980580567,
  "fber": 1390.3287353515625,
  "fd_mean": 0.15731460095851155,
  "fd_num": 168,
  "fd_perc": 25.68807339449541,
  "fwhm_avg": 2.652698095238095,
  "fwhm_x": 2.7338,
  "fwhm_y": 2.717434285714286,
  "fwhm_z": 2.50686,
  "gcor": 0.0670322,
  "gsr_x": -0.005773839075118303,
  "gsr_y": 0.06164487078785896,
  "provenance": {
    "md5sum": "68ee0022ee08953f4c0c3eb1e87717a9",
    "settings": {
      "fd_thres": 0.2,
      "testing": false
    },
    "software": "mriqc",
    "version": "23.0.1",
    "webapi_port": null,
    "webapi_url": "https://mriqc.nimh.nih.gov/api/v1"
  },
  "size_t": 654,
  "size_x": 64,
  "size_y": 64,
  "size_z": 30,
  "snr": 2.590360530350397,
  "spacing_tr": 2.0,
  "spacing_x": 3.5,
  "spacing_y": 3.5,
  "spacing_z": 5.0,
  "summary_bg_k": 27.111644680427748,
  "summary_bg_mad": 7.104701669508789,
  "summary_bg_mean": 37.41961669921875,
  "summary_bg_median": 15.877676010131836,
  "summary_bg_n": 74375.0,
  "summary_bg_p05": 10.391437530517578,
  "summary_bg_p95": 153.95612487792974,
  "summary_bg_stdv": 61.31162643432617,
  "summary_fg_k": 1.7701115875090094,
  "summary_fg_mad": 206.4286050766635,
  "summary_fg_mean": 652.7799682617188,
  "summary_fg_median": 609.0673217773438,
  "summary_fg_n": 19521.0,
  "summary_fg_p05": 356.5152893066406,
  "summary_fg_p95": 1120.912841796875,
  "summary_fg_stdv": 235.12237548828125,
  "tsnr": 45.13033440196887
}