{
  "aor": 0.006050358166189111,
  "aqi": 0.012018336361031518,
  "bids_meta": {
    "AcquisitionDateTime": "20150605131834.277500",
    "ConversionSoftware": "dicm2nii.m 20190112",
    "DeviceSerialNumber": "35353",
    "EchoTime": 0.033,
    "EffectiveEchoSpacing": 0.00059000113,
    "FlipAngle": 90,
    "ImageType": [
      "ORIGINAL",
      "PRIMARY",
      "M",
      "ND",
      "MOSAIC"
    ],
    "InstitutionAddress": "De Pintelaan 185,Gent /88C96F/,District,BE,9000",
    "InstitutionName": "UZ",
    "MRAcquisitionType": "2D",
    "Manufacturer": "SIEMENS",
    "Modality": "MR",
    "PatientAge": "028Y",
    "PatientPosition": "HFS",
    "PatientSex": "F",
    "PatientWeight": 77,
    "PhaseEncodingDirection": "j-",
    "RepetitionTime": 2,
    "ScanOptions": "FS",
    "ScanningSequence": "EP",
    "SequenceName": "*epfid2d1_64",
    "SequenceVariant": "SK",
    "SeriesDescription": "ep2d_bold",
    "SeriesNumber": 5,
    "SliceThickness": 4,
    "SliceTiming": [
      1.0025,
      0,
      1.07,
      0.0675,
      1.1375,
      0.135,
      1.205,
      0.2,
      1.2725,
      0.2675,
      1.3375,
      0.335,
      1.405,
      0.4025,
      1.4725,
      0.4675,
      1.54,
      0.535,
      1.605,
      0.6025,
      1.6725,
      0.67,
      1.74,
      0.735,
      1.8075,
      0.8025,
      1.8725,
      0.87,
      1.94,
      0.9375
    ],
    "SoftwareVersion": "syngo MR B17",
    "TaskName": "flanker",
    "TotalReadoutTime": 0.037170071,
    "dataset": "ds001751",
    "modality": "bold",
    "run_id": 1,
    "subject_id": "15",
    "task_id": "flanker"
  },
  "dummy_trs": 0,
  "dvars_nstd": 22.183902402496436,
  "dvars_std": 1.1436815200860824,
  "dvars_vstd": 0.9313278990243893,
  "efc": 0.4688002750346762,
  "fber": 1601.7679443359375,
  "fd_mean": 0.17016271099529895,
  "fd_num": 179,
  "fd_perc": 25.644699140401148,
  "fwhm_avg": 2.7851628571428577,
  "fwhm_x": 2.8603428571428573,
  "fwhm_y": 2.8638857142857144,
  "fwhm_z": 2.63126,
  "gcor": 0.0502641,
  "gsr_x": -0.010767867788672447,
  "gsr_y": 0.05091900750994682,
  "provenance": {
    "md5sum": "2b5eafd72404de67cbee46b39cf79504",
    "settings": {
      "fd_thres": 0.2,
      "testing": false
    },
    "software": "mriqc",
    "version": "23.0.1",
    "webapi_port": null,
    "webapi_url": "https://mriqc.nimh.nih.gov/api/v1"
  },
  "size_t": 698,
  "size_x": 64,
  "size_y": 64,
  "size_z": 30,
  "snr": 2.5159225430261025,
  "spacing_tr": 2.0,
  "spacing_x": 3.5,
  "spacing_y": 3.5,
  "spacing_z": 5.0,
  "summary_bg_k": 32.13890703916588,
  "summary_bg_mad": 6.123698760764817,
  "summary_bg_mean": 29.906631469726562,
  "summary_bg_median": 14.643266677856445,
  "summary_bg_n": 75585.0,
  "summary_bg_p05": 9.753582000732422,
  "summary_bg_p95": 106.19627685546877,
  "summary_bg_stdv": 43.11464309692383,
  "summary_fg_k": 4.866935052255634,
  "summary_fg_mad": 193.86831561850556,
  "summary_fg_mean": 632.1362915039062,
  "summary_fg_median": 589.2643432617188,
  "summary_fg_n": 18706.0,
  "summary_fg_p05": 345.83419036865234,
  "summary_fg_p95": 1066.4480590820312,
  "summary_fg_stdv": 234.207763671875,
  "tsnr": 32.79338656319305
}