{
  "aor": 0.0008821692307692307,
  "aqi": 0.003479486476923077,
  "bids_meta": {
    "AcquisitionDateTime": "20150614094724.937500",
    "ConversionSoftware": "dicm2nii.m 20190112",
    "DeviceSerialNumber": "35353",
    "EchoTime": 0.033,
    "EffectiveEchoSpacing": 0.00059000113,
    "FlipAngle": 90,
    "ImageType": [
      "ORIGINAL",
      "PRIMARY",
      "M",
      "ND",
      "MOSAIC"
    ],
    "InstitutionAddress": "De Pintelaan 185,Gent /88C96F/,District,BE,9000",
    "InstitutionName": "UZ",
    "MRAcquisitionType": "2D",
    "Manufacturer": "SIEMENS",
    "Modality": "MR",
    "PatientAge": "022Y",
    "PatientPosition": "HFS",
    "PatientSex": "M",
    "PatientWeight": 85,
    "PhaseEncodingDirection": "j-",
    "RepetitionTime": 2,
    "ScanOptions": "FS",
    "ScanningSequence": "EP",
    "SequenceName": "*epfid2d1_64",
    "SequenceVariant": "SK",
    "SeriesDescription": "ep2d_bold",
    "SeriesNumber": 5,
    "SliceThickness": 4,
    "SliceTiming": [
      1.005,
      0,
      1.07,
      0.0675,
      1.1375,
      0.135,
      1.205,
      0.2,
      1.2725,
      0.2675,
      1.3375,
      0.335,
      1.405,
      0.4025,
      1.4725,
      0.4675,
      1.54,
      0.535,
      1.605,
      0.6025,
      1.6725,
      0.67,
      1.74,
      0.7375,
      1.8075,
      0.8025,
      1.875,
      0.87,
      1.94,
      0.9375
    ],
    "SoftwareVersion": "syngo MR B17",
    "TaskName": "flanker",
    "TotalReadoutTime": 0.037170071,
    "dataset": "ds001751",
    "modality": "bold",
    "run_id": 1,
    "subject_id": "04",
    "task_id": "flanker"
  },
  "dummy_trs": 0,
  "dvars_nstd": 26.21857579958398,
  "dvars_std": 1.285053954992298,
  "dvars_vstd": 0.9837340710477659,
  "efc": 0.4691098194091865,
  "fber": 1530.6539306640625,
  "fd_mean": 0.2541138779620998,
  "fd_num": 408,
  "fd_perc": 62.76923076923077,
  "fwhm_avg": 2.575137142857143,
  "fwhm_x": 2.6793942857142854,
  "fwhm_y": 2.643137142857143,
  "fwhm_z": 2.40288,
  "gcor": 0.0460046,
  "gsr_x": -0.013984320685267448,
  "gsr_y": 0.0527680329978466,
  "provenance": {
    "md5sum": "14ff099553dfa73d03bdad9741b32293",
    "settings": {
      "fd_thres": 0.2,
      "testing": false
    },
    "software": "mriqc",
    "version": "23.0.1",
    "webapi_port": null,
    "webapi_url": "https://mriqc.nimh.nih.gov/api/v1"
  },
  "size_t": 650,
  "size_x": 64,
  "size_y": 64,
  "size_z": 30,
  "snr": 2.735353227961488,
  "spacing_tr": 2.0,
  "spacing_x": 3.5,
  "spacing_y": 3.5,
  "spacing_z": 5.0,
  "summary_bg_k": 26.339943004742523,
  "summary_bg_mad": 6.482393210769632,
  "summary_bg_mean": 33.080814361572266,
  "summary_bg_median": 14.859999656677246,
  "summary_bg_n": 77871.0,
  "summary_bg_p05": 9.629230499267578,
  "summary_bg_p95": 134.86000061035156,
  "summary_bg_stdv": 51.72221374511719,
  "summary_fg_k": 1.8248591510113634,
  "summary_fg_mad": 191.44273079083905,
  "summary_fg_mean": 626.931884765625,
  "summary_fg_median": 587.1369018554688,
  "summary_fg_n": 17129.0,
  "summary_fg_p05": 354.29661865234374,
  "summary_fg_p95": 1039.5418945312497,
  "summary_fg_stdv": 214.64129638671875,
  "tsnr": 61.64096497872379
}