{
  "aor": 0.00423766081871345,
  "aqi": 0.0060488309210526316,
  "bids_meta": {
    "AcquisitionDateTime": "20150614151012.252500",
    "ConversionSoftware": "dicm2nii.m 20190112",
    "DeviceSerialNumber": "35353",
    "EchoTime": 0.033,
    "EffectiveEchoSpacing": 0.00059000113,
    "FlipAngle": 90,
    "ImageType": [
      "ORIGINAL",
      "PRIMARY",
      "M",
      "ND",
      "MOSAIC"
    ],
    "InstitutionAddress": "De Pintelaan 185,Gent /88C96F/,District,BE,9000",
    "InstitutionName": "UZ",
    "MRAcquisitionType": "2D",
    "Manufacturer": "SIEMENS",
    "Modality": "MR",
    "PatientAge": "021Y",
    "PatientPosition": "HFS",
    "PatientSex": "F",
    "PatientWeight": 78,
    "PhaseEncodingDirection": "j-",
    "RepetitionTime": 2,
    "ScanOptions": "FS",
    "ScanningSequence": "EP",
    "SequenceName": "*epfid2d1_64",
    "SequenceVariant": "SK",
    "SeriesDescription": "ep2d_bold",
    "SeriesNumber": 6,
    "SliceThickness": 4,
    "SliceTiming": [
      1.0025,
      0,
      1.07,
      0.065,
      1.1375,
      0.1325,
      1.2025,
      0.2,
      1.27,
      0.2675,
      1.3375,
      0.3325,
      1.405,
      0.4,
      1.47,
      0.4675,
      1.5375,
      0.535,
      1.605,
      0.6,
      1.6725,
      0.6675,
      1.74,
      0.735,
      1.805,
      0.8025,
      1.8725,
      0.87,
      1.94,
      0.935
    ],
    "SoftwareVersion": "syngo MR B17",
    "TaskName": "flanker",
    "TotalReadoutTime": 0.037170071,
    "dataset": "ds001751",
    "modality": "bold",
    "run_id": 2,
    "subject_id": "16",
    "task_id": "flanker"
  },
  "dummy_trs": 2,
  "dvars_nstd": 18.40490092103954,
  "dvars_std": 1.1918422972327956,
  "dvars_vstd": 0.9812472799121521,
  "efc": 0.44642767827168706,
  "fber": 1546.361083984375,
  "fd_mean": 0.12447464557067953,
  "fd_num": 96,
  "fd_perc": 14.035087719298245,
  "fwhm_avg": 2.9577504761904763,
  "fwhm_x": 3.0827999999999998,
  "fwhm_y": 3.010771428571428,
  "fwhm_z": 2.77968,
  "gcor": 0.0305742,
  "gsr_x": -0.019526518881320953,
  "gsr_y": 0.06033078953623772,
  "provenance": {
    "md5sum": "c0b33fed76618baaf4b29dc8173353c4",
    "settings": {
      "fd_thres": 0.2,
      "testing": false
    },
    "software": "mriqc",
    "version": "23.0.1",
    "webapi_port": null,
    "webapi_url": "https://mriqc.nimh.nih.gov/api/v1"
  },
  "size_t": 684,
  "size_x": 64,
  "size_y": 64,
  "size_z": 30,
  "snr": 2.5835862230390823,
  "spacing_tr": 2.0,
  "spacing_x": 3.5,
  "spacing_y": 3.5,
  "spacing_z": 5.0,
  "summary_bg_k": 23.925858858840925,
  "summary_bg_mad": 6.871124969972763,
  "summary_bg_mean": 34.27692794799805,
  "summary_bg_median": 15.216374397277832,
  "summary_bg_n": 81613.0,
  "summary_bg_p05": 10.277777671813965,
  "summary_bg_p95": 135.2359680175781,
  "summary_bg_stdv": 51.23794174194336,
  "summary_fg_k": 1.7892055434518443,
  "summary_fg_mad": 192.22461704993316,
  "summary_fg_mean": 651.0609130859375,
  "summary_fg_median": 601.6023559570312,
  "summary_fg_n": 14385.0,
  "summary_fg_p05": 362.75291748046874,
  "summary_fg_p95": 1116.1526123046867,
  "summary_fg_stdv": 232.84744262695312,
  "tsnr": 54.78955602645874
}