{
  "aor": 0.0024731728045325778,
  "aqi": 0.009189692082152976,
  "bids_meta": {
    "AcquisitionDateTime": "20150614144558.285000",
    "ConversionSoftware": "dicm2nii.m 20190112",
    "DeviceSerialNumber": "35353",
    "EchoTime": 0.033,
    "EffectiveEchoSpacing": 0.00059000113,
    "FlipAngle": 90,
    "ImageType": [
      "ORIGINAL",
      "PRIMARY",
      "M",
      "ND",
      "MOSAIC"
    ],
    "InstitutionAddress": "De Pintelaan 185,Gent /88C96F/,District,BE,9000",
    "InstitutionName": "UZ",
    "MRAcquisitionType": "2D",
    "Manufacturer": "SIEMENS",
    "Modality": "MR",
    "PatientAge": "021Y",
    "PatientPosition": "HFS",
    "PatientSex": "F",
    "PatientWeight": 78,
    "PhaseEncodingDirection": "j-",
    "RepetitionTime": 2,
    "ScanOptions": "FS",
    "ScanningSequence": "EP",
    "SequenceName": "*epfid2d1_64",
    "SequenceVariant": "SK",
    "SeriesDescription": "ep2d_bold",
    "SeriesNumber": 5,
    "SliceThickness": 4,
    "SliceTiming": [
      1.0025,
      0,
      1.07,
      0.0675,
      1.1375,
      0.1325,
      1.205,
      0.2,
      1.2725,
      0.2675,
      1.3375,
      0.335,
      1.405,
      0.4025,
      1.4725,
      0.4675,
      1.54,
      0.535,
      1.605,
      0.6025,
      1.6725,
      0.67,
      1.74,
      0.735,
      1.8075,
      0.8025,
      1.8725,
      0.87,
      1.94,
      0.9375
    ],
    "SoftwareVersion": "syngo MR B17",
    "TaskName": "flanker",
    "TotalReadoutTime": 0.037170071,
    "dataset": "ds001751",
    "modality": "bold",
    "run_id": 1,
    "subject_id": "16",
    "task_id": "flanker"
  },
  "dummy_trs": 2,
  "dvars_nstd": 18.92360225290779,
  "dvars_std": 1.0899171339007092,
  "dvars_vstd": 0.9112820258723417,
  "efc": 0.4458917923880431,
  "fber": 1603.4595947265625,
  "fd_mean": 0.11507199230341253,
  "fd_num": 60,
  "fd_perc": 8.498583569405099,
  "fwhm_avg": 2.9170295238095236,
  "fwhm_x": 3.0415428571428573,
  "fwhm_y": 2.9850857142857143,
  "fwhm_z": 2.7244599999999997,
  "gcor": 0.0239476,
  "gsr_x": -0.017851442098617554,
  "gsr_y": 0.05931313335895538,
  "provenance": {
    "md5sum": "391332cb420fe4e1ee545656f831c109",
    "settings": {
      "fd_thres": 0.2,
      "testing": false
    },
    "software": "mriqc",
    "version": "23.0.1",
    "webapi_port": null,
    "webapi_url": "https://mriqc.nimh.nih.gov/api/v1"
  },
  "size_t": 706,
  "size_x": 64,
  "size_y": 64,
  "size_z": 30,
  "snr": 2.6211774376327996,
  "spacing_tr": 2.0,
  "spacing_x": 3.5,
  "spacing_y": 3.5,
  "spacing_z": 5.0,
  "summary_bg_k": 24.141176751416207,
  "summary_bg_mad": 7.03081022822165,
  "summary_bg_mean": 32.754417419433594,
  "summary_bg_median": 14.905098915100098,
  "summary_bg_n": 81413.0,
  "summary_bg_p05": 9.151557922363281,
  "summary_bg_p95": 127.71189575195301,
  "summary_bg_stdv": 48.66355514526367,
  "summary_fg_k": 1.791557929983255,
  "summary_fg_mad": 189.77095743355255,
  "summary_fg_mean": 645.64111328125,
  "summary_fg_median": 598.735107421875,
  "summary_fg_n": 14589.0,
  "summary_fg_p05": 359.60849609375003,
  "summary_fg_p95": 1098.7790039062497,
  "summary_fg_stdv": 228.41436767578125,
  "tsnr": 40.54730023746379
}