{
  "aor": 0.0007554147812971343,
  "aqi": 0.0019816999457013575,
  "bids_meta": {
    "AcquisitionDateTime": "20150607121606.182500",
    "ConversionSoftware": "dicm2nii.m 20190112",
    "DeviceSerialNumber": "35353",
    "EchoTime": 0.033,
    "EffectiveEchoSpacing": 0.00059000113,
    "FlipAngle": 90,
    "ImageType": [
      "ORIGINAL",
      "PRIMARY",
      "M",
      "ND",
      "MOSAIC"
    ],
    "InstitutionAddress": "De Pintelaan 185,Gent /88C96F/,District,BE,9000",
    "InstitutionName": "UZ",
    "MRAcquisitionType": "2D",
    "Manufacturer": "SIEMENS",
    "Modality": "MR",
    "PatientAge": "027Y",
    "PatientPosition": "HFS",
    "PatientSex": "F",
    "PatientWeight": 75,
    "PhaseEncodingDirection": "j-",
    "RepetitionTime": 2,
    "ScanOptions": "FS",
    "ScanningSequence": "EP",
    "SequenceName": "*epfid2d1_64",
    "SequenceVariant": "SK",
    "SeriesDescription": "ep2d_bold",
    "SeriesNumber": 6,
    "SliceThickness": 4,
    "SliceTiming": [
      1.0025,
      0,
      1.07,
      0.065,
      1.1375,
      0.1325,
      1.2025,
      0.2,
      1.27,
      0.2675,
      1.3375,
      0.3325,
      1.405,
      0.4,
      1.47,
      0.4675,
      1.5375,
      0.535,
      1.605,
      0.6025,
      1.6725,
      0.6675,
      1.74,
      0.735,
      1.805,
      0.8025,
      1.8725,
      0.87,
      1.94,
      0.935
    ],
    "SoftwareVersion": "syngo MR B17",
    "TaskName": "flanker",
    "TotalReadoutTime": 0.037170071,
    "dataset": "ds001751",
    "modality": "bold",
    "run_id": 2,
    "subject_id": "02",
    "task_id": "flanker"
  },
  "dummy_trs": 2,
  "dvars_nstd": 17.845537777975835,
  "dvars_std": 1.2357144313746218,
  "dvars_vstd": 0.97507412826284,
  "efc": 0.45639790734508334,
  "fber": 1649.7906494140625,
  "fd_mean": 0.14301268866457267,
  "fd_num": 98,
  "fd_perc": 14.781297134238311,
  "fwhm_avg": 2.4356714285714287,
  "fwhm_x": 2.4860571428571427,
  "fwhm_y": 2.498417142857143,
  "fwhm_z": 2.32254,
  "gcor": 0.0428383,
  "gsr_x": -0.011011401191353798,
  "gsr_y": 0.05329757556319237,
  "provenance": {
    "md5sum": "f47b679b0440f7425dd0060b21d980a9",
    "settings": {
      "fd_thres": 0.2,
      "testing": false
    },
    "software": "mriqc",
    "version": "23.0.1",
    "webapi_port": null,
    "webapi_url": "https://mriqc.nimh.nih.gov/api/v1"
  },
  "size_t": 663,
  "size_x": 64,
  "size_y": 64,
  "size_z": 30,
  "snr": 2.9893003066486714,
  "spacing_tr": 2.0,
  "spacing_x": 3.5,
  "spacing_y": 3.5,
  "spacing_z": 5.0,
  "summary_bg_k": 40.22438190952636,
  "summary_bg_mad": 4.841378261706654,
  "summary_bg_mean": 27.1462459564209,
  "summary_bg_median": 13.215686798095703,
  "summary_bg_n": 79571.0,
  "summary_bg_p05": 9.763197898864746,
  "summary_bg_p95": 91.21417999267578,
  "summary_bg_stdv": 41.645687103271484,
  "summary_fg_k": 2.0852433537844988,
  "summary_fg_mad": 154.38070677194412,
  "summary_fg_mean": 570.3668212890625,
  "summary_fg_median": 541.0022583007812,
  "summary_fg_n": 15792.0,
  "summary_fg_p05": 336.951887512207,
  "summary_fg_p95": 923.565466308593,
  "summary_fg_stdv": 180.9738311767578,
  "tsnr": 89.96882832795382
}