{
  "aor": 0.003095122655122655,
  "aqi": 0.002586383046176046,
  "bids_meta": {
    "AcquisitionDateTime": "20150607115223.767500",
    "ConversionSoftware": "dicm2nii.m 20190112",
    "DeviceSerialNumber": "35353",
    "EchoTime": 0.033,
    "EffectiveEchoSpacing": 0.00059000113,
    "FlipAngle": 90,
    "ImageType": [
      "ORIGINAL",
      "PRIMARY",
      "M",
      "ND",
      "MOSAIC"
    ],
    "InstitutionAddress": "De Pintelaan 185,Gent /88C96F/,District,BE,9000",
    "InstitutionName": "UZ",
    "MRAcquisitionType": "2D",
    "Manufacturer": "SIEMENS",
    "Modality": "MR",
    "PatientAge": "027Y",
    "PatientPosition": "HFS",
    "PatientSex": "F",
    "PatientWeight": 75,
    "PhaseEncodingDirection": "j-",
    "RepetitionTime": 2,
    "ScanOptions": "FS",
    "ScanningSequence": "EP",
    "SequenceName": "*epfid2d1_64",
    "SequenceVariant": "SK",
    "SeriesDescription": "ep2d_bold",
    "SeriesNumber": 5,
    "SliceThickness": 4,
    "SliceTiming": [
      1.005,
      0,
      1.0725,
      0.0675,
      1.1375,
      0.135,
      1.205,
      0.2025,
      1.2725,
      0.2675,
      1.34,
      0.335,
      1.405,
      0.4025,
      1.4725,
      0.47,
      1.54,
      0.535,
      1.6075,
      0.6025,
      1.6725,
      0.67,
      1.74,
      0.7375,
      1.8075,
      0.805,
      1.875,
      0.87,
      1.9425,
      0.9375
    ],
    "SoftwareVersion": "syngo MR B17",
    "TaskName": "flanker",
    "TotalReadoutTime": 0.037170071,
    "dataset": "ds001751",
    "modality": "bold",
    "run_id": 1,
    "subject_id": "02",
    "task_id": "flanker"
  },
  "dummy_trs": 0,
  "dvars_nstd": 16.783780438439283,
  "dvars_std": 1.2606488831213882,
  "dvars_vstd": 1.0241061222109822,
  "efc": 0.4556194851088664,
  "fber": 1649.297119140625,
  "fd_mean": 0.1414776265127462,
  "fd_num": 128,
  "fd_perc": 18.47041847041847,
  "fwhm_avg": 2.428769523809524,
  "fwhm_x": 2.496317142857143,
  "fwhm_y": 2.5159314285714283,
  "fwhm_z": 2.27406,
  "gcor": 0.0294296,
  "gsr_x": -0.01068970188498497,
  "gsr_y": 0.05381953716278076,
  "provenance": {
    "md5sum": "2cb367361abe5750ed154a1ac867a205",
    "settings": {
      "fd_thres": 0.2,
      "testing": false
    },
    "software": "mriqc",
    "version": "23.0.1",
    "webapi_port": null,
    "webapi_url": "https://mriqc.nimh.nih.gov/api/v1"
  },
  "size_t": 693,
  "size_x": 64,
  "size_y": 64,
  "size_z": 30,
  "snr": 2.9730222223145018,
  "spacing_tr": 2.0,
  "spacing_x": 3.5,
  "spacing_y": 3.5,
  "spacing_z": 5.0,
  "summary_bg_k": 43.56228355000533,
  "summary_bg_mad": 4.875685608269822,
  "summary_bg_mean": 26.9096736907959,
  "summary_bg_median": 13.18614673614502,
  "summary_bg_n": 79509.0,
  "summary_bg_p05": 9.623376846313477,
  "summary_bg_p95": 88.8020233154296,
  "summary_bg_stdv": 41.87480926513672,
  "summary_fg_k": 2.149178022559223,
  "summary_fg_mad": 153.55522654197813,
  "summary_fg_mean": 570.8619995117188,
  "summary_fg_median": 540.7698364257812,
  "summary_fg_n": 15832.0,
  "summary_fg_p05": 337.9023193359375,
  "summary_fg_p95": 928.5585144042968,
  "summary_fg_stdv": 181.8865509033203,
  "tsnr": 81.2466239137575
}