{
  "aor": 0.0018164539007092199,
  "aqi": 0.005286267460992909,
  "bids_meta": {
    "AcquisitionDateTime": "20150614131129.917500",
    "ConversionSoftware": "dicm2nii.m 20190112",
    "DeviceSerialNumber": "35353",
    "EchoTime": 0.033,
    "EffectiveEchoSpacing": 0.00059000113,
    "FlipAngle": 90,
    "ImageType": [
      "ORIGINAL",
      "PRIMARY",
      "M",
      "ND",
      "MOSAIC"
    ],
    "InstitutionAddress": "De Pintelaan 185,Gent /88C96F/,District,BE,9000",
    "InstitutionName": "UZ",
    "MRAcquisitionType": "2D",
    "Manufacturer": "SIEMENS",
    "Modality": "MR",
    "PatientAge": "022Y",
    "PatientPosition": "HFS",
    "PatientSex": "M",
    "PatientWeight": 83,
    "PhaseEncodingDirection": "j-",
    "RepetitionTime": 2,
    "ScanOptions": "FS",
    "ScanningSequence": "EP",
    "SequenceName": "*epfid2d1_64",
    "SequenceVariant": "SK",
    "SeriesDescription": "ep2d_bold",
    "SeriesNumber": 5,
    "SliceThickness": 4,
    "SliceTiming": [
      1.0025,
      0,
      1.07,
      0.065,
      1.1375,
      0.1325,
      1.2025,
      0.2,
      1.27,
      0.2675,
      1.3375,
      0.3325,
      1.405,
      0.4,
      1.47,
      0.4675,
      1.5375,
      0.535,
      1.605,
      0.6,
      1.6725,
      0.6675,
      1.74,
      0.735,
      1.805,
      0.8025,
      1.8725,
      0.87,
      1.94,
      0.935
    ],
    "SoftwareVersion": "syngo MR B17",
    "TaskName": "flanker",
    "TotalReadoutTime": 0.037170071,
    "dataset": "ds001751",
    "modality": "bold",
    "run_id": 1,
    "subject_id": "19",
    "task_id": "flanker"
  },
  "dummy_trs": 0,
  "dvars_nstd": 21.363546796519895,
  "dvars_std": 1.1989531194602276,
  "dvars_vstd": 0.9453050921164778,
  "efc": 0.48727550100687644,
  "fber": 1446.239013671875,
  "fd_mean": 0.13207965992206153,
  "fd_num": 112,
  "fd_perc": 15.886524822695035,
  "fwhm_avg": 2.617245714285714,
  "fwhm_x": 2.6934542857142856,
  "fwhm_y": 2.7026828571428574,
  "fwhm_z": 2.4556,
  "gcor": 0.038457,
  "gsr_x": -0.004503545351326466,
  "gsr_y": 0.06345268338918686,
  "provenance": {
    "md5sum": "be3e7392889afe6d6a2dbf86ad6d12e8",
    "settings": {
      "fd_thres": 0.2,
      "testing": false
    },
    "software": "mriqc",
    "version": "23.0.1",
    "webapi_port": null,
    "webapi_url": "https://mriqc.nimh.nih.gov/api/v1"
  },
  "size_t": 705,
  "size_x": 64,
  "size_y": 64,
  "size_z": 30,
  "snr": 2.590311355376304,
  "spacing_tr": 2.0,
  "spacing_x": 3.5,
  "spacing_y": 3.5,
  "spacing_z": 5.0,
  "summary_bg_k": 28.09078956577424,
  "summary_bg_mad": 6.508727464385648,
  "summary_bg_mean": 36.240623474121094,
  "summary_bg_median": 15.439715385437012,
  "summary_bg_n": 74357.0,
  "summary_bg_p05": 10.575602149963379,
  "summary_bg_p95": 146.52991943359373,
  "summary_bg_stdv": 59.49856948852539,
  "summary_fg_k": 1.7086981173866391,
  "summary_fg_mad": 204.0292399751208,
  "summary_fg_mean": 647.4913940429688,
  "summary_fg_median": 602.7333374023438,
  "summary_fg_n": 19567.0,
  "summary_fg_p05": 354.4218322753906,
  "summary_fg_p95": 1112.9140014648438,
  "summary_fg_stdv": 232.68165588378906,
  "tsnr": 49.697296984959394
}