{
  "aor": 0.00033907894736842105,
  "aqi": 0.003089014470394737,
  "bids_meta": {
    "AcquisitionDateTime": "20150612122734.765000",
    "ConversionSoftware": "dicm2nii.m 20190112",
    "DeviceSerialNumber": "35353",
    "EchoTime": 0.033,
    "EffectiveEchoSpacing": 0.00059000113,
    "FlipAngle": 90,
    "ImageType": [
      "ORIGINAL",
      "PRIMARY",
      "M",
      "ND",
      "MOSAIC"
    ],
    "InstitutionAddress": "De Pintelaan 185,Gent /88C96F/,District,BE,9000",
    "InstitutionName": "UZ",
    "MRAcquisitionType": "2D",
    "Manufacturer": "SIEMENS",
    "Modality": "MR",
    "PatientAge": "021Y",
    "PatientPosition": "HFS",
    "PatientSex": "M",
    "PatientWeight": 99,
    "PhaseEncodingDirection": "j-",
    "RepetitionTime": 2,
    "ScanOptions": "FS",
    "ScanningSequence": "EP",
    "SequenceName": "*epfid2d1_64",
    "SequenceVariant": "SK",
    "SeriesDescription": "ep2d_bold",
    "SeriesNumber": 6,
    "SliceThickness": 4,
    "SliceTiming": [
      1.0025,
      0,
      1.07,
      0.0675,
      1.1375,
      0.1325,
      1.205,
      0.2,
      1.2725,
      0.2675,
      1.3375,
      0.335,
      1.405,
      0.4025,
      1.4725,
      0.4675,
      1.54,
      0.535,
      1.605,
      0.6025,
      1.6725,
      0.67,
      1.74,
      0.735,
      1.8075,
      0.8025,
      1.8725,
      0.87,
      1.94,
      0.9375
    ],
    "SoftwareVersion": "syngo MR B17",
    "TaskName": "flanker",
    "TotalReadoutTime": 0.037170071,
    "dataset": "ds001751",
    "modality": "bold",
    "run_id": 2,
    "subject_id": "09",
    "task_id": "flanker"
  },
  "dummy_trs": 3,
  "dvars_nstd": 17.755151443789135,
  "dvars_std": 1.1785375798023054,
  "dvars_vstd": 0.9262021670345973,
  "efc": 0.47971423260860746,
  "fber": 1329.403564453125,
  "fd_mean": 0.12214076049265674,
  "fd_num": 57,
  "fd_perc": 9.375,
  "fwhm_avg": 2.6815228571428573,
  "fwhm_x": 2.755657142857143,
  "fwhm_y": 2.8079714285714283,
  "fwhm_z": 2.48094,
  "gcor": 0.0557538,
  "gsr_x": -0.015208041295409203,
  "gsr_y": 0.0660874992609024,
  "provenance": {
    "md5sum": "b44d19b9ea069646db3204550faa8467",
    "settings": {
      "fd_thres": 0.2,
      "testing": false
    },
    "software": "mriqc",
    "version": "23.0.1",
    "webapi_port": null,
    "webapi_url": "https://mriqc.nimh.nih.gov/api/v1"
  },
  "size_t": 608,
  "size_x": 64,
  "size_y": 64,
  "size_z": 30,
  "snr": 2.7255439526209435,
  "spacing_tr": 2.0,
  "spacing_x": 3.5,
  "spacing_y": 3.5,
  "spacing_z": 5.0,
  "summary_bg_k": 39.443521241796084,
  "summary_bg_mad": 7.651983309476048,
  "summary_bg_mean": 39.44070816040039,
  "summary_bg_median": 16.192434310913086,
  "summary_bg_n": 77908.0,
  "summary_bg_p05": 10.6266450881958,
  "summary_bg_p95": 159.40311965942368,
  "summary_bg_stdv": 61.60580062866211,
  "summary_fg_k": 1.1163023486173795,
  "summary_fg_mad": 204.7527596307642,
  "summary_fg_mean": 632.9182739257812,
  "summary_fg_median": 598.75,
  "summary_fg_n": 17111.0,
  "summary_fg_p05": 346.4580535888672,
  "summary_fg_p95": 1057.2360229492188,
  "summary_fg_stdv": 219.67449951171875,
  "tsnr": 76.09792493004352
}