{
  "aor": 0.0017317601246105915,
  "aqi": 0.003289944485981308,
  "bids_meta": {
    "AcquisitionDateTime": "20150605123306.202500",
    "ConversionSoftware": "dicm2nii.m 20190112",
    "DeviceSerialNumber": "35353",
    "EchoTime": 0.033,
    "EffectiveEchoSpacing": 0.00059000113,
    "FlipAngle": 90,
    "ImageType": [
      "ORIGINAL",
      "PRIMARY",
      "M",
      "ND",
      "MOSAIC"
    ],
    "InstitutionAddress": "De Pintelaan 185,Gent /88C96F/,District,BE,9000",
    "InstitutionName": "UZ",
    "MRAcquisitionType": "2D",
    "Manufacturer": "SIEMENS",
    "Modality": "MR",
    "PatientAge": "024Y",
    "PatientPosition": "HFS",
    "PatientSex": "M",
    "PatientWeight": 95,
    "PhaseEncodingDirection": "j-",
    "RepetitionTime": 2,
    "ScanOptions": "FS",
    "ScanningSequence": "EP",
    "SequenceName": "*epfid2d1_64",
    "SequenceVariant": "SK",
    "SeriesDescription": "ep2d_bold",
    "SeriesNumber": 6,
    "SliceThickness": 4,
    "SliceTiming": [
      1.005,
      0,
      1.07,
      0.0675,
      1.1375,
      0.135,
      1.205,
      0.2,
      1.2725,
      0.2675,
      1.3375,
      0.335,
      1.405,
      0.4025,
      1.4725,
      0.4675,
      1.54,
      0.535,
      1.605,
      0.6025,
      1.6725,
      0.67,
      1.74,
      0.735,
      1.8075,
      0.8025,
      1.8725,
      0.87,
      1.94,
      0.9375
    ],
    "SoftwareVersion": "syngo MR B17",
    "TaskName": "flanker",
    "TotalReadoutTime": 0.037170071,
    "dataset": "ds001751",
    "modality": "bold",
    "run_id": 2,
    "subject_id": "20",
    "task_id": "flanker"
  },
  "dummy_trs": 0,
  "dvars_nstd": 20.41429284439937,
  "dvars_std": 1.3084949736193447,
  "dvars_vstd": 1.005211304414976,
  "efc": 0.4834918507038721,
  "fber": 1515.0263671875,
  "fd_mean": 0.16667946897174377,
  "fd_num": 200,
  "fd_perc": 31.152647975077883,
  "fwhm_avg": 2.553947619047619,
  "fwhm_x": 2.5940771428571425,
  "fwhm_y": 2.706365714285714,
  "fwhm_z": 2.3614,
  "gcor": 0.0717897,
  "gsr_x": -0.016752375289797783,
  "gsr_y": 0.061514031141996384,
  "provenance": {
    "md5sum": "448aa38d9f8c8d2cd7389d59f27e9cc8",
    "settings": {
      "fd_thres": 0.2,
      "testing": false
    },
    "software": "mriqc",
    "version": "23.0.1",
    "webapi_port": null,
    "webapi_url": "https://mriqc.nimh.nih.gov/api/v1"
  },
  "size_t": 642,
  "size_x": 64,
  "size_y": 64,
  "size_z": 30,
  "snr": 2.634288617674422,
  "spacing_tr": 2.0,
  "spacing_x": 3.5,
  "spacing_y": 3.5,
  "spacing_z": 5.0,
  "summary_bg_k": 28.73079188386214,
  "summary_bg_mad": 6.092062308434167,
  "summary_bg_mean": 36.36566162109375,
  "summary_bg_median": 15.099687576293945,
  "summary_bg_n": 75588.0,
  "summary_bg_p05": 10.559189796447754,
  "summary_bg_p95": 155.5256172180173,
  "summary_bg_stdv": 61.12801742553711,
  "summary_fg_k": 1.6729944902242995,
  "summary_fg_mad": 199.99420736865875,
  "summary_fg_mean": 636.1480712890625,
  "summary_fg_median": 595.1292724609375,
  "summary_fg_n": 18697.0,
  "summary_fg_p05": 347.875390625,
  "summary_fg_p95": 1072.5398437500005,
  "summary_fg_stdv": 225.91046142578125,
  "tsnr": 72.53112001530826
}