{
  "aor": 0.004059713055954089,
  "aqi": 0.009407139426111908,
  "bids_meta": {
    "AcquisitionDateTime": "20150612142839.655000",
    "ConversionSoftware": "dicm2nii.m 20190112",
    "DeviceSerialNumber": "35353",
    "EchoTime": 0.033,
    "EffectiveEchoSpacing": 0.00059000113,
    "FlipAngle": 90,
    "ImageType": [
      "ORIGINAL",
      "PRIMARY",
      "M",
      "ND",
      "MOSAIC"
    ],
    "InstitutionAddress": "De Pintelaan 185,Gent /88C96F/,District,BE,9000",
    "InstitutionName": "UZ",
    "MRAcquisitionType": "2D",
    "Manufacturer": "SIEMENS",
    "Modality": "MR",
    "PatientAge": "022Y",
    "PatientPosition": "HFS",
    "PatientSex": "F",
    "PatientWeight": 70,
    "PhaseEncodingDirection": "j-",
    "RepetitionTime": 2,
    "ScanOptions": "FS",
    "ScanningSequence": "EP",
    "SequenceName": "*epfid2d1_64",
    "SequenceVariant": "SK",
    "SeriesDescription": "ep2d_bold",
    "SeriesNumber": 5,
    "SliceThickness": 4,
    "SliceTiming": [
      1.0025,
      0,
      1.07,
      0.0675,
      1.1375,
      0.1325,
      1.205,
      0.2,
      1.2725,
      0.2675,
      1.3375,
      0.335,
      1.405,
      0.4025,
      1.4725,
      0.4675,
      1.54,
      0.535,
      1.605,
      0.6025,
      1.6725,
      0.67,
      1.74,
      0.735,
      1.8075,
      0.8025,
      1.8725,
      0.87,
      1.94,
      0.9375
    ],
    "SoftwareVersion": "syngo MR B17",
    "TaskName": "flanker",
    "TotalReadoutTime": 0.037170071,
    "dataset": "ds001751",
    "modality": "bold",
    "run_id": 1,
    "subject_id": "17",
    "task_id": "flanker"
  },
  "dummy_trs": 1,
  "dvars_nstd": 27.227649416020085,
  "dvars_std": 1.178208145043104,
  "dvars_vstd": 0.9800273273850569,
  "efc": 0.44109547406747734,
  "fber": 2076.590087890625,
  "fd_mean": 0.29804813671716035,
  "fd_num": 434,
  "fd_perc": 62.26685796269727,
  "fwhm_avg": 2.341837142857143,
  "fwhm_x": 2.4311857142857143,
  "fwhm_y": 2.4573657142857144,
  "fwhm_z": 2.1369599999999997,
  "gcor": 0.0243256,
  "gsr_x": -0.00809321179986,
  "gsr_y": 0.028101088479161263,
  "provenance": {
    "md5sum": "c05414313e8bd0fa0e452eba0e62418d",
    "settings": {
      "fd_thres": 0.2,
      "testing": false
    },
    "software": "mriqc",
    "version": "23.0.1",
    "webapi_port": null,
    "webapi_url": "https://mriqc.nimh.nih.gov/api/v1"
  },
  "size_t": 697,
  "size_x": 64,
  "size_y": 64,
  "size_z": 30,
  "snr": 3.067851075271441,
  "spacing_tr": 2.0,
  "spacing_x": 3.5,
  "spacing_y": 3.5,
  "spacing_z": 5.0,
  "summary_bg_k": 64.18448679453815,
  "summary_bg_mad": 5.102960467893549,
  "summary_bg_mean": 24.327835083007812,
  "summary_bg_median": 12.80057430267334,
  "summary_bg_n": 79388.0,
  "summary_bg_p05": 7.731707572937012,
  "summary_bg_p95": 78.51779060363765,
  "summary_bg_stdv": 39.326324462890625,
  "summary_fg_k": 1.149760161201769,
  "summary_fg_mad": 170.2397273472193,
  "summary_fg_mean": 613.9260864257812,
  "summary_fg_median": 580.5380249023438,
  "summary_fg_n": 16179.0,
  "summary_fg_p05": 363.68650817871094,
  "summary_fg_p95": 973.8008728027332,
  "summary_fg_stdv": 189.22694396972656,
  "tsnr": 37.38120578415692
}