{
  "bids_meta": {
    "AcquisitionDateTime": "20150607103611.190000",
    "ConversionSoftware": "dicm2nii.m 20190112",
    "DeviceSerialNumber": "35353",
    "EchoTime": 0.00418,
    "FlipAngle": 9,
    "ImageType": [
      "ORIGINAL",
      "PRIMARY",
      "M",
      "ND",
      "NORM"
    ],
    "InstitutionAddress": "De Pintelaan 185,Gent /88C96F/,District,BE,9000",
    "InstitutionName": "UZ",
    "InversionTime": 0.9,
    "MRAcquisitionType": "3D",
    "Manufacturer": "SIEMENS",
    "Modality": "MR",
    "PatientAge": "023Y",
    "PatientPosition": "HFS",
    "PatientSex": "M",
    "PatientWeight": 85,
    "PhaseEncodingDirection": "j-",
    "RepetitionTime": 2.25,
    "ScanOptions": "IR",
    "ScanningSequence": "GR\\IR",
    "SequenceName": "*tfl3d1_ns",
    "SequenceVariant": "SP\\MP",
    "SeriesDescription": "T1_mprage",
    "SeriesNumber": 2,
    "SliceThickness": 1,
    "SoftwareVersion": "syngo MR B17",
    "dataset": "ds001751",
    "modality": "T1w",
    "subject_id": "10"
  },
  "cjv": 0.3418521046023258,
  "cnr": 3.8653317448682776,
  "efc": 0.5115976283486797,
  "fber": 15188.039943914368,
  "fwhm_avg": 3.9172,
  "fwhm_x": 3.99798,
  "fwhm_y": 4.07335,
  "fwhm_z": 3.68027,
  "icvs_csf": 0.2077271108713332,
  "icvs_gm": 0.4658323935136717,
  "icvs_wm": 0.3264404956149951,
  "inu_med": 0.514884889125824,
  "inu_range": 0.2225703060626984,
  "provenance": {
    "md5sum": "da1b5d32c507aacca290b82dd7d0b5a1",
    "settings": {
      "testing": false
    },
    "software": "mriqc",
    "version": "23.0.1",
    "warnings": {
      "large_rot_frame": true,
      "small_air_mask": false
    },
    "webapi_port": null,
    "webapi_url": "https://mriqc.nimh.nih.gov/api/v1"
  },
  "qi_1": 0.0,
  "qi_2": 0.009112023565946764,
  "rpve_csf": 24.561785973841104,
  "rpve_gm": 11.794713515787642,
  "rpve_wm": 18.473957115701186,
  "size_x": 176,
  "size_y": 256,
  "size_z": 256,
  "snr_csf": 2.111980532584063,
  "snr_gm": 11.492222563266896,
  "snr_total": 12.456629657506454,
  "snr_wm": 23.7656858766684,
  "snrd_csf": 26.202903466917643,
  "snrd_gm": 77.47432179907034,
  "snrd_total": 70.92629685758303,
  "snrd_wm": 109.10166530676109,
  "spacing_x": 1.0,
  "spacing_y": 1.0,
  "spacing_z": 1.0,
  "summary_bg_k": 687.239649132954,
  "summary_bg_mad": 0.0,
  "summary_bg_mean": 3.7169608374060052,
  "summary_bg_median": 0.0,
  "summary_bg_n": 3818415.0,
  "summary_bg_p05": 0.0,
  "summary_bg_p95": 13.098195604979992,
  "summary_bg_stdv": 6.004824769723766,
  "summary_csf_k": 1.5905560646362096,
  "summary_csf_mad": 93.99396709669833,
  "summary_csf_mean": 249.27706775261132,
  "summary_csf_median": 240.16959487646818,
  "summary_csf_n": 37246.0,
  "summary_csf_p05": 70.3859222587198,
  "summary_csf_p95": 456.28982235863805,
  "summary_csf_stdv": 113.71618585035637,
  "summary_gm_k": 0.11509726130494125,
  "summary_gm_mad": 60.18016295903625,
  "summary_gm_mean": 709.2412003713478,
  "summary_gm_median": 710.1112479120493,
  "summary_gm_n": 53197.0,
  "summary_gm_p05": 605.0502158656716,
  "summary_gm_p95": 810.0140214830636,
  "summary_gm_stdv": 61.79001229893984,
  "summary_wm_k": 0.7261087028638014,
  "summary_wm_mad": 38.91890778189171,
  "summary_wm_mean": 998.3473387237246,
  "summary_wm_median": 999.999972909689,
  "summary_wm_n": 175823.0,
  "summary_wm_p05": 926.4610313996673,
  "summary_wm_p95": 1063.8165424242616,
  "summary_wm_stdv": 42.07735195719458,
  "tpm_overlap_csf": 0.14886961320568137,
  "tpm_overlap_gm": 0.46241570868219894,
  "tpm_overlap_wm": 0.47989590719536107,
  "wm2max": 0.7192859317467811
}