{
  "bids_meta": {
    "AcquisitionDateTime": "20150607160234.200000",
    "ConversionSoftware": "dicm2nii.m 20190112",
    "DeviceSerialNumber": "35353",
    "EchoTime": 0.00418,
    "FlipAngle": 9,
    "ImageType": [
      "ORIGINAL",
      "PRIMARY",
      "M",
      "ND",
      "NORM"
    ],
    "InstitutionAddress": "De Pintelaan 185,Gent /88C96F/,District,BE,9000",
    "InstitutionName": "UZ",
    "InversionTime": 0.9,
    "MRAcquisitionType": "3D",
    "Manufacturer": "SIEMENS",
    "Modality": "MR",
    "PatientAge": "020Y",
    "PatientPosition": "HFS",
    "PatientSex": "F",
    "PatientWeight": 73,
    "PhaseEncodingDirection": "j-",
    "RepetitionTime": 2.25,
    "ScanOptions": "IR",
    "ScanningSequence": "GR\\IR",
    "SequenceName": "*tfl3d1_ns",
    "SequenceVariant": "SP\\MP",
    "SeriesDescription": "T1_mprage",
    "SeriesNumber": 2,
    "SliceThickness": 1,
    "SoftwareVersion": "syngo MR B17",
    "dataset": "ds001751",
    "modality": "T1w",
    "subject_id": "12"
  },
  "cjv": 0.2991332537563269,
  "cnr": 4.260614701070911,
  "efc": 0.47078871944609596,
  "fber": 13434.640062326871,
  "fwhm_avg": 3.9433466666666668,
  "fwhm_x": 4.03902,
  "fwhm_y": 4.15051,
  "fwhm_z": 3.64051,
  "icvs_csf": 0.19641249949332212,
  "icvs_gm": 0.4701099846338417,
  "icvs_wm": 0.33347751587283625,
  "inu_med": 0.5690554976463318,
  "inu_range": 0.23591125607490537,
  "provenance": {
    "md5sum": "ad33aa7116f1731563df56d57b92a783",
    "settings": {
      "testing": false
    },
    "software": "mriqc",
    "version": "23.0.1",
    "warnings": {
      "large_rot_frame": true,
      "small_air_mask": false
    },
    "webapi_port": null,
    "webapi_url": "https://mriqc.nimh.nih.gov/api/v1"
  },
  "qi_1": 2.0558078020014608e-05,
  "qi_2": 0.01462637048506813,
  "rpve_csf": 27.020271671994493,
  "rpve_gm": 12.20709773023607,
  "rpve_wm": 18.814144031847228,
  "size_x": 176,
  "size_y": 256,
  "size_z": 256,
  "snr_csf": 2.0792072222642988,
  "snr_gm": 12.001863868479473,
  "snr_total": 12.780530709660873,
  "snr_wm": 24.26052103823885,
  "snrd_csf": 32.902092102920115,
  "snrd_gm": 91.58742716622848,
  "snrd_total": 85.35391713025514,
  "snrd_wm": 131.57223212161685,
  "spacing_x": 1.0,
  "spacing_y": 1.0,
  "spacing_z": 1.0,
  "summary_bg_k": 12.749250006994782,
  "summary_bg_mad": 0.0,
  "summary_bg_mean": 3.357827842419686,
  "summary_bg_median": 0.0,
  "summary_bg_n": 3560276.0,
  "summary_bg_p05": 0.0,
  "summary_bg_p95": 12.668223347514868,
  "summary_bg_stdv": 4.979290892903189,
  "summary_csf_k": 1.4398772602330734,
  "summary_csf_mad": 105.36208022186588,
  "summary_csf_mean": 263.32586147012853,
  "summary_csf_median": 250.06866900622845,
  "summary_csf_n": 31455.0,
  "summary_csf_p05": 83.41458609066903,
  "summary_csf_p95": 485.36117722988126,
  "summary_csf_stdv": 120.26925035386967,
  "summary_gm_k": 0.4205657276288779,
  "summary_gm_mad": 54.462524559128745,
  "summary_gm_mean": 696.4020424878096,
  "summary_gm_median": 696.0999907702208,
  "summary_gm_n": 40592.0,
  "summary_gm_p05": 601.8453192541376,
  "summary_gm_p95": 792.5707430914044,
  "summary_gm_stdv": 57.9986095489757,
  "summary_wm_k": 1.38098136299112,
  "summary_wm_mad": 36.444081854519794,
  "summary_wm_mean": 999.5154502957445,
  "summary_wm_median": 1000.0000261962414,
  "summary_wm_n": 170231.0,
  "summary_wm_p05": 932.4018371142447,
  "summary_wm_p95": 1064.920379448682,
  "summary_wm_stdv": 41.2191101514401,
  "tpm_overlap_csf": 0.1431542697481929,
  "tpm_overlap_gm": 0.4707922790927244,
  "tpm_overlap_wm": 0.49107127672575207,
  "wm2max": 0.5415938418058086
}