{
  "bids_meta": {
    "AcquisitionDateTime": "20150614130231.190000",
    "ConversionSoftware": "dicm2nii.m 20190112",
    "DeviceSerialNumber": "35353",
    "EchoTime": 0.00418,
    "FlipAngle": 9,
    "ImageType": [
      "ORIGINAL",
      "PRIMARY",
      "M",
      "ND",
      "NORM"
    ],
    "InstitutionAddress": "De Pintelaan 185,Gent /88C96F/,District,BE,9000",
    "InstitutionName": "UZ",
    "InversionTime": 0.9,
    "MRAcquisitionType": "3D",
    "Manufacturer": "SIEMENS",
    "Modality": "MR",
    "PatientAge": "022Y",
    "PatientPosition": "HFS",
    "PatientSex": "M",
    "PatientWeight": 83,
    "PhaseEncodingDirection": "j-",
    "RepetitionTime": 2.25,
    "ScanOptions": "IR",
    "ScanningSequence": "GR\\IR",
    "SequenceName": "*tfl3d1_ns",
    "SequenceVariant": "SP\\MP",
    "SeriesDescription": "T1_mprage",
    "SeriesNumber": 2,
    "SliceThickness": 1,
    "SoftwareVersion": "syngo MR B17",
    "dataset": "ds001751",
    "modality": "T1w",
    "subject_id": "19"
  },
  "cjv": 0.3596585452958429,
  "cnr": 3.6230884549115263,
  "efc": 0.5322964003508386,
  "fber": 12927.826168023235,
  "fwhm_avg": 3.89922,
  "fwhm_x": 4.00126,
  "fwhm_y": 3.97616,
  "fwhm_z": 3.72024,
  "icvs_csf": 0.22569702887515594,
  "icvs_gm": 0.4401236731178006,
  "icvs_wm": 0.33417929800704343,
  "inu_med": 0.5699309408664703,
  "inu_range": 0.24607939720153793,
  "provenance": {
    "md5sum": "9a30fe81d46cba68a707fedd98835c8e",
    "settings": {
      "testing": false
    },
    "software": "mriqc",
    "version": "23.0.1",
    "warnings": {
      "large_rot_frame": true,
      "small_air_mask": false
    },
    "webapi_port": null,
    "webapi_url": "https://mriqc.nimh.nih.gov/api/v1"
  },
  "qi_1": 0.0,
  "qi_2": 0.01263861563804163,
  "rpve_csf": 19.834900794854683,
  "rpve_gm": 10.585212359818659,
  "rpve_wm": 15.908697186621167,
  "size_x": 176,
  "size_y": 256,
  "size_z": 256,
  "snr_csf": 2.1417595243955008,
  "snr_gm": 11.194844585859338,
  "snr_total": 12.958319200430774,
  "snr_wm": 25.538353491037487,
  "snrd_csf": 34.0697279787584,
  "snrd_gm": 102.09447104745784,
  "snrd_total": 92.3132853942969,
  "snrd_wm": 140.77565715667444,
  "spacing_x": 1.0,
  "spacing_y": 1.0,
  "spacing_z": 1.0,
  "summary_bg_k": 10.906622193639846,
  "summary_bg_mad": 0.0,
  "summary_bg_mean": 3.1781574943052116,
  "summary_bg_median": 0.0,
  "summary_bg_n": 2892708.0,
  "summary_bg_p05": 0.0,
  "summary_bg_p95": 11.7340287566185,
  "summary_bg_stdv": 4.653762002126813,
  "summary_csf_k": 6.443477198575687,
  "summary_csf_mad": 95.19968672540305,
  "summary_csf_mean": 251.56549717958944,
  "summary_csf_median": 242.01434310525656,
  "summary_csf_n": 57949.0,
  "summary_csf_p05": 85.49543730169535,
  "summary_csf_p95": 452.5032622843979,
  "summary_csf_stdv": 112.99693180907592,
  "summary_gm_k": 0.1850388170899131,
  "summary_gm_mad": 62.580504725582216,
  "summary_gm_mean": 724.3543473860013,
  "summary_gm_median": 725.2281662076712,
  "summary_gm_n": 50084.0,
  "summary_gm_p05": 615.8409425765276,
  "summary_gm_p95": 830.8018304929137,
  "summary_gm_stdv": 64.78168772162533,
  "summary_wm_k": 0.9351257073802852,
  "summary_wm_mad": 36.243535555356495,
  "summary_wm_mean": 1000.738002396226,
  "summary_wm_median": 1000.0000062584877,
  "summary_wm_n": 224264.0,
  "summary_wm_p05": 938.2659771889448,
  "summary_wm_p95": 1065.319433003664,
  "summary_wm_stdv": 39.15670511380919,
  "tpm_overlap_csf": 0.15879555337645865,
  "tpm_overlap_gm": 0.4655232222530214,
  "tpm_overlap_wm": 0.4909317143691245,
  "wm2max": 0.5957744290818704
}