{
  "bids_meta": {
    "AcquisitionDateTime": "20150607171252.192500",
    "ConversionSoftware": "dicm2nii.m 20190112",
    "DeviceSerialNumber": "35353",
    "EchoTime": 0.00418,
    "FlipAngle": 9,
    "ImageType": [
      "ORIGINAL",
      "PRIMARY",
      "M",
      "ND",
      "NORM"
    ],
    "InstitutionAddress": "De Pintelaan 185,Gent /88C96F/,District,BE,9000",
    "InstitutionName": "UZ",
    "InversionTime": 0.9,
    "MRAcquisitionType": "3D",
    "Manufacturer": "SIEMENS",
    "Modality": "MR",
    "PatientAge": "022Y",
    "PatientPosition": "HFS",
    "PatientSex": "F",
    "PatientWeight": 66,
    "PhaseEncodingDirection": "j-",
    "RepetitionTime": 2.25,
    "ScanOptions": "IR",
    "ScanningSequence": "GR\\IR",
    "SequenceName": "*tfl3d1_ns",
    "SequenceVariant": "SP\\MP",
    "SeriesDescription": "T1_mprage",
    "SeriesNumber": 2,
    "SliceThickness": 1,
    "SoftwareVersion": "syngo MR B17",
    "dataset": "ds001751",
    "modality": "T1w",
    "subject_id": "05"
  },
  "cjv": 0.33198926927052647,
  "cnr": 3.9144428398945585,
  "efc": 0.4492514891491489,
  "fber": 22545.540261593338,
  "fwhm_avg": 3.9157399999999996,
  "fwhm_x": 3.9504,
  "fwhm_y": 4.14966,
  "fwhm_z": 3.64716,
  "icvs_csf": 0.2258566228839136,
  "icvs_gm": 0.43675427290213875,
  "icvs_wm": 0.33738910421394763,
  "inu_med": 0.5209058225154877,
  "inu_range": 0.16706034839153294,
  "provenance": {
    "md5sum": "b5b9a16984749535472882958de4c327",
    "settings": {
      "testing": false
    },
    "software": "mriqc",
    "version": "23.0.1",
    "warnings": {
      "large_rot_frame": true,
      "small_air_mask": false
    },
    "webapi_port": null,
    "webapi_url": "https://mriqc.nimh.nih.gov/api/v1"
  },
  "qi_1": 8.994460230176415e-06,
  "qi_2": 0.012516435782008641,
  "rpve_csf": 27.365096717523727,
  "rpve_gm": 14.651711307038214,
  "rpve_wm": 21.74885542636908,
  "size_x": 176,
  "size_y": 256,
  "size_z": 256,
  "snr_csf": 2.174543800697784,
  "snr_gm": 11.353760773630185,
  "snr_total": 13.220497897144549,
  "snr_wm": 26.133189117105683,
  "snrd_csf": 39.0380982989348,
  "snrd_gm": 107.01556142423985,
  "snrd_total": 98.78926106770166,
  "snrd_wm": 150.3141234799303,
  "spacing_x": 1.0,
  "spacing_y": 1.0,
  "spacing_z": 1.0,
  "summary_bg_k": 14.991352975250855,
  "summary_bg_mad": 0.0,
  "summary_bg_mean": 2.7539389970018977,
  "summary_bg_median": 0.0,
  "summary_bg_n": 3431338.0,
  "summary_bg_p05": 0.0,
  "summary_bg_p95": 11.528344128280878,
  "summary_bg_stdv": 4.358448874625916,
  "summary_csf_k": 0.38318346318672214,
  "summary_csf_mad": 106.49010468924932,
  "summary_csf_mean": 264.9715502076548,
  "summary_csf_median": 259.7101238742471,
  "summary_csf_n": 29827.0,
  "summary_csf_p05": 64.35498233400286,
  "summary_csf_p95": 476.63900112658695,
  "summary_csf_stdv": 119.43000189122412,
  "summary_gm_k": 0.28143555852859903,
  "summary_gm_mad": 59.802701520282206,
  "summary_gm_mean": 712.7640043203062,
  "summary_gm_median": 711.9461737386882,
  "summary_gm_n": 28849.0,
  "summary_gm_p05": 609.0008976258338,
  "summary_gm_p95": 818.7084407486021,
  "summary_gm_stdv": 62.704671046301165,
  "summary_wm_k": 0.6149132824519388,
  "summary_wm_mad": 35.828089082163956,
  "summary_wm_mean": 1000.7328729846801,
  "summary_wm_median": 1000.0000340715051,
  "summary_wm_n": 159072.0,
  "summary_wm_p05": 939.7018940895796,
  "summary_wm_p95": 1064.811507884413,
  "summary_wm_stdv": 38.26539831608856,
  "tpm_overlap_csf": 0.155848105422873,
  "tpm_overlap_gm": 0.47661987312718135,
  "tpm_overlap_wm": 0.5127910582292077,
  "wm2max": 0.6806157734908459
}