{
  "bids_meta": {
    "AcquisitionDateTime": "20150614161027.195000",
    "ConversionSoftware": "dicm2nii.m 20190112",
    "DeviceSerialNumber": "35353",
    "EchoTime": 0.00418,
    "FlipAngle": 9,
    "ImageType": [
      "ORIGINAL",
      "PRIMARY",
      "M",
      "ND",
      "NORM"
    ],
    "InstitutionAddress": "De Pintelaan 185,Gent /88C96F/,District,BE,9000",
    "InstitutionName": "UZ",
    "InversionTime": 0.9,
    "MRAcquisitionType": "3D",
    "Manufacturer": "SIEMENS",
    "Modality": "MR",
    "PatientAge": "021Y",
    "PatientPosition": "HFS",
    "PatientSex": "F",
    "PatientWeight": 78,
    "PhaseEncodingDirection": "j-",
    "RepetitionTime": 2.25,
    "ScanOptions": "IR",
    "ScanningSequence": "GR\\IR",
    "SequenceName": "*tfl3d1_ns",
    "SequenceVariant": "SP\\MP",
    "SeriesDescription": "T1_mprage",
    "SeriesNumber": 2,
    "SliceThickness": 1,
    "SoftwareVersion": "syngo MR B17",
    "dataset": "ds001751",
    "modality": "T1w",
    "subject_id": "03"
  },
  "cjv": 0.3151644129432206,
  "cnr": 4.130844839048532,
  "efc": 0.4853174124695185,
  "fber": 15186.073593263452,
  "fwhm_avg": 3.9396,
  "fwhm_x": 4.03226,
  "fwhm_y": 4.14328,
  "fwhm_z": 3.64326,
  "icvs_csf": 0.18606928892300154,
  "icvs_gm": 0.46560154314254243,
  "icvs_wm": 0.34832916793445606,
  "inu_med": 0.5464889705181122,
  "inu_range": 0.21561613976955402,
  "provenance": {
    "md5sum": "a01ed071a1478bf5a5d2b86ad31c43c1",
    "settings": {
      "testing": false
    },
    "software": "mriqc",
    "version": "23.0.1",
    "warnings": {
      "large_rot_frame": true,
      "small_air_mask": false
    },
    "webapi_port": null,
    "webapi_url": "https://mriqc.nimh.nih.gov/api/v1"
  },
  "qi_1": 2.1357533656421967e-06,
  "qi_2": 0.01274115397523902,
  "rpve_csf": 28.01888314450189,
  "rpve_gm": 12.330988995760272,
  "rpve_wm": 18.35314370634186,
  "size_x": 176,
  "size_y": 256,
  "size_z": 256,
  "snr_csf": 1.9728236575190077,
  "snr_gm": 11.148810571388056,
  "snr_total": 13.013398616678494,
  "snr_wm": 25.91856162112842,
  "snrd_csf": 39.12110854796848,
  "snrd_gm": 104.33256052453976,
  "snrd_total": 97.76875579854517,
  "snrd_wm": 149.8525983231273,
  "spacing_x": 1.0,
  "spacing_y": 1.0,
  "spacing_z": 1.0,
  "summary_bg_k": 63.7756548105875,
  "summary_bg_mad": 0.0,
  "summary_bg_mean": 2.5450260809053002,
  "summary_bg_median": 0.0,
  "summary_bg_n": 3044042.0,
  "summary_bg_p05": 0.0,
  "summary_bg_p95": 10.79955143481493,
  "summary_bg_stdv": 4.3718721746344436,
  "summary_csf_k": 0.18597185282715545,
  "summary_csf_mad": 134.10173988354381,
  "summary_csf_mean": 264.6700916740243,
  "summary_csf_median": 261.0639340169728,
  "summary_csf_n": 26336.0,
  "summary_csf_p05": 58.80467917770147,
  "summary_csf_p95": 490.666563520208,
  "summary_csf_stdv": 132.32757857841233,
  "summary_gm_k": 0.24526802595089325,
  "summary_gm_mad": 60.1497972338588,
  "summary_gm_mean": 696.5931978610522,
  "summary_gm_median": 696.2345830053091,
  "summary_gm_n": 47477.0,
  "summary_gm_p05": 593.8150981813669,
  "summary_gm_p95": 799.8397752568126,
  "summary_gm_stdv": 62.44856760038558,
  "summary_wm_k": 0.7217097678421887,
  "summary_wm_mad": 35.586254445624206,
  "summary_wm_mean": 1000.8757947066259,
  "summary_wm_median": 1000.0000074878335,
  "summary_wm_n": 189983.0,
  "summary_wm_p05": 939.3686979487538,
  "summary_wm_p95": 1065.7587004974484,
  "summary_wm_stdv": 38.58228671357837,
  "tpm_overlap_csf": 0.13979216669767583,
  "tpm_overlap_gm": 0.4859542296980678,
  "tpm_overlap_wm": 0.5162108635043041,
  "wm2max": 0.5618473172488296
}