{
  "bids_meta": {
    "AcquisitionDateTime": "20150614143809.182500",
    "ConversionSoftware": "dicm2nii.m 20190112",
    "DeviceSerialNumber": "35353",
    "EchoTime": 0.00418,
    "FlipAngle": 9,
    "ImageType": [
      "ORIGINAL",
      "PRIMARY",
      "M",
      "ND",
      "NORM"
    ],
    "InstitutionAddress": "De Pintelaan 185,Gent /88C96F/,District,BE,9000",
    "InstitutionName": "UZ",
    "InversionTime": 0.9,
    "MRAcquisitionType": "3D",
    "Manufacturer": "SIEMENS",
    "Modality": "MR",
    "PatientAge": "021Y",
    "PatientPosition": "HFS",
    "PatientSex": "F",
    "PatientWeight": 78,
    "PhaseEncodingDirection": "j-",
    "RepetitionTime": 2.25,
    "ScanOptions": "IR",
    "ScanningSequence": "GR\\IR",
    "SequenceName": "*tfl3d1_ns",
    "SequenceVariant": "SP\\MP",
    "SeriesDescription": "T1_mprage",
    "SeriesNumber": 2,
    "SliceThickness": 1,
    "SoftwareVersion": "syngo MR B17",
    "dataset": "ds001751",
    "modality": "T1w",
    "subject_id": "16"
  },
  "cjv": 0.32532422147655143,
  "cnr": 3.966987543354366,
  "efc": 0.48113167285483704,
  "fber": 17920.89992865636,
  "fwhm_avg": 3.9176766666666665,
  "fwhm_x": 4.03411,
  "fwhm_y": 4.07393,
  "fwhm_z": 3.64499,
  "icvs_csf": 0.2259703051146419,
  "icvs_gm": 0.4463833305684543,
  "icvs_wm": 0.3276463643169038,
  "inu_med": 0.5230931043624878,
  "inu_range": 0.171287727355957,
  "provenance": {
    "md5sum": "bce6a6edf4f2e6295c5d78b72d25e1aa",
    "settings": {
      "testing": false
    },
    "software": "mriqc",
    "version": "23.0.1",
    "warnings": {
      "large_rot_frame": true,
      "small_air_mask": false
    },
    "webapi_port": null,
    "webapi_url": "https://mriqc.nimh.nih.gov/api/v1"
  },
  "qi_1": 0.00023855877594669445,
  "qi_2": 0.014031577919775854,
  "rpve_csf": 24.958477470985606,
  "rpve_gm": 12.865173894481954,
  "rpve_wm": 19.43180665935292,
  "size_x": 176,
  "size_y": 256,
  "size_z": 256,
  "snr_csf": 2.3138024644704847,
  "snr_gm": 11.946644596593487,
  "snr_total": 13.082347902320976,
  "snr_wm": 24.98659664589896,
  "snrd_csf": 29.032554869882347,
  "snrd_gm": 80.52380910187622,
  "snrd_total": 74.12250461360942,
  "snrd_wm": 112.8111498690697,
  "spacing_x": 1.0,
  "spacing_y": 1.0,
  "spacing_z": 1.0,
  "summary_bg_k": 21.809426637171352,
  "summary_bg_mad": 0.0,
  "summary_bg_mean": 2.7905643968842675,
  "summary_bg_median": 0.0,
  "summary_bg_n": 3061108.0,
  "summary_bg_p05": 0.0,
  "summary_bg_p95": 13.136190555989742,
  "summary_bg_stdv": 5.807372793519446,
  "summary_csf_k": 0.6687340160853523,
  "summary_csf_mad": 92.48755740394355,
  "summary_csf_mean": 262.71723788871213,
  "summary_csf_median": 257.3553679473698,
  "summary_csf_n": 54081.0,
  "summary_csf_p05": 78.33728249371052,
  "summary_csf_p95": 465.015147421509,
  "summary_csf_stdv": 111.2251337515189,
  "summary_gm_k": 0.3081515888831099,
  "summary_gm_mad": 56.64862890991542,
  "summary_gm_mean": 712.045724622933,
  "summary_gm_median": 713.7930028140545,
  "summary_gm_n": 40278.0,
  "summary_gm_p05": 610.3530000112951,
  "summary_gm_p95": 807.9701917966828,
  "summary_gm_stdv": 59.74766689994434,
  "summary_wm_k": 0.8718291073622466,
  "summary_wm_mad": 36.46144089963159,
  "summary_wm_mean": 1000.243535126088,
  "summary_wm_median": 1000.0000039003789,
  "summary_wm_n": 170704.0,
  "summary_wm_p05": 935.4932106187567,
  "summary_wm_p95": 1066.2507914304733,
  "summary_wm_stdv": 40.021339801530594,
  "tpm_overlap_csf": 0.13924177058234163,
  "tpm_overlap_gm": 0.4697693546857207,
  "tpm_overlap_wm": 0.4898535861712736,
  "wm2max": 0.5863639561057963
}