{
  "aor": 0.0019107440476190478,
  "aqi": 0.004467236369047619,
  "bids_meta": {
    "AcquisitionDateTime": "20150612120436.212500",
    "ConversionSoftware": "dicm2nii.m 20190112",
    "DeviceSerialNumber": "35353",
    "EchoTime": 0.033,
    "EffectiveEchoSpacing": 0.00059000113,
    "FlipAngle": 90,
    "ImageType": [
      "ORIGINAL",
      "PRIMARY",
      "M",
      "ND",
      "MOSAIC"
    ],
    "InstitutionAddress": "De Pintelaan 185,Gent /88C96F/,District,BE,9000",
    "InstitutionName": "UZ",
    "MRAcquisitionType": "2D",
    "Manufacturer": "SIEMENS",
    "Modality": "MR",
    "PatientAge": "021Y",
    "PatientPosition": "HFS",
    "PatientSex": "M",
    "PatientWeight": 99,
    "PhaseEncodingDirection": "j-",
    "RepetitionTime": 2,
    "ScanOptions": "FS",
    "ScanningSequence": "EP",
    "SequenceName": "*epfid2d1_64",
    "SequenceVariant": "SK",
    "SeriesDescription": "ep2d_bold",
    "SeriesNumber": 5,
    "SliceThickness": 4,
    "SliceTiming": [
      1.005,
      0,
      1.0725,
      0.0675,
      1.1375,
      0.135,
      1.205,
      0.2025,
      1.2725,
      0.2675,
      1.34,
      0.335,
      1.405,
      0.4025,
      1.4725,
      0.47,
      1.54,
      0.535,
      1.6075,
      0.6025,
      1.6725,
      0.67,
      1.74,
      0.7375,
      1.8075,
      0.805,
      1.875,
      0.87,
      1.9425,
      0.9375
    ],
    "SoftwareVersion": "syngo MR B17",
    "TaskName": "flanker",
    "TotalReadoutTime": 0.037170071,
    "dataset": "ds001751",
    "modality": "bold",
    "run_id": 1,
    "subject_id": "09",
    "task_id": "flanker"
  },
  "dummy_trs": 0,
  "dvars_nstd": 20.720426417332344,
  "dvars_std": 1.1761269797913576,
  "dvars_vstd": 0.9029766960208638,
  "efc": 0.4781585767485361,
  "fber": 1353.00048828125,
  "fd_mean": 0.1409459894332876,
  "fd_num": 118,
  "fd_perc": 17.55952380952381,
  "fwhm_avg": 2.715454285714286,
  "fwhm_x": 2.8002114285714286,
  "fwhm_y": 2.8262314285714285,
  "fwhm_z": 2.51992,
  "gcor": 0.162046,
  "gsr_x": -0.014939406886696815,
  "gsr_y": 0.06891747564077377,
  "provenance": {
    "md5sum": "d71940e2f5d9469877cafebcb5cafabc",
    "settings": {
      "fd_thres": 0.2,
      "testing": false
    },
    "software": "mriqc",
    "version": "23.0.1",
    "webapi_port": null,
    "webapi_url": "https://mriqc.nimh.nih.gov/api/v1"
  },
  "size_t": 672,
  "size_x": 64,
  "size_y": 64,
  "size_z": 30,
  "snr": 2.6753114665879574,
  "spacing_tr": 2.0,
  "spacing_x": 3.5,
  "spacing_y": 3.5,
  "spacing_z": 5.0,
  "summary_bg_k": 29.86297931866187,
  "summary_bg_mad": 7.258574304046781,
  "summary_bg_mean": 38.38936996459961,
  "summary_bg_median": 15.849702835083008,
  "summary_bg_n": 77941.0,
  "summary_bg_p05": 10.577381134033203,
  "summary_bg_p95": 153.5386962890625,
  "summary_bg_stdv": 58.99896240234375,
  "summary_fg_k": 1.1794802062665113,
  "summary_fg_mad": 205.56102397498367,
  "summary_fg_mean": 624.9593505859375,
  "summary_fg_median": 590.8675537109375,
  "summary_fg_n": 17133.0,
  "summary_fg_p05": 336.70774536132814,
  "summary_fg_p95": 1048.919384765625,
  "summary_fg_stdv": 220.8529052734375,
  "tsnr": 53.77307948982343
}