{
  "aor": 0.004942087312414734,
  "aqi": 0.013369967066848567,
  "bids_meta": {
    "AcquisitionDateTime": "20150607133000.287500",
    "ConversionSoftware": "dicm2nii.m 20190112",
    "DeviceSerialNumber": "35353",
    "EchoTime": 0.033,
    "EffectiveEchoSpacing": 0.00059000113,
    "FlipAngle": 90,
    "ImageType": [
      "ORIGINAL",
      "PRIMARY",
      "M",
      "ND",
      "MOSAIC"
    ],
    "InstitutionAddress": "De Pintelaan 185,Gent /88C96F/,District,BE,9000",
    "InstitutionName": "UZ",
    "MRAcquisitionType": "2D",
    "Manufacturer": "SIEMENS",
    "Modality": "MR",
    "PatientAge": "022Y",
    "PatientPosition": "HFS",
    "PatientSex": "F",
    "PatientWeight": 61,
    "PhaseEncodingDirection": "j-",
    "RepetitionTime": 2,
    "ScanOptions": "FS",
    "ScanningSequence": "EP",
    "SequenceName": "*epfid2d1_64",
    "SequenceVariant": "SK",
    "SeriesDescription": "ep2d_bold",
    "SeriesNumber": 6,
    "SliceThickness": 4,
    "SliceTiming": [
      1.0025,
      0,
      1.07,
      0.065,
      1.1375,
      0.1325,
      1.2025,
      0.2,
      1.27,
      0.2675,
      1.3375,
      0.3325,
      1.405,
      0.4,
      1.4725,
      0.4675,
      1.5375,
      0.535,
      1.605,
      0.6025,
      1.6725,
      0.6675,
      1.74,
      0.735,
      1.805,
      0.8025,
      1.8725,
      0.87,
      1.94,
      0.935
    ],
    "SoftwareVersion": "syngo MR B17",
    "TaskName": "flanker",
    "TotalReadoutTime": 0.037170071,
    "dataset": "ds001751",
    "modality": "bold",
    "run_id": 2,
    "subject_id": "13",
    "task_id": "flanker"
  },
  "dummy_trs": 1,
  "dvars_nstd": 21.534617370833345,
  "dvars_std": 1.1074942689344258,
  "dvars_vstd": 0.8738183135792343,
  "efc": 0.4265729785068505,
  "fber": 1922.2724609375,
  "fd_mean": 0.15990673501898273,
  "fd_num": 167,
  "fd_perc": 22.78308321964529,
  "fwhm_avg": 2.3970066666666665,
  "fwhm_x": 2.3922199999999996,
  "fwhm_y": 2.59568,
  "fwhm_z": 2.2031199999999997,
  "gcor": 0.0256544,
  "gsr_x": 0.005172899458557367,
  "gsr_y": 0.020770084112882614,
  "provenance": {
    "md5sum": "1f2e4eab6f169c8d27e16b60f9cbf1a3",
    "settings": {
      "fd_thres": 0.2,
      "testing": false
    },
    "software": "mriqc",
    "version": "23.0.1",
    "webapi_port": null,
    "webapi_url": "https://mriqc.nimh.nih.gov/api/v1"
  },
  "size_t": 733,
  "size_x": 64,
  "size_y": 64,
  "size_z": 30,
  "snr": 3.5718837543442334,
  "spacing_tr": 2.0,
  "spacing_x": 3.5,
  "spacing_y": 3.5,
  "spacing_z": 5.0,
  "summary_bg_k": 57.83980097633074,
  "summary_bg_mad": 4.253633068988624,
  "summary_bg_mean": 23.941635131835938,
  "summary_bg_median": 12.222373962402344,
  "summary_bg_n": 83914.0,
  "summary_bg_p05": 9.091404914855957,
  "summary_bg_p95": 78.4822647094723,
  "summary_bg_stdv": 38.03953170776367,
  "summary_fg_k": 1.0000769766899413,
  "summary_fg_mad": 135.71782695958422,
  "summary_fg_mean": 555.684814453125,
  "summary_fg_median": 534.3233032226562,
  "summary_fg_n": 12573.0,
  "summary_fg_p05": 347.5298767089844,
  "summary_fg_p95": 833.007080078125,
  "summary_fg_stdv": 149.58551025390625,
  "tsnr": 41.774317644536495
}