{
  "aor": 0.018715103244837758,
  "aqi": 0.015400079955752212,
  "bids_meta": {
    "AcquisitionDateTime": "20150607130635.712500",
    "ConversionSoftware": "dicm2nii.m 20190112",
    "DeviceSerialNumber": "35353",
    "EchoTime": 0.033,
    "EffectiveEchoSpacing": 0.00059000113,
    "FlipAngle": 90,
    "ImageType": [
      "ORIGINAL",
      "PRIMARY",
      "M",
      "ND",
      "MOSAIC"
    ],
    "InstitutionAddress": "De Pintelaan 185,Gent /88C96F/,District,BE,9000",
    "InstitutionName": "UZ",
    "MRAcquisitionType": "2D",
    "Manufacturer": "SIEMENS",
    "Modality": "MR",
    "PatientAge": "022Y",
    "PatientPosition": "HFS",
    "PatientSex": "F",
    "PatientWeight": 61,
    "PhaseEncodingDirection": "j-",
    "RepetitionTime": 2,
    "ScanOptions": "FS",
    "ScanningSequence": "EP",
    "SequenceName": "*epfid2d1_64",
    "SequenceVariant": "SK",
    "SeriesDescription": "ep2d_bold",
    "SeriesNumber": 5,
    "SliceThickness": 4,
    "SliceTiming": [
      1.005,
      0,
      1.0725,
      0.0675,
      1.1375,
      0.135,
      1.205,
      0.2025,
      1.2725,
      0.2675,
      1.34,
      0.335,
      1.405,
      0.4025,
      1.4725,
      0.47,
      1.54,
      0.535,
      1.6075,
      0.6025,
      1.6725,
      0.67,
      1.74,
      0.7375,
      1.8075,
      0.8025,
      1.875,
      0.87,
      1.9425,
      0.9375
    ],
    "SoftwareVersion": "syngo MR B17",
    "TaskName": "flanker",
    "TotalReadoutTime": 0.037170071,
    "dataset": "ds001751",
    "modality": "bold",
    "run_id": 1,
    "subject_id": "13",
    "task_id": "flanker"
  },
  "dummy_trs": 1,
  "dvars_nstd": 21.944567910014744,
  "dvars_std": 1.2166399410635156,
  "dvars_vstd": 0.9723926203397336,
  "efc": 0.4247473590639409,
  "fber": 1974.62890625,
  "fd_mean": 0.13204142822973514,
  "fd_num": 79,
  "fd_perc": 11.651917404129794,
  "fwhm_avg": 2.340789523809524,
  "fwhm_x": 2.335188571428571,
  "fwhm_y": 2.5595600000000003,
  "fwhm_z": 2.12762,
  "gcor": 0.00716849,
  "gsr_x": 0.004582989029586315,
  "gsr_y": 0.020541135221719742,
  "provenance": {
    "md5sum": "36de93bac0b6d98d3149f48494619f45",
    "settings": {
      "fd_thres": 0.2,
      "testing": false
    },
    "software": "mriqc",
    "version": "23.0.1",
    "webapi_port": null,
    "webapi_url": "https://mriqc.nimh.nih.gov/api/v1"
  },
  "size_t": 678,
  "size_x": 64,
  "size_y": 64,
  "size_z": 30,
  "snr": 3.658714590653722,
  "spacing_tr": 2.0,
  "spacing_x": 3.5,
  "spacing_y": 3.5,
  "spacing_z": 5.0,
  "summary_bg_k": 57.20741606582731,
  "summary_bg_mad": 4.338469662342425,
  "summary_bg_mean": 23.520244598388672,
  "summary_bg_median": 12.154867172241211,
  "summary_bg_n": 84157.0,
  "summary_bg_p05": 8.707964897155762,
  "summary_bg_p95": 76.34129638671874,
  "summary_bg_stdv": 36.92194747924805,
  "summary_fg_k": 0.857864135773629,
  "summary_fg_mad": 135.54661825612885,
  "summary_fg_mean": 558.1781616210938,
  "summary_fg_median": 537.1607666015625,
  "summary_fg_n": 12471.0,
  "summary_fg_p05": 354.75221252441406,
  "summary_fg_p95": 828.9682922363281,
  "summary_fg_stdv": 146.8109130859375,
  "tsnr": 34.00631004804745
}