{
  "aor": 0.0018157425742574259,
  "aqi": 0.011601802333804808,
  "bids_meta": {
    "AcquisitionDateTime": "20150612145233.252500",
    "ConversionSoftware": "dicm2nii.m 20190112",
    "DeviceSerialNumber": "35353",
    "EchoTime": 0.033,
    "EffectiveEchoSpacing": 0.00059000113,
    "FlipAngle": 90,
    "ImageType": [
      "ORIGINAL",
      "PRIMARY",
      "M",
      "ND",
      "MOSAIC"
    ],
    "InstitutionAddress": "De Pintelaan 185,Gent /88C96F/,District,BE,9000",
    "InstitutionName": "UZ",
    "MRAcquisitionType": "2D",
    "Manufacturer": "SIEMENS",
    "Modality": "MR",
    "PatientAge": "022Y",
    "PatientPosition": "HFS",
    "PatientSex": "F",
    "PatientWeight": 70,
    "PhaseEncodingDirection": "j-",
    "RepetitionTime": 2,
    "ScanOptions": "FS",
    "ScanningSequence": "EP",
    "SequenceName": "*epfid2d1_64",
    "SequenceVariant": "SK",
    "SeriesDescription": "ep2d_bold",
    "SeriesNumber": 6,
    "SliceThickness": 4,
    "SliceTiming": [
      1.0025,
      0,
      1.07,
      0.065,
      1.1375,
      0.1325,
      1.2025,
      0.2,
      1.27,
      0.2675,
      1.3375,
      0.3325,
      1.405,
      0.4,
      1.47,
      0.4675,
      1.5375,
      0.535,
      1.605,
      0.6025,
      1.6725,
      0.6675,
      1.74,
      0.735,
      1.805,
      0.8025,
      1.8725,
      0.87,
      1.94,
      0.935
    ],
    "SoftwareVersion": "syngo MR B17",
    "TaskName": "flanker",
    "TotalReadoutTime": 0.037170071,
    "dataset": "ds001751",
    "modality": "bold",
    "run_id": 2,
    "subject_id": "17",
    "task_id": "flanker"
  },
  "dummy_trs": 1,
  "dvars_nstd": 30.15723774468838,
  "dvars_std": 1.1345208828328626,
  "dvars_vstd": 0.9340969264022668,
  "efc": 0.4426741592920726,
  "fber": 2078.693359375,
  "fd_mean": 0.35277835404521696,
  "fd_num": 479,
  "fd_perc": 67.75106082036775,
  "fwhm_avg": 2.3449571428571425,
  "fwhm_x": 2.4422514285714283,
  "fwhm_y": 2.4512,
  "fwhm_z": 2.14142,
  "gcor": 0.0308174,
  "gsr_x": -0.008422278799116611,
  "gsr_y": 0.027159037068486214,
  "provenance": {
    "md5sum": "1055bbfb8b1503eb6dc8c3654e44ec26",
    "settings": {
      "fd_thres": 0.2,
      "testing": false
    },
    "software": "mriqc",
    "version": "23.0.1",
    "webapi_port": null,
    "webapi_url": "https://mriqc.nimh.nih.gov/api/v1"
  },
  "size_t": 707,
  "size_x": 64,
  "size_y": 64,
  "size_z": 30,
  "snr": 3.115179842899631,
  "spacing_tr": 2.0,
  "spacing_x": 3.5,
  "spacing_y": 3.5,
  "spacing_z": 5.0,
  "summary_bg_k": 67.8313964050725,
  "summary_bg_mad": 4.5841141661529585,
  "summary_bg_mean": 24.36779022216797,
  "summary_bg_median": 12.616690635681152,
  "summary_bg_n": 79402.0,
  "summary_bg_p05": 8.860042715072632,
  "summary_bg_p95": 78.30113563537597,
  "summary_bg_stdv": 39.94317626953125,
  "summary_fg_k": 1.0146753358508995,
  "summary_fg_mad": 167.3872745193547,
  "summary_fg_mean": 608.177734375,
  "summary_fg_median": 575.7765502929688,
  "summary_fg_n": 16157.0,
  "summary_fg_p05": 361.94964599609375,
  "summary_fg_p95": 957.5869995117188,
  "summary_fg_stdv": 184.82359313964844,
  "tsnr": 33.75882250792347
}