{
  "aor": 0.001136972891566265,
  "aqi": 0.005385108403614457,
  "bids_meta": {
    "AcquisitionDateTime": "20150605121022.332500",
    "ConversionSoftware": "dicm2nii.m 20190112",
    "DeviceSerialNumber": "35353",
    "EchoTime": 0.033,
    "EffectiveEchoSpacing": 0.00059000113,
    "FlipAngle": 90,
    "ImageType": [
      "ORIGINAL",
      "PRIMARY",
      "M",
      "ND",
      "MOSAIC"
    ],
    "InstitutionAddress": "De Pintelaan 185,Gent /88C96F/,District,BE,9000",
    "InstitutionName": "UZ",
    "MRAcquisitionType": "2D",
    "Manufacturer": "SIEMENS",
    "Modality": "MR",
    "PatientAge": "024Y",
    "PatientPosition": "HFS",
    "PatientSex": "M",
    "PatientWeight": 95,
    "PhaseEncodingDirection": "j-",
    "RepetitionTime": 2,
    "ScanOptions": "FS",
    "ScanningSequence": "EP",
    "SequenceName": "*epfid2d1_64",
    "SequenceVariant": "SK",
    "SeriesDescription": "ep2d_bold",
    "SeriesNumber": 5,
    "SliceThickness": 4,
    "SliceTiming": [
      1.0025,
      0,
      1.07,
      0.0675,
      1.1375,
      0.1325,
      1.205,
      0.2,
      1.27,
      0.2675,
      1.3375,
      0.335,
      1.405,
      0.4,
      1.4725,
      0.4675,
      1.5375,
      0.535,
      1.605,
      0.6025,
      1.6725,
      0.67,
      1.74,
      0.735,
      1.8075,
      0.8025,
      1.8725,
      0.87,
      1.94,
      0.9375
    ],
    "SoftwareVersion": "syngo MR B17",
    "TaskName": "flanker",
    "TotalReadoutTime": 0.037170071,
    "dataset": "ds001751",
    "modality": "bold",
    "run_id": 1,
    "subject_id": "20",
    "task_id": "flanker"
  },
  "dummy_trs": 1,
  "dvars_nstd": 21.004043285761707,
  "dvars_std": 1.22533555638009,
  "dvars_vstd": 0.9415535253996986,
  "efc": 0.480782557400044,
  "fber": 1527.5284423828125,
  "fd_mean": 0.1753741172647622,
  "fd_num": 235,
  "fd_perc": 35.39156626506024,
  "fwhm_avg": 2.589025714285714,
  "fwhm_x": 2.6213599999999997,
  "fwhm_y": 2.745417142857143,
  "fwhm_z": 2.4003,
  "gcor": 0.0314138,
  "gsr_x": -0.016758598387241364,
  "gsr_y": 0.05900522693991661,
  "provenance": {
    "md5sum": "f4873b0e7108b8b7469d183d33ddc222",
    "settings": {
      "fd_thres": 0.2,
      "testing": false
    },
    "software": "mriqc",
    "version": "23.0.1",
    "webapi_port": null,
    "webapi_url": "https://mriqc.nimh.nih.gov/api/v1"
  },
  "size_t": 664,
  "size_x": 64,
  "size_y": 64,
  "size_z": 30,
  "snr": 2.5974961298281647,
  "spacing_tr": 2.0,
  "spacing_x": 3.5,
  "spacing_y": 3.5,
  "spacing_z": 5.0,
  "summary_bg_k": 26.612404036435777,
  "summary_bg_mad": 6.088938959911334,
  "summary_bg_mean": 35.70206069946289,
  "summary_bg_median": 15.048192024230957,
  "summary_bg_n": 75809.0,
  "summary_bg_p05": 10.460843086242676,
  "summary_bg_p95": 149.07951049804672,
  "summary_bg_stdv": 59.24626922607422,
  "summary_fg_k": 1.7975240973729578,
  "summary_fg_mad": 199.5819083966088,
  "summary_fg_mean": 638.005615234375,
  "summary_fg_median": 595.3170166015625,
  "summary_fg_n": 18678.0,
  "summary_fg_p05": 347.9136138916016,
  "summary_fg_p95": 1076.8807739257804,
  "summary_fg_stdv": 229.1826629638672,
  "tsnr": 57.1176769384183
}