{
  "bids_meta": {
    "AcquisitionDateTime": "20150612152458.195000",
    "ConversionSoftware": "dicm2nii.m 20190112",
    "DeviceSerialNumber": "35353",
    "EchoTime": 0.00418,
    "FlipAngle": 9,
    "ImageType": [
      "ORIGINAL",
      "PRIMARY",
      "M",
      "ND",
      "NORM"
    ],
    "InstitutionAddress": "De Pintelaan 185,Gent /88C96F/,District,BE,9000",
    "InstitutionName": "UZ",
    "InversionTime": 0.9,
    "MRAcquisitionType": "3D",
    "Manufacturer": "SIEMENS",
    "Modality": "MR",
    "PatientAge": "023Y",
    "PatientPosition": "HFS",
    "PatientSex": "F",
    "PatientWeight": 78,
    "PhaseEncodingDirection": "j-",
    "RepetitionTime": 2.25,
    "ScanOptions": "IR",
    "ScanningSequence": "GR\\IR",
    "SequenceName": "*tfl3d1_ns",
    "SequenceVariant": "SP\\MP",
    "SeriesDescription": "T1_mprage",
    "SeriesNumber": 2,
    "SliceThickness": 1,
    "SoftwareVersion": "syngo MR B17",
    "dataset": "ds001751",
    "modality": "T1w",
    "subject_id": "01"
  },
  "cjv": 0.3625911276372141,
  "cnr": 3.689654943443935,
  "efc": 0.45810287098609026,
  "fber": 15591.460970226566,
  "fwhm_avg": 3.849936666666667,
  "fwhm_x": 3.95298,
  "fwhm_y": 4.05047,
  "fwhm_z": 3.54636,
  "icvs_csf": 0.2118764654540402,
  "icvs_gm": 0.4492733611160845,
  "icvs_wm": 0.3388501734298753,
  "inu_med": 0.5596904158592224,
  "inu_range": 0.21370704472064972,
  "provenance": {
    "md5sum": "bdf39d69791a181a686bcff0bd7506e0",
    "settings": {
      "testing": false
    },
    "software": "mriqc",
    "version": "23.0.1",
    "warnings": {
      "large_rot_frame": true,
      "small_air_mask": false
    },
    "webapi_port": null,
    "webapi_url": "https://mriqc.nimh.nih.gov/api/v1"
  },
  "qi_1": 0.0,
  "qi_2": 0.03262326200727932,
  "rpve_csf": 28.078784154042413,
  "rpve_gm": 13.857150151230755,
  "rpve_wm": 20.51400959441155,
  "size_x": 176,
  "size_y": 256,
  "size_z": 256,
  "snr_csf": 2.253271184085739,
  "snr_gm": 11.200637241176157,
  "snr_total": 12.340816344581162,
  "snr_wm": 23.568540608481587,
  "snrd_csf": 36.06234107940372,
  "snrd_gm": 95.73692929413131,
  "snrd_total": 88.48677216293106,
  "snrd_wm": 133.66104611525816,
  "spacing_x": 1.0,
  "spacing_y": 1.0,
  "spacing_z": 1.0,
  "summary_bg_k": 15.478665194942717,
  "summary_bg_mad": 0.0,
  "summary_bg_mean": 3.389602643949169,
  "summary_bg_median": 0.0,
  "summary_bg_n": 3725930.0,
  "summary_bg_p05": 0.0,
  "summary_bg_p95": 11.925584636628628,
  "summary_bg_stdv": 4.901476043974074,
  "summary_csf_k": 0.6584730089170923,
  "summary_csf_mad": 108.91433315373027,
  "summary_csf_mean": 277.9175880551756,
  "summary_csf_median": 269.8044268190861,
  "summary_csf_n": 30503.0,
  "summary_csf_p05": 85.67340002954006,
  "summary_csf_p95": 489.1079778969288,
  "summary_csf_stdv": 119.73703214241718,
  "summary_gm_k": 0.004064860068909049,
  "summary_gm_mad": 64.07557521901275,
  "summary_gm_mean": 715.5032777281169,
  "summary_gm_median": 716.2665140554309,
  "summary_gm_n": 29191.0,
  "summary_gm_p05": 609.874398317188,
  "summary_gm_p95": 819.8600925989449,
  "summary_gm_stdv": 63.947633505908605,
  "summary_wm_k": 0.6895563286183477,
  "summary_wm_mad": 38.80367800238962,
  "summary_wm_mean": 1000.8678912698848,
  "summary_wm_median": 1000.0000237300992,
  "summary_wm_n": 154343.0,
  "summary_wm_p05": 932.8351310566068,
  "summary_wm_p95": 1072.5393798798323,
  "summary_wm_stdv": 42.42930441891658,
  "tpm_overlap_csf": 0.15104628808436643,
  "tpm_overlap_gm": 0.4872337083328621,
  "tpm_overlap_wm": 0.5195160717394434,
  "wm2max": 0.5700912921115816
}