{
  "bids_meta": {
    "AcquisitionDateTime": "20150607125826.715000",
    "ConversionSoftware": "dicm2nii.m 20190112",
    "DeviceSerialNumber": "35353",
    "EchoTime": 0.00418,
    "FlipAngle": 9,
    "ImageType": [
      "ORIGINAL",
      "PRIMARY",
      "M",
      "ND",
      "NORM"
    ],
    "InstitutionAddress": "De Pintelaan 185,Gent /88C96F/,District,BE,9000",
    "InstitutionName": "UZ",
    "InversionTime": 0.9,
    "MRAcquisitionType": "3D",
    "Manufacturer": "SIEMENS",
    "Modality": "MR",
    "PatientAge": "022Y",
    "PatientPosition": "HFS",
    "PatientSex": "F",
    "PatientWeight": 61,
    "PhaseEncodingDirection": "j-",
    "RepetitionTime": 2.25,
    "ScanOptions": "IR",
    "ScanningSequence": "GR\\IR",
    "SequenceName": "*tfl3d1_ns",
    "SequenceVariant": "SP\\MP",
    "SeriesDescription": "T1_mprage",
    "SeriesNumber": 2,
    "SliceThickness": 1,
    "SoftwareVersion": "syngo MR B17",
    "dataset": "ds001751",
    "modality": "T1w",
    "subject_id": "13"
  },
  "cjv": 0.3553481498865472,
  "cnr": 3.7163597070224954,
  "efc": 0.43923145262296615,
  "fber": 23720.000168662507,
  "fwhm_avg": 3.82926,
  "fwhm_x": 3.92882,
  "fwhm_y": 3.89267,
  "fwhm_z": 3.66629,
  "icvs_csf": 0.2233037866073727,
  "icvs_gm": 0.44537498583733737,
  "icvs_wm": 0.3313212275552899,
  "inu_med": 0.5402939319610596,
  "inu_range": 0.2017659485340118,
  "provenance": {
    "md5sum": "80468eaf13991c40a47f6a51aeaf04ca",
    "settings": {
      "testing": false
    },
    "software": "mriqc",
    "version": "23.0.1",
    "warnings": {
      "large_rot_frame": true,
      "small_air_mask": false
    },
    "webapi_port": null,
    "webapi_url": "https://mriqc.nimh.nih.gov/api/v1"
  },
  "qi_1": 0.0,
  "qi_2": 0.022801130076187927,
  "rpve_csf": 28.108075721374746,
  "rpve_gm": 14.590809723176266,
  "rpve_wm": 21.912473015569777,
  "size_x": 176,
  "size_y": 256,
  "size_z": 256,
  "snr_csf": 2.033256035394448,
  "snr_gm": 11.882414835733917,
  "snr_total": 12.535653460038832,
  "snr_wm": 23.691289508988135,
  "snrd_csf": 35.92874900760948,
  "snrd_gm": 100.86989548929664,
  "snrd_total": 92.04141491585305,
  "snrd_wm": 139.32560025065303,
  "spacing_x": 1.0,
  "spacing_y": 1.0,
  "spacing_z": 1.0,
  "summary_bg_k": 11.035697585820124,
  "summary_bg_mad": 0.0,
  "summary_bg_mean": 3.244473143248992,
  "summary_bg_median": 0.0,
  "summary_bg_n": 4024516.0,
  "summary_bg_p05": 0.0,
  "summary_bg_p95": 12.993709444999695,
  "summary_bg_stdv": 4.702196878101199,
  "summary_csf_k": 1.2376411196090498,
  "summary_csf_mad": 113.80963500833595,
  "summary_csf_mean": 267.7479709765307,
  "summary_csf_median": 257.87614826112986,
  "summary_csf_n": 32744.0,
  "summary_csf_p05": 69.5318142324686,
  "summary_csf_p95": 493.52119403332466,
  "summary_csf_stdv": 126.82721997634913,
  "summary_gm_k": 0.27771783457677834,
  "summary_gm_mad": 59.01665036200527,
  "summary_gm_mean": 722.2863216497257,
  "summary_gm_median": 723.9868028461933,
  "summary_gm_n": 29615.0,
  "summary_gm_p05": 619.9340026080608,
  "summary_gm_p95": 819.4286924600601,
  "summary_gm_stdv": 60.928236342434644,
  "summary_wm_k": 0.8037791634755211,
  "summary_wm_mad": 39.064129967596756,
  "summary_wm_mean": 999.1244798626154,
  "summary_wm_median": 1000.0000038743019,
  "summary_wm_n": 148999.0,
  "summary_wm_p05": 928.5346019268036,
  "summary_wm_p95": 1066.4896401017904,
  "summary_wm_stdv": 42.20946469638365,
  "tpm_overlap_csf": 0.1379011977259289,
  "tpm_overlap_gm": 0.4804684921595256,
  "tpm_overlap_wm": 0.5059065055897729,
  "wm2max": 0.6625557282681106
}