{
  "bids_meta": {
    "AcquisitionDateTime": "20150612125939.210000",
    "ConversionSoftware": "dicm2nii.m 20190112",
    "DeviceSerialNumber": "35353",
    "EchoTime": 0.00418,
    "FlipAngle": 9,
    "ImageType": [
      "ORIGINAL",
      "PRIMARY",
      "M",
      "ND",
      "NORM"
    ],
    "InstitutionAddress": "De Pintelaan 185,Gent /88C96F/,District,BE,9000",
    "InstitutionName": "UZ",
    "InversionTime": 0.9,
    "MRAcquisitionType": "3D",
    "Manufacturer": "SIEMENS",
    "Modality": "MR",
    "PatientAge": "024Y",
    "PatientPosition": "HFS",
    "PatientSex": "F",
    "PatientWeight": 59,
    "PhaseEncodingDirection": "j-",
    "RepetitionTime": 2.25,
    "ScanOptions": "IR",
    "ScanningSequence": "GR\\IR",
    "SequenceName": "*tfl3d1_ns",
    "SequenceVariant": "SP\\MP",
    "SeriesDescription": "T1_mprage",
    "SeriesNumber": 2,
    "SliceThickness": 1,
    "SoftwareVersion": "syngo MR B17",
    "dataset": "ds001751",
    "modality": "T1w",
    "subject_id": "14"
  },
  "cjv": 0.32219583675275254,
  "cnr": 4.038680804954539,
  "efc": 0.465398803670763,
  "fber": 25909.973775567647,
  "fwhm_avg": 3.96659,
  "fwhm_x": 4.10867,
  "fwhm_y": 4.08578,
  "fwhm_z": 3.70532,
  "icvs_csf": 0.20704840910612374,
  "icvs_gm": 0.4589789134494185,
  "icvs_wm": 0.33397267744445774,
  "inu_med": 0.47447624802589417,
  "inu_range": 0.17314061522483826,
  "provenance": {
    "md5sum": "ca61b9576102a019207614d553e1a907",
    "settings": {
      "testing": false
    },
    "software": "mriqc",
    "version": "23.0.1",
    "warnings": {
      "large_rot_frame": true,
      "small_air_mask": false
    },
    "webapi_port": null,
    "webapi_url": "https://mriqc.nimh.nih.gov/api/v1"
  },
  "qi_1": 7.780152885561453e-06,
  "qi_2": 0.010729429480526345,
  "rpve_csf": 26.01748708044057,
  "rpve_gm": 12.414314044649213,
  "rpve_wm": 18.903138951307152,
  "size_x": 176,
  "size_y": 256,
  "size_z": 256,
  "snr_csf": 2.0255745562224816,
  "snr_gm": 12.596776618267635,
  "snr_total": 13.759794997929417,
  "snr_wm": 26.657033819298135,
  "snrd_csf": 34.19993233212898,
  "snrd_gm": 106.5794122459363,
  "snrd_total": 96.09089898378154,
  "snrd_wm": 147.49335237327935,
  "spacing_x": 1.0,
  "spacing_y": 1.0,
  "spacing_z": 1.0,
  "summary_bg_k": 25.434525283687105,
  "summary_bg_mad": 0.0,
  "summary_bg_mean": 2.9035362273199494,
  "summary_bg_median": 0.0,
  "summary_bg_n": 3366417.0,
  "summary_bg_p05": 0.0,
  "summary_bg_p95": 9.849663214758039,
  "summary_bg_stdv": 4.4418029777314345,
  "summary_csf_k": 2.0289400674487013,
  "summary_csf_mad": 93.58448593673187,
  "summary_csf_mean": 241.99876375788386,
  "summary_csf_median": 231.87440244667232,
  "summary_csf_n": 33379.0,
  "summary_csf_p05": 65.34350508637726,
  "summary_csf_p95": 456.30354568138705,
  "summary_csf_stdv": 114.47168328157687,
  "summary_gm_k": 0.24434965818991428,
  "summary_gm_mad": 55.88717638849807,
  "summary_gm_mean": 721.8538226455415,
  "summary_gm_median": 722.6048662215471,
  "summary_gm_n": 44606.0,
  "summary_gm_p05": 626.3855058322661,
  "summary_gm_p95": 814.8806584440172,
  "summary_gm_stdv": 57.36362469637706,
  "summary_wm_k": 1.0667611311950447,
  "summary_wm_mad": 33.48838663750867,
  "summary_wm_mean": 1000.5815374083148,
  "summary_wm_median": 1000.0000179614872,
  "summary_wm_n": 172615.0,
  "summary_wm_p05": 940.5070647094399,
  "summary_wm_p95": 1062.8823415378106,
  "summary_wm_stdv": 37.51344309784592,
  "tpm_overlap_csf": 0.13797770905364026,
  "tpm_overlap_gm": 0.4704579803065946,
  "tpm_overlap_wm": 0.49923978810184905,
  "wm2max": 0.7304995556438587
}