{
  "bids_meta": {
    "AcquisitionDateTime": "20150605131056.192500",
    "ConversionSoftware": "dicm2nii.m 20190112",
    "DeviceSerialNumber": "35353",
    "EchoTime": 0.00418,
    "FlipAngle": 9,
    "ImageType": [
      "ORIGINAL",
      "PRIMARY",
      "M",
      "ND",
      "NORM"
    ],
    "InstitutionAddress": "De Pintelaan 185,Gent /88C96F/,District,BE,9000",
    "InstitutionName": "UZ",
    "InversionTime": 0.9,
    "MRAcquisitionType": "3D",
    "Manufacturer": "SIEMENS",
    "Modality": "MR",
    "PatientAge": "028Y",
    "PatientPosition": "HFS",
    "PatientSex": "F",
    "PatientWeight": 77,
    "PhaseEncodingDirection": "j-",
    "RepetitionTime": 2.25,
    "ScanOptions": "IR",
    "ScanningSequence": "GR\\IR",
    "SequenceName": "*tfl3d1_ns",
    "SequenceVariant": "SP\\MP",
    "SeriesDescription": "T1_mprage",
    "SeriesNumber": 2,
    "SliceThickness": 1,
    "SoftwareVersion": "syngo MR B17",
    "dataset": "ds001751",
    "modality": "T1w",
    "subject_id": "15"
  },
  "cjv": 0.35186545411509657,
  "cnr": 3.662870203934331,
  "efc": 0.4999156379706905,
  "fber": 16185.845029126964,
  "fwhm_avg": 4.03772,
  "fwhm_x": 4.06036,
  "fwhm_y": 4.25683,
  "fwhm_z": 3.79597,
  "icvs_csf": 0.20189205238263297,
  "icvs_gm": 0.4175675775660334,
  "icvs_wm": 0.3805403700513336,
  "inu_med": 0.49624836444854736,
  "inu_range": 0.1970528081059456,
  "provenance": {
    "md5sum": "453a1e254d23ef0fc92d9c4a55a38fac",
    "settings": {
      "testing": false
    },
    "software": "mriqc",
    "version": "23.0.1",
    "warnings": {
      "large_rot_frame": true,
      "small_air_mask": false
    },
    "webapi_port": null,
    "webapi_url": "https://mriqc.nimh.nih.gov/api/v1"
  },
  "qi_1": 0.0,
  "qi_2": 0.017353130200770013,
  "rpve_csf": 22.143119926188557,
  "rpve_gm": 10.973787288821109,
  "rpve_wm": 14.147261171699187,
  "size_x": 176,
  "size_y": 256,
  "size_z": 256,
  "snr_csf": 1.9014059989554464,
  "snr_gm": 10.789624207820733,
  "snr_total": 12.863208357361842,
  "snr_wm": 25.898594865309345,
  "snrd_csf": 34.688740201614294,
  "snrd_gm": 107.17528642994877,
  "snrd_total": 97.05848493555659,
  "snrd_wm": 149.31142817510673,
  "spacing_x": 1.0,
  "spacing_y": 1.0,
  "spacing_z": 1.0,
  "summary_bg_k": 19.62914595757428,
  "summary_bg_mad": 0.0,
  "summary_bg_mean": 2.8776969696300387,
  "summary_bg_median": 0.0,
  "summary_bg_n": 3010850.0,
  "summary_bg_p05": 0.0,
  "summary_bg_p95": 10.816982835531235,
  "summary_bg_stdv": 4.387717795414954,
  "summary_csf_k": 0.9005446099259724,
  "summary_csf_mad": 111.50366311663208,
  "summary_csf_mean": 242.96071609010923,
  "summary_csf_median": 232.3247535675764,
  "summary_csf_n": 48050.0,
  "summary_csf_p05": 59.26654942762107,
  "summary_csf_p95": 469.41649137642196,
  "summary_csf_stdv": 122.18449723592528,
  "summary_gm_k": 0.25351349174293736,
  "summary_gm_mad": 63.61455490633265,
  "summary_gm_mean": 717.6567343436657,
  "summary_gm_median": 717.7969526611269,
  "summary_gm_n": 38303.0,
  "summary_gm_p05": 607.8873928997666,
  "summary_gm_p95": 827.7696114890277,
  "summary_gm_stdv": 66.52572590028045,
  "summary_wm_k": 0.9579903266320269,
  "summary_wm_mad": 35.682954117627766,
  "summary_wm_mean": 1000.4927917831333,
  "summary_wm_median": 1000.0000159703195,
  "summary_wm_n": 259906.0,
  "summary_wm_p05": 938.6436855532229,
  "summary_wm_p95": 1063.7901675254107,
  "summary_wm_stdv": 38.61205974288107,
  "tpm_overlap_csf": 0.14766397423742642,
  "tpm_overlap_gm": 0.4559915926132833,
  "tpm_overlap_wm": 0.5094741901607671,
  "wm2max": 0.6085965427433492
}