{
  "aor": 0.0009988052373158757,
  "aqi": 0.0030979853895253683,
  "bids_meta": {
    "AcquisitionDateTime": "20150614100944.772500",
    "ConversionSoftware": "dicm2nii.m 20190112",
    "DeviceSerialNumber": "35353",
    "EchoTime": 0.033,
    "EffectiveEchoSpacing": 0.00059000113,
    "FlipAngle": 90,
    "ImageType": [
      "ORIGINAL",
      "PRIMARY",
      "M",
      "ND",
      "MOSAIC"
    ],
    "InstitutionAddress": "De Pintelaan 185,Gent /88C96F/,District,BE,9000",
    "InstitutionName": "UZ",
    "MRAcquisitionType": "2D",
    "Manufacturer": "SIEMENS",
    "Modality": "MR",
    "PatientAge": "022Y",
    "PatientPosition": "HFS",
    "PatientSex": "M",
    "PatientWeight": 85,
    "PhaseEncodingDirection": "j-",
    "RepetitionTime": 2,
    "ScanOptions": "FS",
    "ScanningSequence": "EP",
    "SequenceName": "*epfid2d1_64",
    "SequenceVariant": "SK",
    "SeriesDescription": "ep2d_bold",
    "SeriesNumber": 6,
    "SliceThickness": 4,
    "SliceTiming": [
      1.0025,
      0,
      1.07,
      0.065,
      1.1375,
      0.1325,
      1.205,
      0.2,
      1.27,
      0.2675,
      1.3375,
      0.335,
      1.405,
      0.4,
      1.4725,
      0.4675,
      1.5375,
      0.535,
      1.605,
      0.6025,
      1.6725,
      0.6675,
      1.74,
      0.735,
      1.805,
      0.8025,
      1.8725,
      0.87,
      1.94,
      0.935
    ],
    "SoftwareVersion": "syngo MR B17",
    "TaskName": "flanker",
    "TotalReadoutTime": 0.037170071,
    "dataset": "ds001751",
    "modality": "bold",
    "run_id": 2,
    "subject_id": "04",
    "task_id": "flanker"
  },
  "dummy_trs": 1,
  "dvars_nstd": 25.267251058377067,
  "dvars_std": 1.2729483673606568,
  "dvars_vstd": 0.9810591428852468,
  "efc": 0.4712767488919949,
  "fber": 1546.415283203125,
  "fd_mean": 0.25652949232705813,
  "fd_num": 393,
  "fd_perc": 64.32078559738135,
  "fwhm_avg": 2.615653333333333,
  "fwhm_x": 2.719705714285714,
  "fwhm_y": 2.6796342857142856,
  "fwhm_z": 2.4476199999999997,
  "gcor": 0.0684391,
  "gsr_x": -0.014611102640628815,
  "gsr_y": 0.05278103053569794,
  "provenance": {
    "md5sum": "037a13db1f357b74602575755355e427",
    "settings": {
      "fd_thres": 0.2,
      "testing": false
    },
    "software": "mriqc",
    "version": "23.0.1",
    "webapi_port": null,
    "webapi_url": "https://mriqc.nimh.nih.gov/api/v1"
  },
  "size_t": 611,
  "size_x": 64,
  "size_y": 64,
  "size_z": 30,
  "snr": 2.7754996202131115,
  "spacing_tr": 2.0,
  "spacing_x": 3.5,
  "spacing_y": 3.5,
  "spacing_z": 5.0,
  "summary_bg_k": 24.59516499363997,
  "summary_bg_mad": 5.9364752963117775,
  "summary_bg_mean": 33.961700439453125,
  "summary_bg_median": 14.747136116027832,
  "summary_bg_n": 77796.0,
  "summary_bg_p05": 10.356792449951172,
  "summary_bg_p95": 140.41407775878906,
  "summary_bg_stdv": 53.441585540771484,
  "summary_fg_k": 1.5310730969111788,
  "summary_fg_mad": 192.16077574956964,
  "summary_fg_mean": 627.5430908203125,
  "summary_fg_median": 590.1162109375,
  "summary_fg_n": 17078.0,
  "summary_fg_p05": 355.1973815917969,
  "summary_fg_p95": 1033.4395263671875,
  "summary_fg_stdv": 212.6099853515625,
  "tsnr": 67.72120952792466
}