{
  "aor": 0.002365163297045101,
  "aqi": 0.01014379802488336,
  "bids_meta": {
    "AcquisitionDateTime": "20150614175930.250000",
    "ConversionSoftware": "dicm2nii.m 20190112",
    "DeviceSerialNumber": "35353",
    "EchoTime": 0.033,
    "EffectiveEchoSpacing": 0.00059000113,
    "FlipAngle": 90,
    "ImageType": [
      "ORIGINAL",
      "PRIMARY",
      "M",
      "ND",
      "MOSAIC"
    ],
    "InstitutionAddress": "De Pintelaan 185,Gent /88C96F/,District,BE,9000",
    "InstitutionName": "UZ",
    "MRAcquisitionType": "2D",
    "Manufacturer": "SIEMENS",
    "Modality": "MR",
    "PatientAge": "026Y",
    "PatientPosition": "HFS",
    "PatientSex": "F",
    "PatientWeight": 69,
    "PhaseEncodingDirection": "j-",
    "RepetitionTime": 2,
    "ScanOptions": "FS",
    "ScanningSequence": "EP",
    "SequenceName": "*epfid2d1_64",
    "SequenceVariant": "SK",
    "SeriesDescription": "ep2d_bold",
    "SeriesNumber": 6,
    "SliceThickness": 4,
    "SliceTiming": [
      1.0025,
      0,
      1.07,
      0.0675,
      1.1375,
      0.1325,
      1.205,
      0.2,
      1.27,
      0.2675,
      1.3375,
      0.335,
      1.405,
      0.4,
      1.4725,
      0.4675,
      1.5375,
      0.535,
      1.605,
      0.6025,
      1.6725,
      0.6675,
      1.74,
      0.735,
      1.805,
      0.8025,
      1.8725,
      0.87,
      1.94,
      0.9375
    ],
    "SoftwareVersion": "syngo MR B17",
    "TaskName": "flanker",
    "TotalReadoutTime": 0.037170071,
    "dataset": "ds001751",
    "modality": "bold",
    "run_id": 2,
    "subject_id": "18",
    "task_id": "flanker"
  },
  "dummy_trs": 1,
  "dvars_nstd": 18.61684544591901,
  "dvars_std": 1.0574980598286607,
  "dvars_vstd": 0.9158755783177571,
  "efc": 0.447265441980103,
  "fber": 1732.73828125,
  "fd_mean": 0.18789989397560578,
  "fd_num": 194,
  "fd_perc": 30.171073094867808,
  "fwhm_avg": 2.155572285714286,
  "fwhm_x": 2.1945,
  "fwhm_y": 2.332962857142857,
  "fwhm_z": 1.939254,
  "gcor": 0.0145045,
  "gsr_x": -0.013286406174302101,
  "gsr_y": 0.04180828481912613,
  "provenance": {
    "md5sum": "5695949c4fe1b2c191a10c54e68fe23f",
    "settings": {
      "fd_thres": 0.2,
      "testing": false
    },
    "software": "mriqc",
    "version": "23.0.1",
    "webapi_port": null,
    "webapi_url": "https://mriqc.nimh.nih.gov/api/v1"
  },
  "size_t": 643,
  "size_x": 64,
  "size_y": 64,
  "size_z": 30,
  "snr": 3.8695665756026756,
  "spacing_tr": 2.0,
  "spacing_x": 3.5,
  "spacing_y": 3.5,
  "spacing_z": 5.0,
  "summary_bg_k": 46.44707297521769,
  "summary_bg_mad": 3.8759793702999357,
  "summary_bg_mean": 24.75429916381836,
  "summary_bg_median": 11.838258743286133,
  "summary_bg_n": 82760.0,
  "summary_bg_p05": 8.758864831924438,
  "summary_bg_p95": 84.18203887939454,
  "summary_bg_stdv": 38.56501388549805,
  "summary_fg_k": 1.157296067106059,
  "summary_fg_mad": 113.07667493148234,
  "summary_fg_mean": 514.3834228515625,
  "summary_fg_median": 498.5769958496094,
  "summary_fg_n": 13912.0,
  "summary_fg_p05": 328.7097366333008,
  "summary_fg_p95": 753.4706726074215,
  "summary_fg_stdv": 128.841064453125,
  "tsnr": 45.480256577720866
}