{
  "aor": 0.007981090116279071,
  "aqi": 0.007577482790697675,
  "bids_meta": {
    "AcquisitionDateTime": "20150614173549.340000",
    "ConversionSoftware": "dicm2nii.m 20190112",
    "DeviceSerialNumber": "35353",
    "EchoTime": 0.033,
    "EffectiveEchoSpacing": 0.00059000113,
    "FlipAngle": 90,
    "ImageType": [
      "ORIGINAL",
      "PRIMARY",
      "M",
      "ND",
      "MOSAIC"
    ],
    "InstitutionAddress": "De Pintelaan 185,Gent /88C96F/,District,BE,9000",
    "InstitutionName": "UZ",
    "MRAcquisitionType": "2D",
    "Manufacturer": "SIEMENS",
    "Modality": "MR",
    "PatientAge": "026Y",
    "PatientPosition": "HFS",
    "PatientSex": "F",
    "PatientWeight": 69,
    "PhaseEncodingDirection": "j-",
    "RepetitionTime": 2,
    "ScanOptions": "FS",
    "ScanningSequence": "EP",
    "SequenceName": "*epfid2d1_64",
    "SequenceVariant": "SK",
    "SeriesDescription": "ep2d_bold",
    "SeriesNumber": 5,
    "SliceThickness": 4,
    "SliceTiming": [
      1.0025,
      0,
      1.07,
      0.0675,
      1.1375,
      0.1325,
      1.205,
      0.2,
      1.27,
      0.2675,
      1.3375,
      0.335,
      1.405,
      0.4,
      1.4725,
      0.4675,
      1.5375,
      0.535,
      1.605,
      0.6025,
      1.6725,
      0.6675,
      1.74,
      0.735,
      1.8075,
      0.8025,
      1.8725,
      0.87,
      1.94,
      0.9375
    ],
    "SoftwareVersion": "syngo MR B17",
    "TaskName": "flanker",
    "TotalReadoutTime": 0.037170071,
    "dataset": "ds001751",
    "modality": "bold",
    "run_id": 1,
    "subject_id": "18",
    "task_id": "flanker"
  },
  "dummy_trs": 0,
  "dvars_nstd": 16.499935802576424,
  "dvars_std": 1.163172232270742,
  "dvars_vstd": 1.0076000379621532,
  "efc": 0.4456246220442568,
  "fber": 1793.55078125,
  "fd_mean": 0.15465073562326345,
  "fd_num": 157,
  "fd_perc": 22.819767441860463,
  "fwhm_avg": 2.101875238095238,
  "fwhm_x": 2.1457542857142857,
  "fwhm_y": 2.2819114285714286,
  "fwhm_z": 1.8779599999999999,
  "gcor": 0.0217226,
  "gsr_x": -0.01277602557092905,
  "gsr_y": 0.04142234846949577,
  "provenance": {
    "md5sum": "70f357f14b691cc78ae7ac134fce2fd4",
    "settings": {
      "fd_thres": 0.2,
      "testing": false
    },
    "software": "mriqc",
    "version": "23.0.1",
    "webapi_port": null,
    "webapi_url": "https://mriqc.nimh.nih.gov/api/v1"
  },
  "size_t": 688,
  "size_x": 64,
  "size_y": 64,
  "size_z": 30,
  "snr": 3.9747664869749513,
  "spacing_tr": 2.0,
  "spacing_x": 3.5,
  "spacing_y": 3.5,
  "spacing_z": 5.0,
  "summary_bg_k": 48.278242255587735,
  "summary_bg_mad": 3.708660359821632,
  "summary_bg_mean": 24.34698486328125,
  "summary_bg_median": 11.655523300170898,
  "summary_bg_n": 82948.0,
  "summary_bg_p05": 8.704941749572754,
  "summary_bg_p95": 82.22376365661619,
  "summary_bg_stdv": 39.044795989990234,
  "summary_fg_k": 1.0723337073876067,
  "summary_fg_mad": 111.68757239207042,
  "summary_fg_mean": 513.0888671875,
  "summary_fg_median": 499.5501403808594,
  "summary_fg_n": 13796.0,
  "summary_fg_p05": 329.952392578125,
  "summary_fg_p95": 743.7987060546875,
  "summary_fg_stdv": 125.67581939697266,
  "tsnr": 54.32503007957712
}