{
  "aor": 0.0009828310502283106,
  "aqi": 0.004040219436834094,
  "bids_meta": {
    "AcquisitionDateTime": "20150605134224.192500",
    "ConversionSoftware": "dicm2nii.m 20190112",
    "DeviceSerialNumber": "35353",
    "EchoTime": 0.033,
    "EffectiveEchoSpacing": 0.00059000113,
    "FlipAngle": 90,
    "ImageType": [
      "ORIGINAL",
      "PRIMARY",
      "M",
      "ND",
      "MOSAIC"
    ],
    "InstitutionAddress": "De Pintelaan 185,Gent /88C96F/,District,BE,9000",
    "InstitutionName": "UZ",
    "MRAcquisitionType": "2D",
    "Manufacturer": "SIEMENS",
    "Modality": "MR",
    "PatientAge": "028Y",
    "PatientPosition": "HFS",
    "PatientSex": "F",
    "PatientWeight": 77,
    "PhaseEncodingDirection": "j-",
    "RepetitionTime": 2,
    "ScanOptions": "FS",
    "ScanningSequence": "EP",
    "SequenceName": "*epfid2d1_64",
    "SequenceVariant": "SK",
    "SeriesDescription": "ep2d_bold",
    "SeriesNumber": 6,
    "SliceThickness": 4,
    "SliceTiming": [
      1.005,
      0,
      1.07,
      0.0675,
      1.1375,
      0.135,
      1.205,
      0.2,
      1.2725,
      0.2675,
      1.34,
      0.335,
      1.405,
      0.4025,
      1.4725,
      0.47,
      1.54,
      0.535,
      1.6075,
      0.6025,
      1.6725,
      0.67,
      1.74,
      0.7375,
      1.8075,
      0.8025,
      1.875,
      0.87,
      1.94,
      0.9375
    ],
    "SoftwareVersion": "syngo MR B17",
    "TaskName": "flanker",
    "TotalReadoutTime": 0.037170071,
    "dataset": "ds001751",
    "modality": "bold",
    "run_id": 2,
    "subject_id": "15",
    "task_id": "flanker"
  },
  "dummy_trs": 2,
  "dvars_nstd": 22.985310577911584,
  "dvars_std": 1.2663791774695143,
  "dvars_vstd": 0.9564554148780495,
  "efc": 0.4709861034540487,
  "fber": 1565.9188232421875,
  "fd_mean": 0.17648161092393538,
  "fd_num": 197,
  "fd_perc": 29.984779299847794,
  "fwhm_avg": 2.778985714285714,
  "fwhm_x": 2.8049885714285714,
  "fwhm_y": 2.8588285714285715,
  "fwhm_z": 2.67314,
  "gcor": 0.051907,
  "gsr_x": -0.011701823212206364,
  "gsr_y": 0.05705142766237259,
  "provenance": {
    "md5sum": "7c57d80ffe7ad5473a8ef0d24c0fb029",
    "settings": {
      "fd_thres": 0.2,
      "testing": false
    },
    "software": "mriqc",
    "version": "23.0.1",
    "webapi_port": null,
    "webapi_url": "https://mriqc.nimh.nih.gov/api/v1"
  },
  "size_t": 657,
  "size_x": 64,
  "size_y": 64,
  "size_z": 30,
  "snr": 2.523438493361164,
  "spacing_tr": 2.0,
  "spacing_x": 3.5,
  "spacing_y": 3.5,
  "spacing_z": 5.0,
  "summary_bg_k": 42.65820159038232,
  "summary_bg_mad": 6.1560718652368855,
  "summary_bg_mean": 30.880836486816406,
  "summary_bg_median": 14.686453819274902,
  "summary_bg_n": 75795.0,
  "summary_bg_p05": 10.109589576721191,
  "summary_bg_p95": 112.07184143066416,
  "summary_bg_stdv": 46.73027801513672,
  "summary_fg_k": 5.264920481085332,
  "summary_fg_mad": 193.6679914814684,
  "summary_fg_mean": 629.295166015625,
  "summary_fg_median": 587.67578125,
  "summary_fg_n": 18603.0,
  "summary_fg_p05": 344.48204650878904,
  "summary_fg_p95": 1058.3275024414054,
  "summary_fg_stdv": 232.88064575195312,
  "tsnr": 64.8346105730161
}