{
  "aor": 0.001140288753799392,
  "aqi": 0.003131479767477204,
  "bids_meta": {
    "AcquisitionDateTime": "20150612130738.932500",
    "ConversionSoftware": "dicm2nii.m 20190112",
    "DeviceSerialNumber": "35353",
    "EchoTime": 0.033,
    "EffectiveEchoSpacing": 0.00059000113,
    "FlipAngle": 90,
    "ImageType": [
      "ORIGINAL",
      "PRIMARY",
      "M",
      "ND",
      "MOSAIC"
    ],
    "InstitutionAddress": "De Pintelaan 185,Gent /88C96F/,District,BE,9000",
    "InstitutionName": "UZ",
    "MRAcquisitionType": "2D",
    "Manufacturer": "SIEMENS",
    "Modality": "MR",
    "PatientAge": "024Y",
    "PatientPosition": "HFS",
    "PatientSex": "F",
    "PatientWeight": 59,
    "PhaseEncodingDirection": "j-",
    "RepetitionTime": 2,
    "ScanOptions": "FS",
    "ScanningSequence": "EP",
    "SequenceName": "*epfid2d1_64",
    "SequenceVariant": "SK",
    "SeriesDescription": "ep2d_bold",
    "SeriesNumber": 5,
    "SliceThickness": 4,
    "SliceTiming": [
      1.0025,
      0,
      1.07,
      0.0675,
      1.1375,
      0.1325,
      1.205,
      0.2,
      1.27,
      0.2675,
      1.3375,
      0.335,
      1.405,
      0.4,
      1.4725,
      0.4675,
      1.5375,
      0.535,
      1.605,
      0.6025,
      1.6725,
      0.67,
      1.74,
      0.735,
      1.8075,
      0.8025,
      1.8725,
      0.87,
      1.94,
      0.9375
    ],
    "SoftwareVersion": "syngo MR B17",
    "TaskName": "flanker",
    "TotalReadoutTime": 0.037170071,
    "dataset": "ds001751",
    "modality": "bold",
    "run_id": 1,
    "subject_id": "14",
    "task_id": "flanker"
  },
  "dummy_trs": 2,
  "dvars_nstd": 17.555311650091333,
  "dvars_std": 1.222597911019787,
  "dvars_vstd": 0.9627562715829515,
  "efc": 0.4414130415754347,
  "fber": 2071.76171875,
  "fd_mean": 0.16365065303213217,
  "fd_num": 175,
  "fd_perc": 26.595744680851062,
  "fwhm_avg": 2.6725619047619045,
  "fwhm_x": 2.7661314285714282,
  "fwhm_y": 2.8152942857142853,
  "fwhm_z": 2.43626,
  "gcor": 0.0375282,
  "gsr_x": -0.01443134993314743,
  "gsr_y": 0.044275037944316864,
  "provenance": {
    "md5sum": "280c18e2ce230af2e965ef3efeeca7f9",
    "settings": {
      "fd_thres": 0.2,
      "testing": false
    },
    "software": "mriqc",
    "version": "23.0.1",
    "webapi_port": null,
    "webapi_url": "https://mriqc.nimh.nih.gov/api/v1"
  },
  "size_t": 658,
  "size_x": 64,
  "size_y": 64,
  "size_z": 30,
  "snr": 2.95724206562468,
  "spacing_tr": 2.0,
  "spacing_x": 3.5,
  "spacing_y": 3.5,
  "spacing_z": 5.0,
  "summary_bg_k": 34.219400405967384,
  "summary_bg_mad": 4.783533394609484,
  "summary_bg_mean": 26.805089950561523,
  "summary_bg_median": 12.996960639953613,
  "summary_bg_n": 80218.0,
  "summary_bg_p05": 9.35714340209961,
  "summary_bg_p95": 97.11147270202629,
  "summary_bg_stdv": 39.63679122924805,
  "summary_fg_k": 1.2474651714982627,
  "summary_fg_mad": 182.43441111608786,
  "summary_fg_mean": 620.572265625,
  "summary_fg_median": 590.4954223632812,
  "summary_fg_n": 15557.0,
  "summary_fg_p05": 352.5389038085938,
  "summary_fg_p95": 1000.463232421875,
  "summary_fg_stdv": 199.67132568359375,
  "tsnr": 79.79080327786505
}