{
  "aor": 0.000981993720565149,
  "aqi": 0.0022820675667189956,
  "bids_meta": {
    "AcquisitionDateTime": "20150612133008.800000",
    "ConversionSoftware": "dicm2nii.m 20190112",
    "DeviceSerialNumber": "35353",
    "EchoTime": 0.033,
    "EffectiveEchoSpacing": 0.00059000113,
    "FlipAngle": 90,
    "ImageType": [
      "ORIGINAL",
      "PRIMARY",
      "M",
      "ND",
      "MOSAIC"
    ],
    "InstitutionAddress": "De Pintelaan 185,Gent /88C96F/,District,BE,9000",
    "InstitutionName": "UZ",
    "MRAcquisitionType": "2D",
    "Manufacturer": "SIEMENS",
    "Modality": "MR",
    "PatientAge": "024Y",
    "PatientPosition": "HFS",
    "PatientSex": "F",
    "PatientWeight": 59,
    "PhaseEncodingDirection": "j-",
    "RepetitionTime": 2,
    "ScanOptions": "FS",
    "ScanningSequence": "EP",
    "SequenceName": "*epfid2d1_64",
    "SequenceVariant": "SK",
    "SeriesDescription": "ep2d_bold",
    "SeriesNumber": 6,
    "SliceThickness": 4,
    "SliceTiming": [
      1.005,
      0,
      1.0725,
      0.0675,
      1.1375,
      0.135,
      1.205,
      0.2025,
      1.2725,
      0.2675,
      1.34,
      0.335,
      1.405,
      0.4025,
      1.4725,
      0.47,
      1.54,
      0.535,
      1.6075,
      0.6025,
      1.6725,
      0.67,
      1.74,
      0.7375,
      1.8075,
      0.805,
      1.875,
      0.87,
      1.9425,
      0.9375
    ],
    "SoftwareVersion": "syngo MR B17",
    "TaskName": "flanker",
    "TotalReadoutTime": 0.037170071,
    "dataset": "ds001751",
    "modality": "bold",
    "run_id": 2,
    "subject_id": "14",
    "task_id": "flanker"
  },
  "dummy_trs": 0,
  "dvars_nstd": 16.74746654937105,
  "dvars_std": 1.2567745690566026,
  "dvars_vstd": 0.9779151573584901,
  "efc": 0.4426673247709881,
  "fber": 2029.452880859375,
  "fd_mean": 0.15815412786952218,
  "fd_num": 165,
  "fd_perc": 25.90266875981162,
  "fwhm_avg": 2.7368161904761905,
  "fwhm_x": 2.851985714285714,
  "fwhm_y": 2.863342857142857,
  "fwhm_z": 2.49512,
  "gcor": 0.036288,
  "gsr_x": -0.014925720170140266,
  "gsr_y": 0.04698624834418297,
  "provenance": {
    "md5sum": "aac1951f7c7aea7121256c8a8d52d2aa",
    "settings": {
      "fd_thres": 0.2,
      "testing": false
    },
    "software": "mriqc",
    "version": "23.0.1",
    "webapi_port": null,
    "webapi_url": "https://mriqc.nimh.nih.gov/api/v1"
  },
  "size_t": 637,
  "size_x": 64,
  "size_y": 64,
  "size_z": 30,
  "snr": 2.876585474927374,
  "spacing_tr": 2.0,
  "spacing_x": 3.5,
  "spacing_y": 3.5,
  "spacing_z": 5.0,
  "summary_bg_k": 32.03249401937715,
  "summary_bg_mad": 4.84115062064184,
  "summary_bg_mean": 27.49030876159668,
  "summary_bg_median": 13.141287803649902,
  "summary_bg_n": 80155.0,
  "summary_bg_p05": 9.549450874328613,
  "summary_bg_p95": 101.82245178222676,
  "summary_bg_stdv": 40.43558883666992,
  "summary_fg_k": 1.582182523080352,
  "summary_fg_mad": 185.64412185158554,
  "summary_fg_mean": 623.3253784179688,
  "summary_fg_median": 591.0628051757812,
  "summary_fg_n": 15597.0,
  "summary_fg_p05": 352.0587097167969,
  "summary_fg_p95": 1012.596899414062,
  "summary_fg_stdv": 205.4671630859375,
  "tsnr": 84.31685064733028
}