{
  "bids_meta": {
    "AcquisitionDateTime": "20150605155053.200000",
    "ConversionSoftware": "dicm2nii.m 20190112",
    "DeviceSerialNumber": "35353",
    "EchoTime": 0.00418,
    "FlipAngle": 9,
    "ImageType": [
      "ORIGINAL",
      "PRIMARY",
      "M",
      "ND",
      "NORM"
    ],
    "InstitutionAddress": "De Pintelaan 185,Gent /88C96F/,District,BE,9000",
    "InstitutionName": "UZ",
    "InversionTime": 0.9,
    "MRAcquisitionType": "3D",
    "Manufacturer": "SIEMENS",
    "Modality": "MR",
    "PatientAge": "021Y",
    "PatientPosition": "HFS",
    "PatientSex": "F",
    "PatientWeight": 65,
    "PhaseEncodingDirection": "j-",
    "RepetitionTime": 2.25,
    "ScanOptions": "IR",
    "ScanningSequence": "GR\\IR",
    "SequenceName": "*tfl3d1_ns",
    "SequenceVariant": "SP\\MP",
    "SeriesDescription": "T1_mprage",
    "SeriesNumber": 2,
    "SliceThickness": 1,
    "SoftwareVersion": "syngo MR B17",
    "dataset": "ds001751",
    "modality": "T1w",
    "subject_id": "07"
  },
  "cjv": 0.30428473391570504,
  "cnr": 4.324223050005749,
  "efc": 0.4758968832306981,
  "fber": 12486.699732302202,
  "fwhm_avg": 3.9653500000000004,
  "fwhm_x": 3.95899,
  "fwhm_y": 4.14947,
  "fwhm_z": 3.78759,
  "icvs_csf": 0.20085063544543846,
  "icvs_gm": 0.48062940372710394,
  "icvs_wm": 0.3185199608274576,
  "inu_med": 0.5855076909065247,
  "inu_range": 0.2634519219398498,
  "provenance": {
    "md5sum": "74c32c59d1d33a0a4fc9f45ae36d03e1",
    "settings": {
      "testing": false
    },
    "software": "mriqc",
    "version": "23.0.1",
    "warnings": {
      "large_rot_frame": true,
      "small_air_mask": false
    },
    "webapi_port": null,
    "webapi_url": "https://mriqc.nimh.nih.gov/api/v1"
  },
  "qi_1": 0.0,
  "qi_2": 0.01505556587521637,
  "rpve_csf": 26.327724160117654,
  "rpve_gm": 12.069589591415548,
  "rpve_wm": 19.839857176747238,
  "size_x": 176,
  "size_y": 256,
  "size_z": 256,
  "snr_csf": 1.8234772567493684,
  "snr_gm": 12.301527256282833,
  "snr_total": 12.85734176186728,
  "snr_wm": 24.447020772569637,
  "snrd_csf": 31.30634287429196,
  "snrd_gm": 94.84532934713965,
  "snrd_total": 87.40433815175668,
  "snrd_wm": 136.06134223383836,
  "spacing_x": 1.0,
  "spacing_y": 1.0,
  "spacing_z": 1.0,
  "summary_bg_k": 9.257368487666444,
  "summary_bg_mad": 0.0,
  "summary_bg_mean": 3.5694480752128457,
  "summary_bg_median": 0.0,
  "summary_bg_n": 3258530.0,
  "summary_bg_p05": 0.0,
  "summary_bg_p95": 12.459858745336533,
  "summary_bg_stdv": 4.8150076391234915,
  "summary_csf_k": 2.023214543118459,
  "summary_csf_mad": 117.55121676416172,
  "summary_csf_mean": 238.22364718814794,
  "summary_csf_median": 230.08991729468107,
  "summary_csf_n": 32309.0,
  "summary_csf_p05": 50.09633928537369,
  "summary_csf_p95": 466.5639065444468,
  "summary_csf_stdv": 126.17999793758473,
  "summary_gm_k": 0.37576454317765595,
  "summary_gm_mad": 54.41921456518301,
  "summary_gm_mean": 694.7748274609572,
  "summary_gm_median": 697.0777159407735,
  "summary_gm_n": 50883.0,
  "summary_gm_p05": 598.943483106047,
  "summary_gm_p95": 784.0719358921051,
  "summary_gm_stdv": 56.66539215621182,
  "summary_wm_k": 0.7278238710053371,
  "summary_wm_mad": 37.75541307978139,
  "summary_wm_mean": 1000.0415649240082,
  "summary_wm_median": 1000.0000034272671,
  "summary_wm_n": 159446.0,
  "summary_wm_p05": 933.0443191900849,
  "summary_wm_p95": 1066.8914615884423,
  "summary_wm_stdv": 40.90465160836535,
  "tpm_overlap_csf": 0.1460950659632455,
  "tpm_overlap_gm": 0.4944095474037793,
  "tpm_overlap_wm": 0.5048372519379193,
  "wm2max": 0.5845691758963769
}