{
  "aor": 0.002263601756954612,
  "aqi": 0.010329842679355784,
  "bids_meta": {
    "AcquisitionDateTime": "20150607183739.315000",
    "ConversionSoftware": "dicm2nii.m 20190112",
    "DeviceSerialNumber": "35353",
    "EchoTime": 0.033,
    "EffectiveEchoSpacing": 0.00059000113,
    "FlipAngle": 90,
    "ImageType": [
      "ORIGINAL",
      "PRIMARY",
      "M",
      "ND",
      "MOSAIC"
    ],
    "InstitutionAddress": "De Pintelaan 185,Gent /88C96F/,District,BE,9000",
    "InstitutionName": "UZ",
    "MRAcquisitionType": "2D",
    "Manufacturer": "SIEMENS",
    "Modality": "MR",
    "PatientAge": "023Y",
    "PatientPosition": "HFS",
    "PatientSex": "F",
    "PatientWeight": 72,
    "PhaseEncodingDirection": "j-",
    "RepetitionTime": 2,
    "ScanOptions": "FS",
    "ScanningSequence": "EP",
    "SequenceName": "*epfid2d1_64",
    "SequenceVariant": "SK",
    "SeriesDescription": "ep2d_bold",
    "SeriesNumber": 5,
    "SliceThickness": 4,
    "SliceTiming": [
      1.005,
      0,
      1.07,
      0.0675,
      1.1375,
      0.135,
      1.205,
      0.2,
      1.2725,
      0.2675,
      1.3375,
      0.335,
      1.405,
      0.4025,
      1.4725,
      0.4675,
      1.54,
      0.535,
      1.6075,
      0.6025,
      1.6725,
      0.67,
      1.74,
      0.7375,
      1.8075,
      0.8025,
      1.875,
      0.87,
      1.94,
      0.9375
    ],
    "SoftwareVersion": "syngo MR B17",
    "TaskName": "flanker",
    "TotalReadoutTime": 0.037170071,
    "dataset": "ds001751",
    "modality": "bold",
    "run_id": 1,
    "subject_id": "06",
    "task_id": "flanker"
  },
  "dummy_trs": 0,
  "dvars_nstd": 16.955774375806442,
  "dvars_std": 1.0427639936217017,
  "dvars_vstd": 0.8916722370967728,
  "efc": 0.4600770786214219,
  "fber": 1624.0821533203125,
  "fd_mean": 0.11139954557023664,
  "fd_num": 66,
  "fd_perc": 9.66325036603221,
  "fwhm_avg": 2.547504761904762,
  "fwhm_x": 2.5911857142857144,
  "fwhm_y": 2.7035685714285718,
  "fwhm_z": 2.34776,
  "gcor": 0.015697,
  "gsr_x": -0.02093617618083954,
  "gsr_y": 0.06739263981580734,
  "provenance": {
    "md5sum": "e6e4299c7362838897b8d3f238866ca9",
    "settings": {
      "fd_thres": 0.2,
      "testing": false
    },
    "software": "mriqc",
    "version": "23.0.1",
    "webapi_port": null,
    "webapi_url": "https://mriqc.nimh.nih.gov/api/v1"
  },
  "size_t": 683,
  "size_x": 64,
  "size_y": 64,
  "size_z": 30,
  "snr": 3.350081882915514,
  "spacing_tr": 2.0,
  "spacing_x": 3.5,
  "spacing_y": 3.5,
  "spacing_z": 5.0,
  "summary_bg_k": 32.3348215830185,
  "summary_bg_mad": 5.279191413971409,
  "summary_bg_mean": 29.37411117553711,
  "summary_bg_median": 13.581258773803711,
  "summary_bg_n": 80669.0,
  "summary_bg_p05": 9.600293159484863,
  "summary_bg_p95": 111.70483398437463,
  "summary_bg_stdv": 43.31499099731445,
  "summary_fg_k": 0.8026182226693845,
  "summary_fg_mad": 149.37706002077482,
  "summary_fg_mean": 574.1546020507812,
  "summary_fg_median": 555.00732421875,
  "summary_fg_n": 15138.0,
  "summary_fg_p05": 328.44239807128906,
  "summary_fg_p95": 875.6734405517578,
  "summary_fg_stdv": 165.664306640625,
  "tsnr": 42.346520324237645
}