{
  "aor": 0.0021943797856049004,
  "aqi": 0.004941007274119448,
  "bids_meta": {
    "AcquisitionDateTime": "20150607190107.920000",
    "ConversionSoftware": "dicm2nii.m 20190112",
    "DeviceSerialNumber": "35353",
    "EchoTime": 0.033,
    "EffectiveEchoSpacing": 0.00059000113,
    "FlipAngle": 90,
    "ImageType": [
      "ORIGINAL",
      "PRIMARY",
      "M",
      "ND",
      "MOSAIC"
    ],
    "InstitutionAddress": "De Pintelaan 185,Gent /88C96F/,District,BE,9000",
    "InstitutionName": "UZ",
    "MRAcquisitionType": "2D",
    "Manufacturer": "SIEMENS",
    "Modality": "MR",
    "PatientAge": "023Y",
    "PatientPosition": "HFS",
    "PatientSex": "F",
    "PatientWeight": 72,
    "PhaseEncodingDirection": "j-",
    "RepetitionTime": 2,
    "ScanOptions": "FS",
    "ScanningSequence": "EP",
    "SequenceName": "*epfid2d1_64",
    "SequenceVariant": "SK",
    "SeriesDescription": "ep2d_bold",
    "SeriesNumber": 6,
    "SliceThickness": 4,
    "SliceTiming": [
      1.0025,
      0,
      1.07,
      0.0675,
      1.1375,
      0.1325,
      1.205,
      0.2,
      1.27,
      0.2675,
      1.3375,
      0.335,
      1.405,
      0.4,
      1.4725,
      0.4675,
      1.54,
      0.535,
      1.605,
      0.6025,
      1.6725,
      0.67,
      1.74,
      0.735,
      1.8075,
      0.8025,
      1.8725,
      0.87,
      1.94,
      0.9375
    ],
    "SoftwareVersion": "syngo MR B17",
    "TaskName": "flanker",
    "TotalReadoutTime": 0.037170071,
    "dataset": "ds001751",
    "modality": "bold",
    "run_id": 2,
    "subject_id": "06",
    "task_id": "flanker"
  },
  "dummy_trs": 1,
  "dvars_nstd": 18.03718551539877,
  "dvars_std": 1.1677595009202448,
  "dvars_vstd": 0.941930811901841,
  "efc": 0.4610786925440118,
  "fber": 1597.46337890625,
  "fd_mean": 0.11598834463732438,
  "fd_num": 75,
  "fd_perc": 11.485451761102603,
  "fwhm_avg": 2.577132380952381,
  "fwhm_x": 2.610325714285714,
  "fwhm_y": 2.736591428571429,
  "fwhm_z": 2.38448,
  "gcor": 0.0389201,
  "gsr_x": -0.02261466719210148,
  "gsr_y": 0.06844993680715561,
  "provenance": {
    "md5sum": "18253489b0e927ad016b0be841b7e80c",
    "settings": {
      "fd_thres": 0.2,
      "testing": false
    },
    "software": "mriqc",
    "version": "23.0.1",
    "webapi_port": null,
    "webapi_url": "https://mriqc.nimh.nih.gov/api/v1"
  },
  "size_t": 653,
  "size_x": 64,
  "size_y": 64,
  "size_z": 30,
  "snr": 3.291800528424897,
  "spacing_tr": 2.0,
  "spacing_x": 3.5,
  "spacing_y": 3.5,
  "spacing_z": 5.0,
  "summary_bg_k": 33.73004292594495,
  "summary_bg_mad": 5.517188026355954,
  "summary_bg_mean": 30.509185791015625,
  "summary_bg_median": 13.819295883178711,
  "summary_bg_n": 80728.0,
  "summary_bg_p05": 9.715161323547363,
  "summary_bg_p95": 117.99732170104976,
  "summary_bg_stdv": 45.67869186401367,
  "summary_fg_k": 0.8715018489313016,
  "summary_fg_mad": 154.15999956912825,
  "summary_fg_mean": 580.3953247070312,
  "summary_fg_median": 560.3407592773438,
  "summary_fg_n": 15058.0,
  "summary_fg_p05": 332.6819412231445,
  "summary_fg_p95": 895.6594635009765,
  "summary_fg_stdv": 170.217529296875,
  "tsnr": 57.489299634005874
}