{
  "aor": 0.002481940740740741,
  "aqi": 0.005370810355555556,
  "bids_meta": {
    "AcquisitionDateTime": "20150612155513.230000",
    "ConversionSoftware": "dicm2nii.m 20190112",
    "DeviceSerialNumber": "35353",
    "EchoTime": 0.033,
    "EffectiveEchoSpacing": 0.00059000113,
    "FlipAngle": 90,
    "ImageType": [
      "ORIGINAL",
      "PRIMARY",
      "M",
      "ND",
      "MOSAIC"
    ],
    "InstitutionAddress": "De Pintelaan 185,Gent /88C96F/,District,BE,9000",
    "InstitutionName": "UZ",
    "MRAcquisitionType": "2D",
    "Manufacturer": "SIEMENS",
    "Modality": "MR",
    "PatientAge": "023Y",
    "PatientPosition": "HFS",
    "PatientSex": "F",
    "PatientWeight": 78,
    "PhaseEncodingDirection": "j-",
    "RepetitionTime": 2,
    "ScanOptions": "FS",
    "ScanningSequence": "EP",
    "SequenceName": "*epfid2d1_64",
    "SequenceVariant": "SK",
    "SeriesDescription": "ep2d_bold",
    "SeriesNumber": 6,
    "SliceThickness": 4,
    "SliceTiming": [
      1.005,
      0,
      1.0725,
      0.0675,
      1.14,
      0.135,
      1.205,
      0.2025,
      1.2725,
      0.27,
      1.34,
      0.335,
      1.4075,
      0.4025,
      1.4725,
      0.47,
      1.54,
      0.5375,
      1.6075,
      0.6025,
      1.675,
      0.67,
      1.74,
      0.7375,
      1.8075,
      0.805,
      1.875,
      0.87,
      1.9425,
      0.9375
    ],
    "SoftwareVersion": "syngo MR B17",
    "TaskName": "flanker",
    "TotalReadoutTime": 0.037170071,
    "dataset": "ds001751",
    "modality": "bold",
    "run_id": 2,
    "subject_id": "01",
    "task_id": "flanker"
  },
  "dummy_trs": 1,
  "dvars_nstd": 23.563639539080153,
  "dvars_std": 1.2157970651483672,
  "dvars_vstd": 0.9842980721958461,
  "efc": 0.42841690258014303,
  "fber": 2326.428466796875,
  "fd_mean": 0.25519755225407753,
  "fd_num": 380,
  "fd_perc": 56.2962962962963,
  "fwhm_avg": 2.4196685714285717,
  "fwhm_x": 2.473197142857143,
  "fwhm_y": 2.5963485714285715,
  "fwhm_z": 2.18946,
  "gcor": 0.0585388,
  "gsr_x": -0.01081518828868866,
  "gsr_y": 0.037777241319417953,
  "provenance": {
    "md5sum": "ccc6c50fb90bff6fc9c01afe6a7ebc41",
    "settings": {
      "fd_thres": 0.2,
      "testing": false
    },
    "software": "mriqc",
    "version": "23.0.1",
    "webapi_port": null,
    "webapi_url": "https://mriqc.nimh.nih.gov/api/v1"
  },
  "size_t": 675,
  "size_x": 64,
  "size_y": 64,
  "size_z": 30,
  "snr": 3.6020847956945365,
  "spacing_tr": 2.0,
  "spacing_x": 3.5,
  "spacing_y": 3.5,
  "spacing_z": 5.0,
  "summary_bg_k": 64.2208092469325,
  "summary_bg_mad": 3.529692065287364,
  "summary_bg_mean": 23.681921005249023,
  "summary_bg_median": 11.82370376586914,
  "summary_bg_n": 82903.0,
  "summary_bg_p05": 9.151110649108887,
  "summary_bg_p95": 80.41110916137691,
  "summary_bg_stdv": 36.67780685424805,
  "summary_fg_k": 1.4617514043195836,
  "summary_fg_mad": 145.9583154031514,
  "summary_fg_mean": 585.3184814453125,
  "summary_fg_median": 567.9392700195312,
  "summary_fg_n": 13599.0,
  "summary_fg_p05": 362.3927459716797,
  "summary_fg_p95": 866.1025268554688,
  "summary_fg_stdv": 157.66380310058594,
  "tsnr": 54.223781697568484
}