{
  "aor": 0.0077621913580246905,
  "aqi": 0.006880294969135802,
  "bids_meta": {
    "AcquisitionDateTime": "20150612153254.365000",
    "ConversionSoftware": "dicm2nii.m 20190112",
    "DeviceSerialNumber": "35353",
    "EchoTime": 0.033,
    "EffectiveEchoSpacing": 0.00059000113,
    "FlipAngle": 90,
    "ImageType": [
      "ORIGINAL",
      "PRIMARY",
      "M",
      "ND",
      "MOSAIC"
    ],
    "InstitutionAddress": "De Pintelaan 185,Gent /88C96F/,District,BE,9000",
    "InstitutionName": "UZ",
    "MRAcquisitionType": "2D",
    "Manufacturer": "SIEMENS",
    "Modality": "MR",
    "PatientAge": "023Y",
    "PatientPosition": "HFS",
    "PatientSex": "F",
    "PatientWeight": 78,
    "PhaseEncodingDirection": "j-",
    "RepetitionTime": 2,
    "ScanOptions": "FS",
    "ScanningSequence": "EP",
    "SequenceName": "*epfid2d1_64",
    "SequenceVariant": "SK",
    "SeriesDescription": "ep2d_bold",
    "SeriesNumber": 5,
    "SliceThickness": 4,
    "SliceTiming": [
      1.0025,
      0,
      1.07,
      0.0675,
      1.1375,
      0.1325,
      1.205,
      0.2,
      1.27,
      0.2675,
      1.3375,
      0.335,
      1.405,
      0.4,
      1.4725,
      0.4675,
      1.5375,
      0.535,
      1.605,
      0.6025,
      1.6725,
      0.6675,
      1.74,
      0.735,
      1.805,
      0.8025,
      1.8725,
      0.87,
      1.94,
      0.935
    ],
    "SoftwareVersion": "syngo MR B17",
    "TaskName": "flanker",
    "TotalReadoutTime": 0.037170071,
    "dataset": "ds001751",
    "modality": "bold",
    "run_id": 1,
    "subject_id": "01",
    "task_id": "flanker"
  },
  "dummy_trs": 0,
  "dvars_nstd": 18.712232404126734,
  "dvars_std": 1.1967618521174646,
  "dvars_vstd": 1.0080033327820717,
  "efc": 0.42740705751694263,
  "fber": 2297.07666015625,
  "fd_mean": 0.19512518728883035,
  "fd_num": 270,
  "fd_perc": 41.666666666666664,
  "fwhm_avg": 2.370699047619048,
  "fwhm_x": 2.4174800000000003,
  "fwhm_y": 2.556557142857143,
  "fwhm_z": 2.1380600000000003,
  "gcor": 0.0268191,
  "gsr_x": -0.009773826226592064,
  "gsr_y": 0.03685765340924263,
  "provenance": {
    "md5sum": "c499b7ee139f3186b6e312c85a45edc8",
    "settings": {
      "fd_thres": 0.2,
      "testing": false
    },
    "software": "mriqc",
    "version": "23.0.1",
    "webapi_port": null,
    "webapi_url": "https://mriqc.nimh.nih.gov/api/v1"
  },
  "size_t": 648,
  "size_x": 64,
  "size_y": 64,
  "size_z": 30,
  "snr": 3.6064060095597177,
  "spacing_tr": 2.0,
  "spacing_x": 3.5,
  "spacing_y": 3.5,
  "spacing_z": 5.0,
  "summary_bg_k": 67.23158106329981,
  "summary_bg_mad": 3.5738035307538034,
  "summary_bg_mean": 22.86248016357422,
  "summary_bg_median": 11.731481552124023,
  "summary_bg_n": 82894.0,
  "summary_bg_p05": 8.824073791503906,
  "summary_bg_p95": 75.75108146667478,
  "summary_bg_stdv": 34.733333587646484,
  "summary_fg_k": 1.5906150393762255,
  "summary_fg_mad": 144.29749143969056,
  "summary_fg_mean": 579.0420532226562,
  "summary_fg_median": 561.9120483398438,
  "summary_fg_n": 13633.0,
  "summary_fg_p05": 359.6783935546875,
  "summary_fg_p95": 851.5040405273436,
  "summary_fg_stdv": 155.8037109375,
  "tsnr": 54.77391958236694
}