{
  "aor": 0.0006769488817891374,
  "aqi": 0.0032403402236421725,
  "bids_meta": {
    "AcquisitionDateTime": "20150605145320.862500",
    "ConversionSoftware": "dicm2nii.m 20190112",
    "DeviceSerialNumber": "35353",
    "EchoTime": 0.033,
    "EffectiveEchoSpacing": 0.00059000113,
    "FlipAngle": 90,
    "ImageType": [
      "ORIGINAL",
      "PRIMARY",
      "M",
      "ND",
      "MOSAIC"
    ],
    "InstitutionAddress": "De Pintelaan 185,Gent /88C96F/,District,BE,9000",
    "InstitutionName": "UZ",
    "MRAcquisitionType": "2D",
    "Manufacturer": "SIEMENS",
    "Modality": "MR",
    "PatientAge": "022Y",
    "PatientPosition": "HFS",
    "PatientSex": "F",
    "PatientWeight": 74,
    "PhaseEncodingDirection": "j-",
    "RepetitionTime": 2,
    "ScanOptions": "FS",
    "ScanningSequence": "EP",
    "SequenceName": "*epfid2d1_64",
    "SequenceVariant": "SK",
    "SeriesDescription": "ep2d_bold",
    "SeriesNumber": 6,
    "SliceThickness": 4,
    "SliceTiming": [
      1.005,
      0,
      1.0725,
      0.0675,
      1.1375,
      0.135,
      1.205,
      0.2025,
      1.2725,
      0.2675,
      1.34,
      0.335,
      1.405,
      0.4025,
      1.4725,
      0.47,
      1.54,
      0.535,
      1.6075,
      0.6025,
      1.675,
      0.67,
      1.74,
      0.7375,
      1.8075,
      0.805,
      1.875,
      0.87,
      1.9425,
      0.9375
    ],
    "SoftwareVersion": "syngo MR B17",
    "TaskName": "flanker",
    "TotalReadoutTime": 0.037170071,
    "dataset": "ds001751",
    "modality": "bold",
    "run_id": 2,
    "subject_id": "08",
    "task_id": "flanker"
  },
  "dummy_trs": 3,
  "dvars_nstd": 23.351168228176018,
  "dvars_std": 1.2954485198079992,
  "dvars_vstd": 0.9628216643200002,
  "efc": 0.45248232106983877,
  "fber": 1662.712890625,
  "fd_mean": 0.146487378469258,
  "fd_num": 113,
  "fd_perc": 18.05111821086262,
  "fwhm_avg": 2.5680685714285714,
  "fwhm_x": 2.6389314285714285,
  "fwhm_y": 2.6760542857142857,
  "fwhm_z": 2.38922,
  "gcor": 0.034256,
  "gsr_x": -0.010725242085754871,
  "gsr_y": 0.03807695955038071,
  "provenance": {
    "md5sum": "2a09e295710bfb4e39aaf7f1ce9e4286",
    "settings": {
      "fd_thres": 0.2,
      "testing": false
    },
    "software": "mriqc",
    "version": "23.0.1",
    "webapi_port": null,
    "webapi_url": "https://mriqc.nimh.nih.gov/api/v1"
  },
  "size_t": 626,
  "size_x": 64,
  "size_y": 64,
  "size_z": 30,
  "snr": 2.6967884775943523,
  "spacing_tr": 2.0,
  "spacing_x": 3.5,
  "spacing_y": 3.5,
  "spacing_z": 5.0,
  "summary_bg_k": 44.44582110683763,
  "summary_bg_mad": 5.5988362308826884,
  "summary_bg_mean": 27.789817810058594,
  "summary_bg_median": 13.99840259552002,
  "summary_bg_n": 78810.0,
  "summary_bg_p05": 9.916933059692383,
  "summary_bg_p95": 91.70598754882816,
  "summary_bg_stdv": 41.459678649902344,
  "summary_fg_k": 2.0335574816303614,
  "summary_fg_mad": 182.7247962796123,
  "summary_fg_mean": 617.8109741210938,
  "summary_fg_median": 579.21484375,
  "summary_fg_n": 16544.0,
  "summary_fg_p05": 349.0468017578125,
  "summary_fg_p95": 1040.4696533203119,
  "summary_fg_stdv": 214.7729949951172,
  "tsnr": 67.08631652360782
}