{
  "aor": 0.0010445348837209302,
  "aqi": 0.003212096777616279,
  "bids_meta": {
    "AcquisitionDateTime": "20150605142958.955000",
    "ConversionSoftware": "dicm2nii.m 20190112",
    "DeviceSerialNumber": "35353",
    "EchoTime": 0.033,
    "EffectiveEchoSpacing": 0.00059000113,
    "FlipAngle": 90,
    "ImageType": [
      "ORIGINAL",
      "PRIMARY",
      "M",
      "ND",
      "MOSAIC"
    ],
    "InstitutionAddress": "De Pintelaan 185,Gent /88C96F/,District,BE,9000",
    "InstitutionName": "UZ",
    "MRAcquisitionType": "2D",
    "Manufacturer": "SIEMENS",
    "Modality": "MR",
    "PatientAge": "022Y",
    "PatientPosition": "HFS",
    "PatientSex": "F",
    "PatientWeight": 74,
    "PhaseEncodingDirection": "j-",
    "RepetitionTime": 2,
    "ScanOptions": "FS",
    "ScanningSequence": "EP",
    "SequenceName": "*epfid2d1_64",
    "SequenceVariant": "SK",
    "SeriesDescription": "ep2d_bold",
    "SeriesNumber": 5,
    "SliceThickness": 4,
    "SliceTiming": [
      1.0025,
      0,
      1.07,
      0.0675,
      1.1375,
      0.1325,
      1.205,
      0.2,
      1.27,
      0.2675,
      1.3375,
      0.335,
      1.405,
      0.4,
      1.4725,
      0.4675,
      1.54,
      0.535,
      1.605,
      0.6025,
      1.6725,
      0.67,
      1.74,
      0.735,
      1.8075,
      0.8025,
      1.8725,
      0.87,
      1.94,
      0.9375
    ],
    "SoftwareVersion": "syngo MR B17",
    "TaskName": "flanker",
    "TotalReadoutTime": 0.037170071,
    "dataset": "ds001751",
    "modality": "bold",
    "run_id": 1,
    "subject_id": "08",
    "task_id": "flanker"
  },
  "dummy_trs": 0,
  "dvars_nstd": 21.110858343871925,
  "dvars_std": 1.2513436607714699,
  "dvars_vstd": 0.9539802807278016,
  "efc": 0.4515705662418557,
  "fber": 1714.380126953125,
  "fd_mean": 0.13616013057741438,
  "fd_num": 90,
  "fd_perc": 13.081395348837209,
  "fwhm_avg": 2.5835942857142857,
  "fwhm_x": 2.6254885714285714,
  "fwhm_y": 2.7184342857142854,
  "fwhm_z": 2.40686,
  "gcor": 0.0372513,
  "gsr_x": -0.009825543500483036,
  "gsr_y": 0.039028484374284744,
  "provenance": {
    "md5sum": "ba8c0f63525fbdef770a4dfb99937c6b",
    "settings": {
      "fd_thres": 0.2,
      "testing": false
    },
    "software": "mriqc",
    "version": "23.0.1",
    "webapi_port": null,
    "webapi_url": "https://mriqc.nimh.nih.gov/api/v1"
  },
  "size_t": 688,
  "size_x": 64,
  "size_y": 64,
  "size_z": 30,
  "snr": 2.722005033612375,
  "spacing_tr": 2.0,
  "spacing_x": 3.5,
  "spacing_y": 3.5,
  "spacing_z": 5.0,
  "summary_bg_k": 46.5830233632588,
  "summary_bg_mad": 5.32594690919688,
  "summary_bg_mean": 27.059612274169922,
  "summary_bg_median": 13.755086898803711,
  "summary_bg_n": 78784.0,
  "summary_bg_p05": 9.847383499145508,
  "summary_bg_p95": 87.8457134246826,
  "summary_bg_stdv": 40.18601608276367,
  "summary_fg_k": 1.968990747259073,
  "summary_fg_mad": 181.6284769114635,
  "summary_fg_mean": 613.8646240234375,
  "summary_fg_median": 576.0435791015625,
  "summary_fg_n": 16422.0,
  "summary_fg_p05": 347.9654083251953,
  "summary_fg_p95": 1029.7098693847654,
  "summary_fg_stdv": 211.6182861328125,
  "tsnr": 67.64595146849751
}