{
  "aor": 0.0025122546012269938,
  "aqi": 0.005279395306748466,
  "bids_meta": {
    "AcquisitionDateTime": "20150607110647.830000",
    "ConversionSoftware": "dicm2nii.m 20190112",
    "DeviceSerialNumber": "35353",
    "EchoTime": 0.033,
    "EffectiveEchoSpacing": 0.00059000113,
    "FlipAngle": 90,
    "ImageType": [
      "ORIGINAL",
      "PRIMARY",
      "M",
      "ND",
      "MOSAIC"
    ],
    "InstitutionAddress": "De Pintelaan 185,Gent /88C96F/,District,BE,9000",
    "InstitutionName": "UZ",
    "MRAcquisitionType": "2D",
    "Manufacturer": "SIEMENS",
    "Modality": "MR",
    "PatientAge": "023Y",
    "PatientPosition": "HFS",
    "PatientSex": "M",
    "PatientWeight": 85,
    "PhaseEncodingDirection": "j-",
    "RepetitionTime": 2,
    "ScanOptions": "FS",
    "ScanningSequence": "EP",
    "SequenceName": "*epfid2d1_64",
    "SequenceVariant": "SK",
    "SeriesDescription": "ep2d_bold",
    "SeriesNumber": 6,
    "SliceThickness": 4,
    "SliceTiming": [
      1.005,
      0,
      1.07,
      0.0675,
      1.1375,
      0.135,
      1.205,
      0.2,
      1.2725,
      0.2675,
      1.34,
      0.335,
      1.405,
      0.4025,
      1.4725,
      0.47,
      1.54,
      0.535,
      1.6075,
      0.6025,
      1.6725,
      0.67,
      1.74,
      0.7375,
      1.8075,
      0.8025,
      1.875,
      0.87,
      1.94,
      0.9375
    ],
    "SoftwareVersion": "syngo MR B17",
    "TaskName": "flanker",
    "TotalReadoutTime": 0.037170071,
    "dataset": "ds001751",
    "modality": "bold",
    "run_id": 2,
    "subject_id": "10",
    "task_id": "flanker"
  },
  "dummy_trs": 0,
  "dvars_nstd": 15.97999767751151,
  "dvars_std": 1.171620159569891,
  "dvars_vstd": 0.9779056581106002,
  "efc": 0.4823380943988791,
  "fber": 1324.8321533203125,
  "fd_mean": 0.09082848211927298,
  "fd_num": 20,
  "fd_perc": 3.067484662576687,
  "fwhm_avg": 2.3490428571428574,
  "fwhm_x": 2.33314,
  "fwhm_y": 2.5070485714285717,
  "fwhm_z": 2.2069400000000003,
  "gcor": 0.0531563,
  "gsr_x": 0.0014565852470695972,
  "gsr_y": 0.06062014400959015,
  "provenance": {
    "md5sum": "7a529f45f29a4ac40a0d4aae5b6d1b33",
    "settings": {
      "fd_thres": 0.2,
      "testing": false
    },
    "software": "mriqc",
    "version": "23.0.1",
    "webapi_port": null,
    "webapi_url": "https://mriqc.nimh.nih.gov/api/v1"
  },
  "size_t": 652,
  "size_x": 64,
  "size_y": 64,
  "size_z": 30,
  "snr": 3.2338201041994643,
  "spacing_tr": 2.0,
  "spacing_x": 3.5,
  "spacing_y": 3.5,
  "spacing_z": 5.0,
  "summary_bg_k": 20.37331393276502,
  "summary_bg_mad": 6.078214379311201,
  "summary_bg_mean": 34.46903991699219,
  "summary_bg_median": 14.32822036743164,
  "summary_bg_n": 78945.0,
  "summary_bg_p05": 9.6828218460083,
  "summary_bg_p95": 144.68681030273447,
  "summary_bg_stdv": 56.1170654296875,
  "summary_fg_k": 1.0643589805737266,
  "summary_fg_mad": 150.8729643954157,
  "summary_fg_mean": 544.9700927734375,
  "summary_fg_median": 522.522216796875,
  "summary_fg_n": 16516.0,
  "summary_fg_p05": 326.20589447021484,
  "summary_fg_p95": 843.1334228515625,
  "summary_fg_stdv": 161.57559204101562,
  "tsnr": 64.56403435906395
}