{
  "aor": 0.004546963746223565,
  "aqi": 0.012250307235649547,
  "bids_meta": {
    "AcquisitionDateTime": "20150607163258.132500",
    "ConversionSoftware": "dicm2nii.m 20190112",
    "DeviceSerialNumber": "35353",
    "EchoTime": 0.033,
    "EffectiveEchoSpacing": 0.00059000113,
    "FlipAngle": 90,
    "ImageType": [
      "ORIGINAL",
      "PRIMARY",
      "M",
      "ND",
      "MOSAIC"
    ],
    "InstitutionAddress": "De Pintelaan 185,Gent /88C96F/,District,BE,9000",
    "InstitutionName": "UZ",
    "MRAcquisitionType": "2D",
    "Manufacturer": "SIEMENS",
    "Modality": "MR",
    "PatientAge": "020Y",
    "PatientPosition": "HFS",
    "PatientSex": "F",
    "PatientWeight": 73,
    "PhaseEncodingDirection": "j-",
    "RepetitionTime": 2,
    "ScanOptions": "FS",
    "ScanningSequence": "EP",
    "SequenceName": "*epfid2d1_64",
    "SequenceVariant": "SK",
    "SeriesDescription": "ep2d_bold",
    "SeriesNumber": 6,
    "SliceThickness": 4,
    "SliceTiming": [
      1.005,
      0,
      1.07,
      0.0675,
      1.1375,
      0.135,
      1.205,
      0.2,
      1.2725,
      0.2675,
      1.3375,
      0.335,
      1.405,
      0.4025,
      1.4725,
      0.4675,
      1.54,
      0.535,
      1.605,
      0.6025,
      1.6725,
      0.67,
      1.74,
      0.735,
      1.8075,
      0.8025,
      1.875,
      0.87,
      1.94,
      0.9375
    ],
    "SoftwareVersion": "syngo MR B17",
    "TaskName": "flanker",
    "TotalReadoutTime": 0.037170071,
    "dataset": "ds001751",
    "modality": "bold",
    "run_id": 2,
    "subject_id": "12",
    "task_id": "flanker"
  },
  "dummy_trs": 0,
  "dvars_nstd": 26.23380229018154,
  "dvars_std": 0.9719330634493183,
  "dvars_vstd": 0.825366964750378,
  "efc": 0.4440224320101926,
  "fber": 1834.2684326171875,
  "fd_mean": 0.30096237465927417,
  "fd_num": 291,
  "fd_perc": 43.957703927492446,
  "fwhm_avg": 2.540148571428571,
  "fwhm_x": 2.5837542857142854,
  "fwhm_y": 2.7208714285714284,
  "fwhm_z": 2.31582,
  "gcor": 0.0305723,
  "gsr_x": -0.004147703759372234,
  "gsr_y": 0.03691129386425018,
  "provenance": {
    "md5sum": "b3af82317e7e1d7e6a44059d32624d36",
    "settings": {
      "fd_thres": 0.2,
      "testing": false
    },
    "software": "mriqc",
    "version": "23.0.1",
    "webapi_port": null,
    "webapi_url": "https://mriqc.nimh.nih.gov/api/v1"
  },
  "size_t": 662,
  "size_x": 64,
  "size_y": 64,
  "size_z": 30,
  "snr": 3.151455681389459,
  "spacing_tr": 2.0,
  "spacing_x": 3.5,
  "spacing_y": 3.5,
  "spacing_z": 5.0,
  "summary_bg_k": 57.53218976099642,
  "summary_bg_mad": 5.0177802920630405,
  "summary_bg_mean": 24.733016967773438,
  "summary_bg_median": 13.02945613861084,
  "summary_bg_n": 80428.0,
  "summary_bg_p05": 9.055891036987305,
  "summary_bg_p95": 78.49546813964827,
  "summary_bg_stdv": 36.8115234375,
  "summary_fg_k": 0.7588022110065964,
  "summary_fg_mad": 162.9720445727406,
  "summary_fg_mean": 588.7554321289062,
  "summary_fg_median": 562.5166015625,
  "summary_fg_n": 15163.0,
  "summary_fg_p05": 341.5702423095703,
  "summary_fg_p95": 930.5209838867185,
  "summary_fg_stdv": 178.4883270263672,
  "tsnr": 32.44785643229261
}