{
  "aor": 0.0065135403726708065,
  "aqi": 0.0053350218276397516,
  "bids_meta": {
    "AcquisitionDateTime": "20150607161034.015000",
    "ConversionSoftware": "dicm2nii.m 20190112",
    "DeviceSerialNumber": "35353",
    "EchoTime": 0.033,
    "EffectiveEchoSpacing": 0.00059000113,
    "FlipAngle": 90,
    "ImageType": [
      "ORIGINAL",
      "PRIMARY",
      "M",
      "ND",
      "MOSAIC"
    ],
    "InstitutionAddress": "De Pintelaan 185,Gent /88C96F/,District,BE,9000",
    "InstitutionName": "UZ",
    "MRAcquisitionType": "2D",
    "Manufacturer": "SIEMENS",
    "Modality": "MR",
    "PatientAge": "020Y",
    "PatientPosition": "HFS",
    "PatientSex": "F",
    "PatientWeight": 73,
    "PhaseEncodingDirection": "j-",
    "RepetitionTime": 2,
    "ScanOptions": "FS",
    "ScanningSequence": "EP",
    "SequenceName": "*epfid2d1_64",
    "SequenceVariant": "SK",
    "SeriesDescription": "ep2d_bold",
    "SeriesNumber": 5,
    "SliceThickness": 4,
    "SliceTiming": [
      1.0025,
      0,
      1.07,
      0.065,
      1.1375,
      0.1325,
      1.2025,
      0.2,
      1.27,
      0.2675,
      1.3375,
      0.3325,
      1.405,
      0.4,
      1.47,
      0.4675,
      1.5375,
      0.535,
      1.605,
      0.6,
      1.6725,
      0.6675,
      1.7375,
      0.735,
      1.805,
      0.8025,
      1.8725,
      0.87,
      1.94,
      0.935
    ],
    "SoftwareVersion": "syngo MR B17",
    "TaskName": "flanker",
    "TotalReadoutTime": 0.037170071,
    "dataset": "ds001751",
    "modality": "bold",
    "run_id": 1,
    "subject_id": "12",
    "task_id": "flanker"
  },
  "dummy_trs": 2,
  "dvars_nstd": 18.971699355894234,
  "dvars_std": 1.2712148972006208,
  "dvars_vstd": 0.9843675337325041,
  "efc": 0.44199046946114884,
  "fber": 1909.3687744140625,
  "fd_mean": 0.12811127334230057,
  "fd_num": 86,
  "fd_perc": 13.354037267080745,
  "fwhm_avg": 2.5576038095238096,
  "fwhm_x": 2.5937799999999998,
  "fwhm_y": 2.7124314285714286,
  "fwhm_z": 2.3666,
  "gcor": 0.0234894,
  "gsr_x": -0.0037492935080081224,
  "gsr_y": 0.03757093474268913,
  "provenance": {
    "md5sum": "6cdb32f8005f11bad52e8194f671ffcb",
    "settings": {
      "fd_thres": 0.2,
      "testing": false
    },
    "software": "mriqc",
    "version": "23.0.1",
    "webapi_port": null,
    "webapi_url": "https://mriqc.nimh.nih.gov/api/v1"
  },
  "size_t": 644,
  "size_x": 64,
  "size_y": 64,
  "size_z": 30,
  "snr": 3.1503811486456845,
  "spacing_tr": 2.0,
  "spacing_x": 3.5,
  "spacing_y": 3.5,
  "spacing_z": 5.0,
  "summary_bg_k": 56.66778304276236,
  "summary_bg_mad": 4.767809194101366,
  "summary_bg_mean": 24.405513763427734,
  "summary_bg_median": 12.788820266723633,
  "summary_bg_n": 80691.0,
  "summary_bg_p05": 8.886646270751953,
  "summary_bg_p95": 76.71661758422852,
  "summary_bg_stdv": 37.02968978881836,
  "summary_fg_k": 0.7269531819558028,
  "summary_fg_mad": 164.0485464429736,
  "summary_fg_mean": 591.3054809570312,
  "summary_fg_median": 565.1956787109375,
  "summary_fg_n": 15024.0,
  "summary_fg_p05": 341.84068298339844,
  "summary_fg_p95": 933.6091247558593,
  "summary_fg_stdv": 179.39952087402344,
  "tsnr": 55.349965740926564
}