{
  "bids_meta": {
    "AcquisitionDateTime": "20150614183316.190000",
    "ConversionSoftware": "dicm2nii.m 20190112",
    "DeviceSerialNumber": "35353",
    "EchoTime": 0.00418,
    "FlipAngle": 9,
    "ImageType": [
      "ORIGINAL",
      "PRIMARY",
      "M",
      "ND",
      "NORM"
    ],
    "InstitutionAddress": "De Pintelaan 185,Gent /88C96F/,District,BE,9000",
    "InstitutionName": "UZ",
    "InversionTime": 0.9,
    "MRAcquisitionType": "3D",
    "Manufacturer": "SIEMENS",
    "Modality": "MR",
    "PatientAge": "018Y",
    "PatientPosition": "HFS",
    "PatientSex": "F",
    "PatientWeight": 78,
    "PhaseEncodingDirection": "j-",
    "RepetitionTime": 2.25,
    "ScanOptions": "IR",
    "ScanningSequence": "GR\\IR",
    "SequenceName": "*tfl3d1_ns",
    "SequenceVariant": "SP\\MP",
    "SeriesDescription": "T1_mprage",
    "SeriesNumber": 2,
    "SliceThickness": 1,
    "SoftwareVersion": "syngo MR B17",
    "dataset": "ds001751",
    "modality": "T1w",
    "subject_id": "11"
  },
  "cjv": 0.33446700104905536,
  "cnr": 4.044203270045179,
  "efc": 0.46510169879155394,
  "fber": 17279.978844444446,
  "fwhm_avg": 4.169183333333333,
  "fwhm_x": 4.12159,
  "fwhm_y": 4.47697,
  "fwhm_z": 3.90899,
  "icvs_csf": 0.19877648576067838,
  "icvs_gm": 0.4623452282025283,
  "icvs_wm": 0.33887828603679326,
  "inu_med": 0.5275739431381226,
  "inu_range": 0.21289542913436887,
  "provenance": {
    "md5sum": "b9c865fbb044eff11894fe8097c63bae",
    "settings": {
      "testing": false
    },
    "software": "mriqc",
    "version": "23.0.1",
    "warnings": {
      "large_rot_frame": true,
      "small_air_mask": false
    },
    "webapi_port": null,
    "webapi_url": "https://mriqc.nimh.nih.gov/api/v1"
  },
  "qi_1": 0.0,
  "qi_2": 0.02304264538591401,
  "rpve_csf": 27.89317433790421,
  "rpve_gm": 12.971345374074234,
  "rpve_wm": 19.372851304344888,
  "size_x": 176,
  "size_y": 256,
  "size_z": 256,
  "snr_csf": 2.0757724338704344,
  "snr_gm": 12.861727745810512,
  "snr_total": 12.811865968995704,
  "snr_wm": 23.498097727306167,
  "snrd_csf": 35.77758132078823,
  "snrd_gm": 101.91689256089411,
  "snrd_total": 93.3452280576368,
  "snrd_wm": 142.3412102912281,
  "spacing_x": 1.0,
  "spacing_y": 1.0,
  "spacing_z": 1.0,
  "summary_bg_k": 12.891409784481954,
  "summary_bg_mad": 0.0,
  "summary_bg_mean": 2.970625086238391,
  "summary_bg_median": 0.0,
  "summary_bg_n": 3914053.0,
  "summary_bg_p05": 0.0,
  "summary_bg_p95": 11.868004627525806,
  "summary_bg_stdv": 4.602577134512414,
  "summary_csf_k": 1.0681150635169274,
  "summary_csf_mad": 110.86614424596338,
  "summary_csf_mean": 261.87883304318774,
  "summary_csf_median": 251.35082971304655,
  "summary_csf_n": 34665.0,
  "summary_csf_p05": 75.64646852016449,
  "summary_csf_p95": 478.83699971437454,
  "summary_csf_stdv": 121.08610759012403,
  "summary_gm_k": 0.14895193407605722,
  "summary_gm_mad": 54.45554267909255,
  "summary_gm_mean": 715.2543047106608,
  "summary_gm_median": 716.0041165798903,
  "summary_gm_n": 55906.0,
  "summary_gm_p05": 622.5395598113537,
  "summary_gm_p95": 806.1157208215445,
  "summary_gm_stdv": 55.66885935224436,
  "summary_wm_k": 0.3777358240504429,
  "summary_wm_mad": 40.53170864906188,
  "summary_wm_mean": 999.3905535858589,
  "summary_wm_median": 999.9999996721745,
  "summary_wm_n": 176861.0,
  "summary_wm_p05": 928.1487196236849,
  "summary_wm_p95": 1068.570693075657,
  "summary_wm_stdv": 42.55651602926271,
  "tpm_overlap_csf": 0.14041104834366483,
  "tpm_overlap_gm": 0.4824516719935381,
  "tpm_overlap_wm": 0.5070709204722886,
  "wm2max": 0.5692003514938488
}