{
  "aor": 0.002032079510703364,
  "aqi": 0.0054248165443425075,
  "bids_meta": {
    "AcquisitionDateTime": "20150607104425.880000",
    "ConversionSoftware": "dicm2nii.m 20190112",
    "DeviceSerialNumber": "35353",
    "EchoTime": 0.033,
    "EffectiveEchoSpacing": 0.00059000113,
    "FlipAngle": 90,
    "ImageType": [
      "ORIGINAL",
      "PRIMARY",
      "M",
      "ND",
      "MOSAIC"
    ],
    "InstitutionAddress": "De Pintelaan 185,Gent /88C96F/,District,BE,9000",
    "InstitutionName": "UZ",
    "MRAcquisitionType": "2D",
    "Manufacturer": "SIEMENS",
    "Modality": "MR",
    "PatientAge": "023Y",
    "PatientPosition": "HFS",
    "PatientSex": "M",
    "PatientWeight": 85,
    "PhaseEncodingDirection": "j-",
    "RepetitionTime": 2,
    "ScanOptions": "FS",
    "ScanningSequence": "EP",
    "SequenceName": "*epfid2d1_64",
    "SequenceVariant": "SK",
    "SeriesDescription": "ep2d_bold",
    "SeriesNumber": 5,
    "SliceThickness": 4,
    "SliceTiming": [
      1.0025,
      0,
      1.07,
      0.0675,
      1.1375,
      0.1325,
      1.205,
      0.2,
      1.27,
      0.2675,
      1.3375,
      0.335,
      1.405,
      0.4,
      1.4725,
      0.4675,
      1.5375,
      0.535,
      1.605,
      0.6025,
      1.6725,
      0.6675,
      1.74,
      0.735,
      1.805,
      0.8025,
      1.8725,
      0.87,
      1.94,
      0.9375
    ],
    "SoftwareVersion": "syngo MR B17",
    "TaskName": "flanker",
    "TotalReadoutTime": 0.037170071,
    "dataset": "ds001751",
    "modality": "bold",
    "run_id": 1,
    "subject_id": "10",
    "task_id": "flanker"
  },
  "dummy_trs": 0,
  "dvars_nstd": 16.519170099555886,
  "dvars_std": 1.1712940089433381,
  "dvars_vstd": 0.9627075758805521,
  "efc": 0.47992440898961075,
  "fber": 1358.8790283203125,
  "fd_mean": 0.07851731853775082,
  "fd_num": 11,
  "fd_perc": 1.6819571865443426,
  "fwhm_avg": 2.345700952380952,
  "fwhm_x": 2.366174285714286,
  "fwhm_y": 2.445008571428571,
  "fwhm_z": 2.22592,
  "gcor": 0.035447,
  "gsr_x": 0.004043234512209892,
  "gsr_y": 0.059206195175647736,
  "provenance": {
    "md5sum": "03e28e3c58db5c222cac52d6aef1964f",
    "settings": {
      "fd_thres": 0.2,
      "testing": false
    },
    "software": "mriqc",
    "version": "23.0.1",
    "webapi_port": null,
    "webapi_url": "https://mriqc.nimh.nih.gov/api/v1"
  },
  "size_t": 654,
  "size_x": 64,
  "size_y": 64,
  "size_z": 30,
  "snr": 3.249561186629574,
  "spacing_tr": 2.0,
  "spacing_x": 3.5,
  "spacing_y": 3.5,
  "spacing_z": 5.0,
  "summary_bg_k": 24.630821101808536,
  "summary_bg_mad": 5.683308032964922,
  "summary_bg_mean": 33.45777130126953,
  "summary_bg_median": 13.9984712600708,
  "summary_bg_n": 79105.0,
  "summary_bg_p05": 9.816514015197754,
  "summary_bg_p95": 137.8269134521485,
  "summary_bg_stdv": 55.686241149902344,
  "summary_fg_k": 1.0370286534447812,
  "summary_fg_mad": 149.51614446961776,
  "summary_fg_mean": 538.3470458984375,
  "summary_fg_median": 516.9572143554688,
  "summary_fg_n": 16489.0,
  "summary_fg_p05": 320.1501708984375,
  "summary_fg_p95": 830.9581054687495,
  "summary_fg_stdv": 159.08041381835938,
  "tsnr": 59.037512701470405
}