{
  "aor": 0.0471722256568779,
  "aqi": 0.014287137017001546,
  "bids_meta": {
    "AcquisitionDateTime": "20150614184346.907500",
    "ConversionSoftware": "dicm2nii.m 20190112",
    "DeviceSerialNumber": "35353",
    "EchoTime": 0.033,
    "EffectiveEchoSpacing": 0.00059000113,
    "FlipAngle": 90,
    "ImageType": [
      "ORIGINAL",
      "PRIMARY",
      "M",
      "ND",
      "MOSAIC"
    ],
    "InstitutionAddress": "De Pintelaan 185,Gent /88C96F/,District,BE,9000",
    "InstitutionName": "UZ",
    "MRAcquisitionType": "2D",
    "Manufacturer": "SIEMENS",
    "Modality": "MR",
    "PatientAge": "018Y",
    "PatientPosition": "HFS",
    "PatientSex": "F",
    "PatientWeight": 78,
    "PhaseEncodingDirection": "j-",
    "RepetitionTime": 2,
    "ScanOptions": "FS",
    "ScanningSequence": "EP",
    "SequenceName": "*epfid2d1_64",
    "SequenceVariant": "SK",
    "SeriesDescription": "ep2d_bold",
    "SeriesNumber": 7,
    "SliceThickness": 4,
    "SliceTiming": [
      1.005,
      0,
      1.07,
      0.0675,
      1.1375,
      0.135,
      1.205,
      0.2,
      1.2725,
      0.2675,
      1.3375,
      0.335,
      1.405,
      0.4025,
      1.4725,
      0.4675,
      1.54,
      0.535,
      1.605,
      0.6025,
      1.6725,
      0.67,
      1.74,
      0.735,
      1.8075,
      0.8025,
      1.8725,
      0.87,
      1.94,
      0.9375
    ],
    "SoftwareVersion": "syngo MR B17",
    "TaskName": "flanker",
    "TotalReadoutTime": 0.037170071,
    "dataset": "ds001751",
    "modality": "bold",
    "run_id": 1,
    "subject_id": "11",
    "task_id": "flanker"
  },
  "dummy_trs": 1,
  "dvars_nstd": 23.310935714241488,
  "dvars_std": 1.1752923197213625,
  "dvars_vstd": 1.1287904592105267,
  "efc": 0.4362796030735481,
  "fber": 1927.7777099609375,
  "fd_mean": 0.23683880943362465,
  "fd_num": 129,
  "fd_perc": 19.938176197836167,
  "fwhm_avg": 2.398660952380953,
  "fwhm_x": 2.4536257142857143,
  "fwhm_y": 2.484457142857143,
  "fwhm_z": 2.2579000000000002,
  "gcor": 0.0158373,
  "gsr_x": -0.013434146530926228,
  "gsr_y": 0.03756272420287132,
  "provenance": {
    "md5sum": "eb7b20e76c2fcfe051e33135576fb274",
    "settings": {
      "fd_thres": 0.2,
      "testing": false
    },
    "software": "mriqc",
    "version": "23.0.1",
    "webapi_port": null,
    "webapi_url": "https://mriqc.nimh.nih.gov/api/v1"
  },
  "size_t": 647,
  "size_x": 64,
  "size_y": 64,
  "size_z": 30,
  "snr": 3.4212404304898185,
  "spacing_tr": 2.0,
  "spacing_x": 3.5,
  "spacing_y": 3.5,
  "spacing_z": 5.0,
  "summary_bg_k": 60.25519847685701,
  "summary_bg_mad": 3.728274253306806,
  "summary_bg_mean": 21.613893508911133,
  "summary_bg_median": 11.87480640411377,
  "summary_bg_n": 81802.0,
  "summary_bg_p05": 9.009273529052734,
  "summary_bg_p95": 68.10285835266109,
  "summary_bg_stdv": 28.778196334838867,
  "summary_fg_k": 0.7590599810570158,
  "summary_fg_mad": 141.50028328067347,
  "summary_fg_mean": 541.7174072265625,
  "summary_fg_median": 521.8902587890625,
  "summary_fg_n": 14519.0,
  "summary_fg_p05": 328.1851470947266,
  "summary_fg_p95": 826.7975219726562,
  "summary_fg_stdv": 152.53890991210938,
  "tsnr": 32.820495972642675
}