{
  "bids_meta": {
    "AcquisitionDateTime": "20150614172750.177500",
    "ConversionSoftware": "dicm2nii.m 20190112",
    "DeviceSerialNumber": "35353",
    "EchoTime": 0.00418,
    "FlipAngle": 9,
    "ImageType": [
      "ORIGINAL",
      "PRIMARY",
      "M",
      "ND",
      "NORM"
    ],
    "InstitutionAddress": "De Pintelaan 185,Gent /88C96F/,District,BE,9000",
    "InstitutionName": "UZ",
    "InversionTime": 0.9,
    "MRAcquisitionType": "3D",
    "Manufacturer": "SIEMENS",
    "Modality": "MR",
    "PatientAge": "026Y",
    "PatientPosition": "HFS",
    "PatientSex": "F",
    "PatientWeight": 69,
    "PhaseEncodingDirection": "j-",
    "RepetitionTime": 2.25,
    "ScanOptions": "IR",
    "ScanningSequence": "GR\\IR",
    "SequenceName": "*tfl3d1_ns",
    "SequenceVariant": "SP\\MP",
    "SeriesDescription": "T1_mprage",
    "SeriesNumber": 2,
    "SliceThickness": 1,
    "SoftwareVersion": "syngo MR B17",
    "dataset": "ds001751",
    "modality": "T1w",
    "subject_id": "18"
  },
  "cjv": 0.31947559935597114,
  "cnr": 4.1339388059016065,
  "efc": 0.45515949439353687,
  "fber": 19564.07053506209,
  "fwhm_avg": 4.204733333333333,
  "fwhm_x": 4.20894,
  "fwhm_y": 4.42492,
  "fwhm_z": 3.98034,
  "icvs_csf": 0.20591314800769897,
  "icvs_gm": 0.444766097293879,
  "icvs_wm": 0.349320754698422,
  "inu_med": 0.5241577625274658,
  "inu_range": 0.1872169613838195,
  "provenance": {
    "md5sum": "b3dcecab07c6fc7b1444d995c3adac92",
    "settings": {
      "testing": false
    },
    "software": "mriqc",
    "version": "23.0.1",
    "warnings": {
      "large_rot_frame": true,
      "small_air_mask": false
    },
    "webapi_port": null,
    "webapi_url": "https://mriqc.nimh.nih.gov/api/v1"
  },
  "qi_1": 0.0,
  "qi_2": 0.009980260912798005,
  "rpve_csf": 28.51829274356348,
  "rpve_gm": 13.774550225113947,
  "rpve_wm": 19.56000102368989,
  "size_x": 176,
  "size_y": 256,
  "size_z": 256,
  "snr_csf": 2.041527998944614,
  "snr_gm": 11.430311027664642,
  "snr_total": 12.314866748544546,
  "snr_wm": 23.472761219024385,
  "snrd_csf": 33.45279742956515,
  "snrd_gm": 94.40417801307589,
  "snrd_total": 88.0257167475578,
  "snrd_wm": 136.22017480003234,
  "spacing_x": 1.0,
  "spacing_y": 1.0,
  "spacing_z": 1.0,
  "summary_bg_k": 20.668385556989243,
  "summary_bg_mad": 0.0,
  "summary_bg_mean": 3.1043729115842713,
  "summary_bg_median": 0.0,
  "summary_bg_n": 4090136.0,
  "summary_bg_p05": 0.0,
  "summary_bg_p95": 11.022342888638377,
  "summary_bg_stdv": 4.809393461214126,
  "summary_csf_k": 0.6807845136032395,
  "summary_csf_mad": 112.0232986616976,
  "summary_csf_mean": 249.6591268443309,
  "summary_csf_median": 245.57888283580542,
  "summary_csf_n": 39609.0,
  "summary_csf_p05": 54.86797713115811,
  "summary_csf_p95": 460.0947993490845,
  "summary_csf_stdv": 120.29018602942277,
  "summary_gm_k": 0.2598500982459142,
  "summary_gm_mad": 58.0794629082959,
  "summary_gm_mean": 692.9683164824626,
  "summary_gm_median": 693.026423882693,
  "summary_gm_n": 48628.0,
  "summary_gm_p05": 593.5545186493546,
  "summary_gm_p95": 793.8781531213784,
  "summary_gm_stdv": 60.62995979485327,
  "summary_wm_k": 0.45675987313573607,
  "summary_wm_mad": 39.99111307062753,
  "summary_wm_mean": 1000.2021832170378,
  "summary_wm_median": 1000.0000274274498,
  "summary_wm_n": 183077.0,
  "summary_wm_p05": 930.3994838800281,
  "summary_wm_p95": 1071.0900767706335,
  "summary_wm_stdv": 42.60245682224511,
  "tpm_overlap_csf": 0.12711880018964183,
  "tpm_overlap_gm": 0.4668262558280869,
  "tpm_overlap_wm": 0.49782299426604565,
  "wm2max": 0.6670701304332117
}