{
  "bids_meta": {
    "AcquisitionDateTime": "20150614093858.195000",
    "ConversionSoftware": "dicm2nii.m 20190112",
    "DeviceSerialNumber": "35353",
    "EchoTime": 0.00418,
    "FlipAngle": 9,
    "ImageType": [
      "ORIGINAL",
      "PRIMARY",
      "M",
      "ND",
      "NORM"
    ],
    "InstitutionAddress": "De Pintelaan 185,Gent /88C96F/,District,BE,9000",
    "InstitutionName": "UZ",
    "InversionTime": 0.9,
    "MRAcquisitionType": "3D",
    "Manufacturer": "SIEMENS",
    "Modality": "MR",
    "PatientAge": "022Y",
    "PatientPosition": "HFS",
    "PatientSex": "M",
    "PatientWeight": 85,
    "PhaseEncodingDirection": "j-",
    "RepetitionTime": 2.25,
    "ScanOptions": "IR",
    "ScanningSequence": "GR\\IR",
    "SequenceName": "*tfl3d1_ns",
    "SequenceVariant": "SP\\MP",
    "SeriesDescription": "T1_mprage",
    "SeriesNumber": 2,
    "SliceThickness": 1,
    "SoftwareVersion": "syngo MR B17",
    "dataset": "ds001751",
    "modality": "T1w",
    "subject_id": "04"
  },
  "cjv": 0.3262260969996905,
  "cnr": 3.9405550791601027,
  "efc": 0.5117629652962098,
  "fber": 15483.87274930748,
  "fwhm_avg": 4.022256666666666,
  "fwhm_x": 4.08715,
  "fwhm_y": 4.17957,
  "fwhm_z": 3.80005,
  "icvs_csf": 0.20600461492624755,
  "icvs_gm": 0.44185829804173904,
  "icvs_wm": 0.3521370870320134,
  "inu_med": 0.5362269878387451,
  "inu_range": 0.2248600423336029,
  "provenance": {
    "md5sum": "5e30a4f28ad57ace816fc54c0dfcc1c1",
    "settings": {
      "testing": false
    },
    "software": "mriqc",
    "version": "23.0.1",
    "warnings": {
      "large_rot_frame": true,
      "small_air_mask": false
    },
    "webapi_port": null,
    "webapi_url": "https://mriqc.nimh.nih.gov/api/v1"
  },
  "qi_1": 0.0,
  "qi_2": 0.018428101538582806,
  "rpve_csf": 23.770628850912594,
  "rpve_gm": 11.792659049096615,
  "rpve_wm": 16.955345128996875,
  "size_x": 176,
  "size_y": 256,
  "size_z": 256,
  "snr_csf": 2.2546591977863595,
  "snr_gm": 11.300884239622214,
  "snr_total": 12.98991397578335,
  "snr_wm": 25.414198489941477,
  "snrd_csf": 39.14928666574625,
  "snrd_gm": 107.21843922621544,
  "snrd_total": 99.27006170758123,
  "snrd_wm": 151.44245923078202,
  "spacing_x": 1.0,
  "spacing_y": 1.0,
  "spacing_z": 1.0,
  "summary_bg_k": 18.18704665723745,
  "summary_bg_mad": 0.0,
  "summary_bg_mean": 2.621769096084589,
  "summary_bg_median": 0.0,
  "summary_bg_n": 2976618.0,
  "summary_bg_p05": 0.0,
  "summary_bg_p95": 10.652174111455679,
  "summary_bg_stdv": 4.325975789950089,
  "summary_csf_k": 0.5030996750989258,
  "summary_csf_mad": 107.85701122791795,
  "summary_csf_mean": 263.6946395343191,
  "summary_csf_median": 258.5093215852976,
  "summary_csf_n": 31680.0,
  "summary_csf_p05": 80.37267230451107,
  "summary_csf_p95": 464.627337846905,
  "summary_csf_stdv": 114.6537985867976,
  "summary_gm_k": 0.27555132925836023,
  "summary_gm_mad": 59.11991565278406,
  "summary_gm_mean": 708.6444764465713,
  "summary_gm_median": 707.9813796468079,
  "summary_gm_n": 40925.0,
  "summary_gm_p05": 605.0310671702027,
  "summary_gm_p95": 813.6024996265769,
  "summary_gm_stdv": 62.647551717216146,
  "summary_wm_k": 0.9183753655233113,
  "summary_wm_mad": 36.144185192706765,
  "summary_wm_mean": 999.9122348747529,
  "summary_wm_median": 1000.0000186264515,
  "summary_wm_n": 209485.0,
  "summary_wm_p05": 935.8695826493204,
  "summary_wm_p95": 1063.5403924807906,
  "summary_wm_stdv": 39.34799014864087,
  "tpm_overlap_csf": 0.15362716614370103,
  "tpm_overlap_gm": 0.4731990883229777,
  "tpm_overlap_wm": 0.5179811147402104,
  "wm2max": 0.6302109836771441
}