{
  "aor": 0.024745056497175143,
  "aqi": 0.019217798474576272,
  "bids_meta": {
    "AcquisitionDateTime": "20150614190600.957500",
    "ConversionSoftware": "dicm2nii.m 20190112",
    "DeviceSerialNumber": "35353",
    "EchoTime": 0.033,
    "EffectiveEchoSpacing": 0.00059000113,
    "FlipAngle": 90,
    "ImageType": [
      "ORIGINAL",
      "PRIMARY",
      "M",
      "ND",
      "MOSAIC"
    ],
    "InstitutionAddress": "De Pintelaan 185,Gent /88C96F/,District,BE,9000",
    "InstitutionName": "UZ",
    "MRAcquisitionType": "2D",
    "Manufacturer": "SIEMENS",
    "Modality": "MR",
    "PatientAge": "018Y",
    "PatientPosition": "HFS",
    "PatientSex": "F",
    "PatientWeight": 78,
    "PhaseEncodingDirection": "j-",
    "RepetitionTime": 2,
    "ScanOptions": "FS",
    "ScanningSequence": "EP",
    "SequenceName": "*epfid2d1_64",
    "SequenceVariant": "SK",
    "SeriesDescription": "ep2d_bold",
    "SeriesNumber": 8,
    "SliceThickness": 4,
    "SliceTiming": [
      1.0025,
      0,
      1.07,
      0.0675,
      1.1375,
      0.1325,
      1.205,
      0.2,
      1.27,
      0.2675,
      1.3375,
      0.335,
      1.405,
      0.4,
      1.4725,
      0.4675,
      1.5375,
      0.535,
      1.605,
      0.6025,
      1.6725,
      0.67,
      1.74,
      0.735,
      1.8075,
      0.8025,
      1.8725,
      0.87,
      1.94,
      0.9375
    ],
    "SoftwareVersion": "syngo MR B17",
    "TaskName": "flanker",
    "TotalReadoutTime": 0.037170071,
    "dataset": "ds001751",
    "modality": "bold",
    "run_id": 2,
    "subject_id": "11",
    "task_id": "flanker"
  },
  "dummy_trs": 2,
  "dvars_nstd": 31.574800504625184,
  "dvars_std": 0.9763387967326732,
  "dvars_vstd": 0.9512147018387558,
  "efc": 0.4370126500328257,
  "fber": 1907.80126953125,
  "fd_mean": 0.42361738155468287,
  "fd_num": 308,
  "fd_perc": 43.50282485875706,
  "fwhm_avg": 2.400095238095238,
  "fwhm_x": 2.4524142857142857,
  "fwhm_y": 2.5151114285714287,
  "fwhm_z": 2.23276,
  "gcor": 0.0251187,
  "gsr_x": -0.013429689221084118,
  "gsr_y": 0.03670976310968399,
  "provenance": {
    "md5sum": "293512a7d7bea5bb61265ffeffd045fc",
    "settings": {
      "fd_thres": 0.2,
      "testing": false
    },
    "software": "mriqc",
    "version": "23.0.1",
    "webapi_port": null,
    "webapi_url": "https://mriqc.nimh.nih.gov/api/v1"
  },
  "size_t": 708,
  "size_x": 64,
  "size_y": 64,
  "size_z": 30,
  "snr": 3.377041603595093,
  "spacing_tr": 2.0,
  "spacing_x": 3.5,
  "spacing_y": 3.5,
  "spacing_z": 5.0,
  "summary_bg_k": 61.329955531740765,
  "summary_bg_mad": 3.8049270796845263,
  "summary_bg_mean": 22.064542770385742,
  "summary_bg_median": 11.992938041687012,
  "summary_bg_n": 81793.0,
  "summary_bg_p05": 9.084745407104492,
  "summary_bg_p95": 70.29152679443358,
  "summary_bg_stdv": 29.309160232543945,
  "summary_fg_k": 0.8370575084694822,
  "summary_fg_mad": 143.44384593015243,
  "summary_fg_mean": 544.4146728515625,
  "summary_fg_median": 524.6949462890625,
  "summary_fg_n": 14555.0,
  "summary_fg_p05": 327.2833312988281,
  "summary_fg_p95": 837.6586425781247,
  "summary_fg_stdv": 155.3658447265625,
  "tsnr": 26.98303851473611
}