{
  "aor": 0.0024832615384615384,
  "aqi": 0.0017483859,
  "bids_meta": {
    "AcquisitionDateTime": "20150605155843.280000",
    "ConversionSoftware": "dicm2nii.m 20190112",
    "DeviceSerialNumber": "35353",
    "EchoTime": 0.033,
    "EffectiveEchoSpacing": 0.00059000113,
    "FlipAngle": 90,
    "ImageType": [
      "ORIGINAL",
      "PRIMARY",
      "M",
      "ND",
      "MOSAIC"
    ],
    "InstitutionAddress": "De Pintelaan 185,Gent /88C96F/,District,BE,9000",
    "InstitutionName": "UZ",
    "MRAcquisitionType": "2D",
    "Manufacturer": "SIEMENS",
    "Modality": "MR",
    "PatientAge": "021Y",
    "PatientPosition": "HFS",
    "PatientSex": "F",
    "PatientWeight": 65,
    "PhaseEncodingDirection": "j-",
    "RepetitionTime": 2,
    "ScanOptions": "FS",
    "ScanningSequence": "EP",
    "SequenceName": "*epfid2d1_64",
    "SequenceVariant": "SK",
    "SeriesDescription": "ep2d_bold",
    "SeriesNumber": 5,
    "SliceThickness": 4,
    "SliceTiming": [
      1.0025,
      0,
      1.07,
      0.0675,
      1.1375,
      0.1325,
      1.205,
      0.2,
      1.27,
      0.2675,
      1.3375,
      0.335,
      1.405,
      0.4025,
      1.4725,
      0.4675,
      1.54,
      0.535,
      1.605,
      0.6025,
      1.6725,
      0.67,
      1.74,
      0.735,
      1.8075,
      0.8025,
      1.8725,
      0.87,
      1.94,
      0.9375
    ],
    "SoftwareVersion": "syngo MR B17",
    "TaskName": "flanker",
    "TotalReadoutTime": 0.037170071,
    "dataset": "ds001751",
    "modality": "bold",
    "run_id": 1,
    "subject_id": "07",
    "task_id": "flanker"
  },
  "dummy_trs": 0,
  "dvars_nstd": 15.963490009999997,
  "dvars_std": 1.3035351821109402,
  "dvars_vstd": 1.0204382804930656,
  "efc": 0.429658289331563,
  "fber": 2214.998046875,
  "fd_mean": 0.10455091520747534,
  "fd_num": 35,
  "fd_perc": 5.384615384615385,
  "fwhm_avg": 2.406893333333333,
  "fwhm_x": 2.399522857142857,
  "fwhm_y": 2.622637142857143,
  "fwhm_z": 2.19852,
  "gcor": 0.0372707,
  "gsr_x": -0.015268231742084026,
  "gsr_y": 0.0379769504070282,
  "provenance": {
    "md5sum": "137d4d33b0b7af79c38f6d50122aaf5b",
    "settings": {
      "fd_thres": 0.2,
      "testing": false
    },
    "software": "mriqc",
    "version": "23.0.1",
    "webapi_port": null,
    "webapi_url": "https://mriqc.nimh.nih.gov/api/v1"
  },
  "size_t": 650,
  "size_x": 64,
  "size_y": 64,
  "size_z": 30,
  "snr": 3.325444958384656,
  "spacing_tr": 2.0,
  "spacing_x": 3.5,
  "spacing_y": 3.5,
  "spacing_z": 5.0,
  "summary_bg_k": 46.31592062185405,
  "summary_bg_mad": 4.096543767230422,
  "summary_bg_mean": 23.65473747253418,
  "summary_bg_median": 12.432307243347168,
  "summary_bg_n": 81823.0,
  "summary_bg_p05": 9.39384651184082,
  "summary_bg_p95": 78.7215347290039,
  "summary_bg_stdv": 34.653533935546875,
  "summary_fg_k": 0.8319392913633896,
  "summary_fg_mad": 159.97964763288144,
  "summary_fg_mean": 614.3865356445312,
  "summary_fg_median": 586.15234375,
  "summary_fg_n": 14552.0,
  "summary_fg_p05": 376.3677062988281,
  "summary_fg_p95": 949.2192504882812,
  "summary_fg_stdv": 176.25677490234375,
  "tsnr": 94.04400408267975
}