{
  "bids_meta": {
    "AcquisitionDateTime": "20150605142205.200000",
    "ConversionSoftware": "dicm2nii.m 20190112",
    "DeviceSerialNumber": "35353",
    "EchoTime": 0.00418,
    "FlipAngle": 9,
    "ImageType": [
      "ORIGINAL",
      "PRIMARY",
      "M",
      "ND",
      "NORM"
    ],
    "InstitutionAddress": "De Pintelaan 185,Gent /88C96F/,District,BE,9000",
    "InstitutionName": "UZ",
    "InversionTime": 0.9,
    "MRAcquisitionType": "3D",
    "Manufacturer": "SIEMENS",
    "Modality": "MR",
    "PatientAge": "022Y",
    "PatientPosition": "HFS",
    "PatientSex": "F",
    "PatientWeight": 74,
    "PhaseEncodingDirection": "j-",
    "RepetitionTime": 2.25,
    "ScanOptions": "IR",
    "ScanningSequence": "GR\\IR",
    "SequenceName": "*tfl3d1_ns",
    "SequenceVariant": "SP\\MP",
    "SeriesDescription": "T1_mprage",
    "SeriesNumber": 2,
    "SliceThickness": 1,
    "SoftwareVersion": "syngo MR B17",
    "dataset": "ds001751",
    "modality": "T1w",
    "subject_id": "08"
  },
  "cjv": 0.3536137756044848,
  "cnr": 3.726774459346089,
  "efc": 0.4914189680342287,
  "fber": 11761.536389269928,
  "fwhm_avg": 4.18515,
  "fwhm_x": 4.24687,
  "fwhm_y": 4.34637,
  "fwhm_z": 3.96221,
  "icvs_csf": 0.22699436350160188,
  "icvs_gm": 0.426270536427855,
  "icvs_wm": 0.34673510007054315,
  "inu_med": 0.558994710445404,
  "inu_range": 0.23372709006071085,
  "provenance": {
    "md5sum": "1029499ba9d02c1699e688cac1eebf3f",
    "settings": {
      "testing": false
    },
    "software": "mriqc",
    "version": "23.0.1",
    "warnings": {
      "large_rot_frame": true,
      "small_air_mask": false
    },
    "webapi_port": null,
    "webapi_url": "https://mriqc.nimh.nih.gov/api/v1"
  },
  "qi_1": 0.00013694794495215982,
  "qi_2": 0.018729712490347567,
  "rpve_csf": 22.76810136246066,
  "rpve_gm": 12.33148422585202,
  "rpve_wm": 17.54323072823993,
  "size_x": 176,
  "size_y": 256,
  "size_z": 256,
  "snr_csf": 2.2558381844484177,
  "snr_gm": 11.101058636350395,
  "snr_total": 12.743510710734915,
  "snr_wm": 24.873635311405934,
  "snrd_csf": 33.910144780354265,
  "snrd_gm": 102.01330337561772,
  "snrd_total": 92.7875460704492,
  "snrd_wm": 142.4391900553756,
  "spacing_x": 1.0,
  "spacing_y": 1.0,
  "spacing_z": 1.0,
  "summary_bg_k": 9.543602879963759,
  "summary_bg_mad": 0.0,
  "summary_bg_mean": 3.2490514790840286,
  "summary_bg_median": 0.0,
  "summary_bg_n": 3195647.0,
  "summary_bg_p05": 0.0,
  "summary_bg_p95": 11.881119690835476,
  "summary_bg_stdv": 4.59941091477019,
  "summary_csf_k": 1.2650432815983867,
  "summary_csf_mad": 94.11574224720432,
  "summary_csf_mean": 252.09590874129762,
  "summary_csf_median": 238.06750781089067,
  "summary_csf_n": 53218.0,
  "summary_csf_p05": 103.16372803598642,
  "summary_csf_p95": 451.55102732777596,
  "summary_csf_stdv": 105.5329556533777,
  "summary_gm_k": 0.06793278637218192,
  "summary_gm_mad": 63.75910046520422,
  "summary_gm_mean": 714.6537017189734,
  "summary_gm_median": 716.1884166374803,
  "summary_gm_n": 32561.0,
  "summary_gm_p05": 606.9642903730273,
  "summary_gm_p95": 819.2494260594249,
  "summary_gm_stdv": 64.51433528747548,
  "summary_wm_k": 0.9760933396183797,
  "summary_wm_mad": 36.600566429468344,
  "summary_wm_mean": 999.3891790563789,
  "summary_wm_median": 999.9999472349882,
  "summary_wm_n": 202707.0,
  "summary_wm_p05": 932.9931713417172,
  "summary_wm_p95": 1063.5142902508378,
  "summary_wm_stdv": 40.2031093605022,
  "tpm_overlap_csf": 0.15273366209295308,
  "tpm_overlap_gm": 0.47544463870001896,
  "tpm_overlap_wm": 0.517675950406917,
  "wm2max": 0.5547198480531814
}