{
  "bids_meta": {
    "AcquisitionDateTime": "20150605120208.197500",
    "ConversionSoftware": "dicm2nii.m 20190112",
    "DeviceSerialNumber": "35353",
    "EchoTime": 0.00418,
    "FlipAngle": 9,
    "ImageType": [
      "ORIGINAL",
      "PRIMARY",
      "M",
      "ND",
      "NORM"
    ],
    "InstitutionAddress": "De Pintelaan 185,Gent /88C96F/,District,BE,9000",
    "InstitutionName": "UZ",
    "InversionTime": 0.9,
    "MRAcquisitionType": "3D",
    "Manufacturer": "SIEMENS",
    "Modality": "MR",
    "PatientAge": "024Y",
    "PatientPosition": "HFS",
    "PatientSex": "M",
    "PatientWeight": 95,
    "PhaseEncodingDirection": "j-",
    "RepetitionTime": 2.25,
    "ScanOptions": "IR",
    "ScanningSequence": "GR\\IR",
    "SequenceName": "*tfl3d1_ns",
    "SequenceVariant": "SP\\MP",
    "SeriesDescription": "T1_mprage",
    "SeriesNumber": 2,
    "SliceThickness": 1,
    "SoftwareVersion": "syngo MR B17",
    "dataset": "ds001751",
    "modality": "T1w",
    "subject_id": "20"
  },
  "cjv": 0.3145403735106561,
  "cnr": 4.126286301637624,
  "efc": 0.5228273738188,
  "fber": 15281.1049517731,
  "fwhm_avg": 3.79287,
  "fwhm_x": 3.8573,
  "fwhm_y": 3.99211,
  "fwhm_z": 3.5292,
  "icvs_csf": 0.20617438640922117,
  "icvs_gm": 0.44782883717194244,
  "icvs_wm": 0.3459967764188364,
  "inu_med": 0.5418769717216492,
  "inu_range": 0.22293355762958528,
  "provenance": {
    "md5sum": "1774d8f14ef0ad67ba8ec842efca94e3",
    "settings": {
      "testing": false
    },
    "software": "mriqc",
    "version": "23.0.1",
    "warnings": {
      "large_rot_frame": true,
      "small_air_mask": false
    },
    "webapi_port": null,
    "webapi_url": "https://mriqc.nimh.nih.gov/api/v1"
  },
  "qi_1": 0.0,
  "qi_2": 0.021759577028096198,
  "rpve_csf": 22.257428496406586,
  "rpve_gm": 10.850965673028043,
  "rpve_wm": 16.134585214514566,
  "size_x": 176,
  "size_y": 256,
  "size_z": 256,
  "snr_csf": 2.4199291881716434,
  "snr_gm": 11.74662120749534,
  "snr_total": 13.469269993039703,
  "snr_wm": 26.241259583452127,
  "snrd_csf": 42.637522719851816,
  "snrd_gm": 118.96158689494315,
  "snrd_total": 110.03844439386882,
  "snrd_wm": 168.51622356681148,
  "spacing_x": 1.0,
  "spacing_y": 1.0,
  "spacing_z": 1.0,
  "summary_bg_k": 6.79032681258454,
  "summary_bg_mad": 0.0,
  "summary_bg_mean": 2.731647894696312,
  "summary_bg_median": 0.0,
  "summary_bg_n": 2799982.0,
  "summary_bg_p05": 0.0,
  "summary_bg_p95": 10.17403706163168,
  "summary_bg_stdv": 3.8875621295570006,
  "summary_csf_k": 1.9752579615661654,
  "summary_csf_mad": 79.05079455978019,
  "summary_csf_mean": 259.9050206449438,
  "summary_csf_median": 253.00993598252535,
  "summary_csf_n": 41324.0,
  "summary_csf_p05": 90.37984843030573,
  "summary_csf_p95": 453.1673527881503,
  "summary_csf_stdv": 104.55135460382529,
  "summary_gm_k": 0.4754609501242726,
  "summary_gm_mad": 57.3539663099116,
  "summary_gm_mean": 705.0687716122499,
  "summary_gm_median": 705.9149210527539,
  "summary_gm_n": 37542.0,
  "summary_gm_p05": 604.4966796901077,
  "summary_gm_p95": 801.1820970285683,
  "summary_gm_stdv": 60.09434601250612,
  "summary_wm_k": 0.8661991997005494,
  "summary_wm_mad": 35.13848877916965,
  "summary_wm_mean": 1000.2910032953688,
  "summary_wm_median": 999.9708289057016,
  "summary_wm_n": 210169.0,
  "summary_wm_p05": 938.8974545672536,
  "summary_wm_p95": 1062.676713488996,
  "summary_wm_stdv": 38.10672451733355,
  "tpm_overlap_csf": 0.16381128860888947,
  "tpm_overlap_gm": 0.46216512686217215,
  "tpm_overlap_wm": 0.4969690481018426,
  "wm2max": 0.6904913908493494
}