{
  "bids_meta": {
    "AcquisitionDateTime": "20150607114414.195000",
    "ConversionSoftware": "dicm2nii.m 20190112",
    "DeviceSerialNumber": "35353",
    "EchoTime": 0.00418,
    "FlipAngle": 9,
    "ImageType": [
      "ORIGINAL",
      "PRIMARY",
      "M",
      "ND",
      "NORM"
    ],
    "InstitutionAddress": "De Pintelaan 185,Gent /88C96F/,District,BE,9000",
    "InstitutionName": "UZ",
    "InversionTime": 0.9,
    "MRAcquisitionType": "3D",
    "Manufacturer": "SIEMENS",
    "Modality": "MR",
    "PatientAge": "027Y",
    "PatientPosition": "HFS",
    "PatientSex": "F",
    "PatientWeight": 75,
    "PhaseEncodingDirection": "j-",
    "RepetitionTime": 2.25,
    "ScanOptions": "IR",
    "ScanningSequence": "GR\\IR",
    "SequenceName": "*tfl3d1_ns",
    "SequenceVariant": "SP\\MP",
    "SeriesDescription": "T1_mprage",
    "SeriesNumber": 2,
    "SliceThickness": 1,
    "SoftwareVersion": "syngo MR B17",
    "dataset": "ds001751",
    "modality": "T1w",
    "subject_id": "02"
  },
  "cjv": 0.33133451912389034,
  "cnr": 3.9438149010723347,
  "efc": 0.4943241558447412,
  "fber": 15271.835551754908,
  "fwhm_avg": 3.784026666666666,
  "fwhm_x": 3.85233,
  "fwhm_y": 4.02803,
  "fwhm_z": 3.47172,
  "icvs_csf": 0.20417847215374937,
  "icvs_gm": 0.45614543168934135,
  "icvs_wm": 0.33967609615690925,
  "inu_med": 0.5276182293891907,
  "inu_range": 0.19604532122612,
  "provenance": {
    "md5sum": "addd316ab49076637b745b416f0bd007",
    "settings": {
      "testing": false
    },
    "software": "mriqc",
    "version": "23.0.1",
    "warnings": {
      "large_rot_frame": true,
      "small_air_mask": false
    },
    "webapi_port": null,
    "webapi_url": "https://mriqc.nimh.nih.gov/api/v1"
  },
  "qi_1": 4.136496505645333e-05,
  "qi_2": 0.011001032048349684,
  "rpve_csf": 24.569090589300192,
  "rpve_gm": 11.847106943190562,
  "rpve_wm": 17.92453544568583,
  "size_x": 176,
  "size_y": 256,
  "size_z": 256,
  "snr_csf": 1.9845148540824096,
  "snr_gm": 11.844078471976378,
  "snr_total": 13.291968328547739,
  "snr_wm": 26.047311659584434,
  "snrd_csf": 33.32191203420886,
  "snrd_gm": 95.65504759416237,
  "snrd_total": 87.48019882971175,
  "snrd_wm": 133.46363686076407,
  "spacing_x": 1.0,
  "spacing_y": 1.0,
  "spacing_z": 1.0,
  "summary_bg_k": 11.512188758350533,
  "summary_bg_mad": 0.0,
  "summary_bg_mean": 3.5609058189671896,
  "summary_bg_median": 0.0,
  "summary_bg_n": 3320236.0,
  "summary_bg_p05": 0.0,
  "summary_bg_p95": 12.16220374405384,
  "summary_bg_stdv": 4.908649529378297,
  "summary_csf_k": 1.868283938344712,
  "summary_csf_mad": 107.84526706073984,
  "summary_csf_mean": 259.7896345337117,
  "summary_csf_median": 249.66646308265626,
  "summary_csf_n": 34042.0,
  "summary_csf_p05": 63.13952226871625,
  "summary_csf_p95": 489.93203908763826,
  "summary_csf_stdv": 125.80545593114124,
  "summary_gm_k": 0.2954829364533409,
  "summary_gm_mad": 57.95906866987938,
  "summary_gm_mean": 715.5424322418837,
  "summary_gm_median": 716.7012920603156,
  "summary_gm_n": 47860.0,
  "summary_gm_p05": 612.9812739063054,
  "summary_gm_p95": 812.3545424249023,
  "summary_gm_stdv": 60.51072746942704,
  "summary_wm_k": 0.782205199425261,
  "summary_wm_mad": 35.902423092730835,
  "summary_wm_mean": 999.6578327684713,
  "summary_wm_median": 999.9844586038962,
  "summary_wm_n": 190628.0,
  "summary_wm_p05": 936.706870501861,
  "summary_wm_p95": 1061.586641088128,
  "summary_wm_stdv": 38.39098056646177,
  "tpm_overlap_csf": 0.15907139381031485,
  "tpm_overlap_gm": 0.48287412636096544,
  "tpm_overlap_wm": 0.5109345980548643,
  "wm2max": 0.5919283746556474
}