{
  "aor": 0.0018744690966719497,
  "aqi": 0.007178340491283676,
  "bids_meta": {
    "AcquisitionDateTime": "20150605162052.072500",
    "ConversionSoftware": "dicm2nii.m 20190112",
    "DeviceSerialNumber": "35353",
    "EchoTime": 0.033,
    "EffectiveEchoSpacing": 0.00059000113,
    "FlipAngle": 90,
    "ImageType": [
      "ORIGINAL",
      "PRIMARY",
      "M",
      "ND",
      "MOSAIC"
    ],
    "InstitutionAddress": "De Pintelaan 185,Gent /88C96F/,District,BE,9000",
    "InstitutionName": "UZ",
    "MRAcquisitionType": "2D",
    "Manufacturer": "SIEMENS",
    "Modality": "MR",
    "PatientAge": "021Y",
    "PatientPosition": "HFS",
    "PatientSex": "F",
    "PatientWeight": 65,
    "PhaseEncodingDirection": "j-",
    "RepetitionTime": 2,
    "ScanOptions": "FS",
    "ScanningSequence": "EP",
    "SequenceName": "*epfid2d1_64",
    "SequenceVariant": "SK",
    "SeriesDescription": "ep2d_bold",
    "SeriesNumber": 6,
    "SliceThickness": 4,
    "SliceTiming": [
      1.0025,
      0,
      1.07,
      0.065,
      1.1375,
      0.1325,
      1.2025,
      0.2,
      1.27,
      0.2675,
      1.3375,
      0.335,
      1.405,
      0.4,
      1.4725,
      0.4675,
      1.5375,
      0.535,
      1.605,
      0.6025,
      1.6725,
      0.6675,
      1.74,
      0.735,
      1.805,
      0.8025,
      1.8725,
      0.87,
      1.94,
      0.935
    ],
    "SoftwareVersion": "syngo MR B17",
    "TaskName": "flanker",
    "TotalReadoutTime": 0.037170071,
    "dataset": "ds001751",
    "modality": "bold",
    "run_id": 2,
    "subject_id": "07",
    "task_id": "flanker"
  },
  "dummy_trs": 2,
  "dvars_nstd": 17.23781708926983,
  "dvars_std": 1.1340627288730176,
  "dvars_vstd": 0.8802619364285721,
  "efc": 0.4301393207546765,
  "fber": 2182.23388671875,
  "fd_mean": 0.1135400299498652,
  "fd_num": 56,
  "fd_perc": 8.874801901743265,
  "fwhm_avg": 2.4279238095238096,
  "fwhm_x": 2.4400914285714284,
  "fwhm_y": 2.6099,
  "fwhm_z": 2.2337800000000003,
  "gcor": 0.0500434,
  "gsr_x": -0.015891460701823235,
  "gsr_y": 0.03584795817732811,
  "provenance": {
    "md5sum": "4f681d13a46c8dfecaea334a573b03bc",
    "settings": {
      "fd_thres": 0.2,
      "testing": false
    },
    "software": "mriqc",
    "version": "23.0.1",
    "webapi_port": null,
    "webapi_url": "https://mriqc.nimh.nih.gov/api/v1"
  },
  "size_t": 631,
  "size_x": 64,
  "size_y": 64,
  "size_z": 30,
  "snr": 3.324939999344813,
  "spacing_tr": 2.0,
  "spacing_x": 3.5,
  "spacing_y": 3.5,
  "spacing_z": 5.0,
  "summary_bg_k": 48.232077489090216,
  "summary_bg_mad": 4.567636346467533,
  "summary_bg_mean": 24.108097076416016,
  "summary_bg_median": 12.657686233520508,
  "summary_bg_n": 81862.0,
  "summary_bg_p05": 8.890649795532227,
  "summary_bg_p95": 81.72020568847651,
  "summary_bg_stdv": 35.27925109863281,
  "summary_fg_k": 0.7523764734778284,
  "summary_fg_mad": 161.4298088787714,
  "summary_fg_mean": 621.9595947265625,
  "summary_fg_median": 592.4913330078125,
  "summary_fg_n": 14545.0,
  "summary_fg_p05": 380.0970092773438,
  "summary_fg_p95": 963.05771484375,
  "summary_fg_stdv": 178.18997192382812,
  "tsnr": 54.09050050447695
}