{
  "bids_meta": {
    "AcquisitionDateTime": "20150612142020.195000",
    "ConversionSoftware": "dicm2nii.m 20190112",
    "DeviceSerialNumber": "35353",
    "EchoTime": 0.00418,
    "FlipAngle": 9,
    "ImageType": [
      "ORIGINAL",
      "PRIMARY",
      "M",
      "ND",
      "NORM"
    ],
    "InstitutionAddress": "De Pintelaan 185,Gent /88C96F/,District,BE,9000",
    "InstitutionName": "UZ",
    "InversionTime": 0.9,
    "MRAcquisitionType": "3D",
    "Manufacturer": "SIEMENS",
    "Modality": "MR",
    "PatientAge": "022Y",
    "PatientPosition": "HFS",
    "PatientSex": "F",
    "PatientWeight": 70,
    "PhaseEncodingDirection": "j-",
    "RepetitionTime": 2.25,
    "ScanOptions": "IR",
    "ScanningSequence": "GR\\IR",
    "SequenceName": "*tfl3d1_ns",
    "SequenceVariant": "SP\\MP",
    "SeriesDescription": "T1_mprage",
    "SeriesNumber": 2,
    "SliceThickness": 1,
    "SoftwareVersion": "syngo MR B17",
    "dataset": "ds001751",
    "modality": "T1w",
    "subject_id": "17"
  },
  "cjv": 0.32123496281606045,
  "cnr": 4.017820527030703,
  "efc": 0.4585177904014021,
  "fber": 17148.2993204775,
  "fwhm_avg": 4.174486666666667,
  "fwhm_x": 4.21033,
  "fwhm_y": 4.36695,
  "fwhm_z": 3.94618,
  "icvs_csf": 0.2352004480170156,
  "icvs_gm": 0.4311368522609553,
  "icvs_wm": 0.3336626997220291,
  "inu_med": 0.564816415309906,
  "inu_range": 0.20984826236963278,
  "provenance": {
    "md5sum": "f2992c85312a61c2fd77cc357a50a43e",
    "settings": {
      "testing": false
    },
    "software": "mriqc",
    "version": "23.0.1",
    "warnings": {
      "large_rot_frame": true,
      "small_air_mask": false
    },
    "webapi_port": null,
    "webapi_url": "https://mriqc.nimh.nih.gov/api/v1"
  },
  "qi_1": 0.0,
  "qi_2": 0.026697778895090712,
  "rpve_csf": 23.259787531643898,
  "rpve_gm": 12.777304472565882,
  "rpve_wm": 18.806340125739098,
  "size_x": 176,
  "size_y": 256,
  "size_z": 256,
  "snr_csf": 2.1152572847589557,
  "snr_gm": 10.99277854083348,
  "snr_total": 12.479570785459037,
  "snr_wm": 24.33067653078467,
  "snrd_csf": 32.907620663582755,
  "snrd_gm": 105.40451707698952,
  "snrd_total": 96.57282790534315,
  "snrd_wm": 151.40634597545716,
  "spacing_x": 1.0,
  "spacing_y": 1.0,
  "spacing_z": 1.0,
  "summary_bg_k": 11.946202191502161,
  "summary_bg_mad": 0.0,
  "summary_bg_mean": 3.1641064552158333,
  "summary_bg_median": 0.0,
  "summary_bg_n": 3483603.0,
  "summary_bg_p05": 0.0,
  "summary_bg_p95": 10.774318180978298,
  "summary_bg_stdv": 4.327007610891478,
  "summary_csf_k": 1.334774369812501,
  "summary_csf_mad": 86.7540883342731,
  "summary_csf_mean": 233.61397448151487,
  "summary_csf_median": 217.34638018533587,
  "summary_csf_n": 56042.0,
  "summary_csf_p05": 90.79774200059474,
  "summary_csf_p95": 431.078817072883,
  "summary_csf_stdv": 102.75082970019244,
  "summary_gm_k": 0.225567241814578,
  "summary_gm_mad": 61.03631173600378,
  "summary_gm_mean": 696.6389510631541,
  "summary_gm_median": 696.1697558164597,
  "summary_gm_n": 32109.0,
  "summary_gm_p05": 591.7828705653549,
  "summary_gm_p95": 801.0085562035441,
  "summary_gm_stdv": 63.328749180192105,
  "summary_wm_k": 1.2870189303416089,
  "summary_wm_mad": 36.56459103328205,
  "summary_wm_mean": 998.8079617721849,
  "summary_wm_median": 1000.0000173598528,
  "summary_wm_n": 176687.0,
  "summary_wm_p05": 930.4491757005453,
  "summary_wm_p95": 1063.3232479989529,
  "summary_wm_stdv": 41.10026230579998,
  "tpm_overlap_csf": 0.14659255641713578,
  "tpm_overlap_gm": 0.47436392696779056,
  "tpm_overlap_wm": 0.5065456336596726,
  "wm2max": 0.6431888270532771
}