{
  "aor": 0.015572865583456424,
  "aqi": 0.0048258451624815365,
  "bids_meta": {
    "AcquisitionDateTime": "20150614161842.772500",
    "ConversionSoftware": "dicm2nii.m 20190112",
    "DeviceSerialNumber": "35353",
    "EchoTime": 0.033,
    "EffectiveEchoSpacing": 0.00059000113,
    "FlipAngle": 90,
    "ImageType": [
      "ORIGINAL",
      "PRIMARY",
      "M",
      "ND",
      "MOSAIC"
    ],
    "InstitutionAddress": "De Pintelaan 185,Gent /88C96F/,District,BE,9000",
    "InstitutionName": "UZ",
    "MRAcquisitionType": "2D",
    "Manufacturer": "SIEMENS",
    "Modality": "MR",
    "PatientAge": "021Y",
    "PatientPosition": "HFS",
    "PatientSex": "F",
    "PatientWeight": 78,
    "PhaseEncodingDirection": "j-",
    "RepetitionTime": 2,
    "ScanOptions": "FS",
    "ScanningSequence": "EP",
    "SequenceName": "*epfid2d1_64",
    "SequenceVariant": "SK",
    "SeriesDescription": "ep2d_bold",
    "SeriesNumber": 5,
    "SliceThickness": 4,
    "SliceTiming": [
      1.005,
      0,
      1.0725,
      0.0675,
      1.1375,
      0.135,
      1.205,
      0.2025,
      1.2725,
      0.27,
      1.34,
      0.335,
      1.4075,
      0.4025,
      1.4725,
      0.47,
      1.54,
      0.5375,
      1.6075,
      0.6025,
      1.675,
      0.67,
      1.74,
      0.7375,
      1.8075,
      0.805,
      1.875,
      0.87,
      1.9425,
      0.9375
    ],
    "SoftwareVersion": "syngo MR B17",
    "TaskName": "flanker",
    "TotalReadoutTime": 0.037170071,
    "dataset": "ds001751",
    "modality": "bold",
    "run_id": 1,
    "subject_id": "03",
    "task_id": "flanker"
  },
  "dummy_trs": 0,
  "dvars_nstd": 14.862389455739649,
  "dvars_std": 1.2835061816568054,
  "dvars_vstd": 1.1223018496153845,
  "efc": 0.4446358154198731,
  "fber": 1827.958740234375,
  "fd_mean": 0.08246995711956447,
  "fd_num": 20,
  "fd_perc": 2.9542097488921715,
  "fwhm_avg": 2.523073333333333,
  "fwhm_x": 2.6067314285714285,
  "fwhm_y": 2.6383885714285715,
  "fwhm_z": 2.3241,
  "gcor": 0.0162255,
  "gsr_x": -0.012363165616989136,
  "gsr_y": 0.03875623270869255,
  "provenance": {
    "md5sum": "7572a0a58ceb6ca65754da58ab8d0fd7",
    "settings": {
      "fd_thres": 0.2,
      "testing": false
    },
    "software": "mriqc",
    "version": "23.0.1",
    "webapi_port": null,
    "webapi_url": "https://mriqc.nimh.nih.gov/api/v1"
  },
  "size_t": 677,
  "size_x": 64,
  "size_y": 64,
  "size_z": 30,
  "snr": 3.1354135306801423,
  "spacing_tr": 2.0,
  "spacing_x": 3.5,
  "spacing_y": 3.5,
  "spacing_z": 5.0,
  "summary_bg_k": 36.48049224557173,
  "summary_bg_mad": 5.7727313816867944,
  "summary_bg_mean": 27.09466552734375,
  "summary_bg_median": 13.850811958312988,
  "summary_bg_n": 80549.0,
  "summary_bg_p05": 9.336779594421387,
  "summary_bg_p95": 89.81270141601547,
  "summary_bg_stdv": 38.787025451660156,
  "summary_fg_k": 0.7714640583419978,
  "summary_fg_mad": 182.0841662499547,
  "summary_fg_mean": 618.2957763671875,
  "summary_fg_median": 592.7998046875,
  "summary_fg_n": 15136.0,
  "summary_fg_p05": 362.76366424560547,
  "summary_fg_p95": 972.3784790039062,
  "summary_fg_stdv": 189.05966186523438,
  "tsnr": 62.56951257912442
}