{
  "aor": 0.0008279236641221373,
  "aqi": 0.0038737904152671763,
  "bids_meta": {
    "AcquisitionDateTime": "20150614164201.212500",
    "ConversionSoftware": "dicm2nii.m 20190112",
    "DeviceSerialNumber": "35353",
    "EchoTime": 0.033,
    "EffectiveEchoSpacing": 0.00059000113,
    "FlipAngle": 90,
    "ImageType": [
      "ORIGINAL",
      "PRIMARY",
      "M",
      "ND",
      "MOSAIC"
    ],
    "InstitutionAddress": "De Pintelaan 185,Gent /88C96F/,District,BE,9000",
    "InstitutionName": "UZ",
    "MRAcquisitionType": "2D",
    "Manufacturer": "SIEMENS",
    "Modality": "MR",
    "PatientAge": "021Y",
    "PatientPosition": "HFS",
    "PatientSex": "F",
    "PatientWeight": 78,
    "PhaseEncodingDirection": "j-",
    "RepetitionTime": 2,
    "ScanOptions": "FS",
    "ScanningSequence": "EP",
    "SequenceName": "*epfid2d1_64",
    "SequenceVariant": "SK",
    "SeriesDescription": "ep2d_bold",
    "SeriesNumber": 6,
    "SliceThickness": 4,
    "SliceTiming": [
      1.005,
      0,
      1.07,
      0.0675,
      1.1375,
      0.135,
      1.205,
      0.2,
      1.2725,
      0.2675,
      1.3375,
      0.335,
      1.405,
      0.4025,
      1.4725,
      0.4675,
      1.54,
      0.535,
      1.605,
      0.6025,
      1.6725,
      0.67,
      1.74,
      0.735,
      1.8075,
      0.8025,
      1.8725,
      0.87,
      1.94,
      0.9375
    ],
    "SoftwareVersion": "syngo MR B17",
    "TaskName": "flanker",
    "TotalReadoutTime": 0.037170071,
    "dataset": "ds001751",
    "modality": "bold",
    "run_id": 2,
    "subject_id": "03",
    "task_id": "flanker"
  },
  "dummy_trs": 4,
  "dvars_nstd": 16.686871114495414,
  "dvars_std": 1.1842936122477052,
  "dvars_vstd": 0.9289630871559635,
  "efc": 0.44545738428484966,
  "fber": 1749.9683837890625,
  "fd_mean": 0.07929192128510708,
  "fd_num": 12,
  "fd_perc": 1.83206106870229,
  "fwhm_avg": 2.5529219047619045,
  "fwhm_x": 2.6060085714285712,
  "fwhm_y": 2.6854771428571427,
  "fwhm_z": 2.36728,
  "gcor": 0.0253787,
  "gsr_x": -0.01332448236644268,
  "gsr_y": 0.04040883854031563,
  "provenance": {
    "md5sum": "79cf9415b57e11d5cba7c5079ccdd3c9",
    "settings": {
      "fd_thres": 0.2,
      "testing": false
    },
    "software": "mriqc",
    "version": "23.0.1",
    "webapi_port": null,
    "webapi_url": "https://mriqc.nimh.nih.gov/api/v1"
  },
  "size_t": 655,
  "size_x": 64,
  "size_y": 64,
  "size_z": 30,
  "snr": 3.1486670824093768,
  "spacing_tr": 2.0,
  "spacing_x": 3.5,
  "spacing_y": 3.5,
  "spacing_z": 5.0,
  "summary_bg_k": 35.67822664242663,
  "summary_bg_mad": 5.925881503279939,
  "summary_bg_mean": 27.710268020629883,
  "summary_bg_median": 14.12977123260498,
  "summary_bg_n": 80679.0,
  "summary_bg_p05": 9.83969497680664,
  "summary_bg_p95": 92.41205902099571,
  "summary_bg_stdv": 39.78211975097656,
  "summary_fg_k": 0.7452085809159761,
  "summary_fg_mad": 182.74031546177014,
  "summary_fg_mean": 620.1796875,
  "summary_fg_median": 595.0228881835938,
  "summary_fg_n": 15067.0,
  "summary_fg_p05": 365.4561737060547,
  "summary_fg_p95": 972.0694702148437,
  "summary_fg_stdv": 188.9698486328125,
  "tsnr": 73.95863584848121
}