{
  "bids_meta": {
    "AcquisitionDateTime": "20150612115623.195000",
    "ConversionSoftware": "dicm2nii.m 20190112",
    "DeviceSerialNumber": "35353",
    "EchoTime": 0.00418,
    "FlipAngle": 9,
    "ImageType": [
      "ORIGINAL",
      "PRIMARY",
      "M",
      "ND",
      "NORM"
    ],
    "InstitutionAddress": "De Pintelaan 185,Gent /88C96F/,District,BE,9000",
    "InstitutionName": "UZ",
    "InversionTime": 0.9,
    "MRAcquisitionType": "3D",
    "Manufacturer": "SIEMENS",
    "Modality": "MR",
    "PatientAge": "021Y",
    "PatientPosition": "HFS",
    "PatientSex": "M",
    "PatientWeight": 99,
    "PhaseEncodingDirection": "j-",
    "RepetitionTime": 2.25,
    "ScanOptions": "IR",
    "ScanningSequence": "GR\\IR",
    "SequenceName": "*tfl3d1_ns",
    "SequenceVariant": "SP\\MP",
    "SeriesDescription": "T1_mprage",
    "SeriesNumber": 2,
    "SliceThickness": 1,
    "SoftwareVersion": "syngo MR B17",
    "dataset": "ds001751",
    "modality": "T1w",
    "subject_id": "09"
  },
  "cjv": 0.302347971528317,
  "cnr": 4.368548094053003,
  "efc": 0.5290202416833218,
  "fber": 20802.911033163266,
  "fwhm_avg": 4.0943000000000005,
  "fwhm_x": 4.12825,
  "fwhm_y": 4.3507,
  "fwhm_z": 3.80395,
  "icvs_csf": 0.18151524403006153,
  "icvs_gm": 0.477758605825118,
  "icvs_wm": 0.3407261501448205,
  "inu_med": 0.561514675617218,
  "inu_range": 0.2629352867603301,
  "provenance": {
    "md5sum": "8eb880d63b29f946e3c8f9d5603b885f",
    "settings": {
      "testing": false
    },
    "software": "mriqc",
    "version": "23.0.1",
    "warnings": {
      "large_rot_frame": true,
      "small_air_mask": false
    },
    "webapi_port": null,
    "webapi_url": "https://mriqc.nimh.nih.gov/api/v1"
  },
  "qi_1": 5.83977680987746e-06,
  "qi_2": 0.012849307447593881,
  "rpve_csf": 26.196874464120356,
  "rpve_gm": 10.99381022005098,
  "rpve_wm": 16.7344782864888,
  "size_x": 176,
  "size_y": 256,
  "size_z": 256,
  "snr_csf": 2.2338082553005587,
  "snr_gm": 12.82539865751963,
  "snr_total": 12.936118269653795,
  "snr_wm": 23.749147896141196,
  "snrd_csf": 31.81897382865708,
  "snrd_gm": 89.89636982991263,
  "snrd_total": 83.4741916259635,
  "snrd_wm": 128.7072312193208,
  "spacing_x": 1.0,
  "spacing_y": 1.0,
  "spacing_z": 1.0,
  "summary_bg_k": 22.29896418307733,
  "summary_bg_mad": 0.0,
  "summary_bg_mean": 2.2788345153108764,
  "summary_bg_median": 0.0,
  "summary_bg_n": 3017904.0,
  "summary_bg_p05": 0.0,
  "summary_bg_p95": 12.145156159996986,
  "summary_bg_stdv": 5.090128749349543,
  "summary_csf_k": 1.1281058107213893,
  "summary_csf_mad": 91.41520174540449,
  "summary_csf_mean": 254.84014428387948,
  "summary_csf_median": 247.21977508813143,
  "summary_csf_n": 32382.0,
  "summary_csf_p05": 79.45931835882367,
  "summary_csf_p95": 458.3314887674524,
  "summary_csf_stdv": 110.67017826233365,
  "summary_gm_k": 0.22435326276308531,
  "summary_gm_mad": 52.98881762400486,
  "summary_gm_mean": 697.7204996154529,
  "summary_gm_median": 698.4562245868146,
  "summary_gm_n": 65263.0,
  "summary_gm_p05": 606.7456628605723,
  "summary_gm_p95": 785.5940618552268,
  "summary_gm_stdv": 54.45841428624511,
  "summary_wm_k": 0.9665200882235472,
  "summary_wm_mad": 38.182320990071055,
  "summary_wm_mean": 999.9202565158478,
  "summary_wm_median": 999.9999662339687,
  "summary_wm_n": 194110.0,
  "summary_wm_p05": 931.0432814098895,
  "summary_wm_p95": 1068.0055243708193,
  "summary_wm_stdv": 42.10666398410743,
  "tpm_overlap_csf": 0.14857562071249583,
  "tpm_overlap_gm": 0.48670486895762843,
  "tpm_overlap_wm": 0.5055016798435796,
  "wm2max": 0.5810504044114679
}