{
  "bids_meta": {
    "AcquisitionDateTime": "20150607182941.200000",
    "ConversionSoftware": "dicm2nii.m 20190112",
    "DeviceSerialNumber": "35353",
    "EchoTime": 0.00418,
    "FlipAngle": 9,
    "ImageType": [
      "ORIGINAL",
      "PRIMARY",
      "M",
      "ND",
      "NORM"
    ],
    "InstitutionAddress": "De Pintelaan 185,Gent /88C96F/,District,BE,9000",
    "InstitutionName": "UZ",
    "InversionTime": 0.9,
    "MRAcquisitionType": "3D",
    "Manufacturer": "SIEMENS",
    "Modality": "MR",
    "PatientAge": "023Y",
    "PatientPosition": "HFS",
    "PatientSex": "F",
    "PatientWeight": 72,
    "PhaseEncodingDirection": "j-",
    "RepetitionTime": 2.25,
    "ScanOptions": "IR",
    "ScanningSequence": "GR\\IR",
    "SequenceName": "*tfl3d1_ns",
    "SequenceVariant": "SP\\MP",
    "SeriesDescription": "T1_mprage",
    "SeriesNumber": 2,
    "SliceThickness": 1,
    "SoftwareVersion": "syngo MR B17",
    "dataset": "ds001751",
    "modality": "T1w",
    "subject_id": "06"
  },
  "cjv": 0.32133052131174045,
  "cnr": 4.122035709945627,
  "efc": 0.4727364937880962,
  "fber": 23267.36059821938,
  "fwhm_avg": 4.01931,
  "fwhm_x": 4.00328,
  "fwhm_y": 4.26895,
  "fwhm_z": 3.7857,
  "icvs_csf": 0.19122420259973755,
  "icvs_gm": 0.468261931627515,
  "icvs_wm": 0.34051386577274745,
  "inu_med": 0.49544963240623474,
  "inu_range": 0.1825093135237693,
  "provenance": {
    "md5sum": "38f93d2b61ee39d166b3f96efafa0dd2",
    "settings": {
      "testing": false
    },
    "software": "mriqc",
    "version": "23.0.1",
    "warnings": {
      "large_rot_frame": true,
      "small_air_mask": false
    },
    "webapi_port": null,
    "webapi_url": "https://mriqc.nimh.nih.gov/api/v1"
  },
  "qi_1": 0.0,
  "qi_2": 0.008053768752745657,
  "rpve_csf": 26.897994146955078,
  "rpve_gm": 11.901169362554676,
  "rpve_wm": 17.98758558954708,
  "size_x": 176,
  "size_y": 256,
  "size_z": 256,
  "snr_csf": 2.0074746971755046,
  "snr_gm": 12.345627243960873,
  "snr_total": 13.800527374578671,
  "snr_wm": 27.048480182599636,
  "snrd_csf": 34.93031167610671,
  "snrd_gm": 102.19661228709879,
  "snrd_total": 93.29345126237295,
  "snrd_wm": 142.75342982391336,
  "spacing_x": 1.0,
  "spacing_y": 1.0,
  "spacing_z": 1.0,
  "summary_bg_k": 22.621499665512545,
  "summary_bg_mad": 0.0,
  "summary_bg_mean": 2.924188589157127,
  "summary_bg_median": 0.0,
  "summary_bg_n": 3493639.0,
  "summary_bg_p05": 0.0,
  "summary_bg_p95": 10.198864728212357,
  "summary_bg_stdv": 4.589403726661685,
  "summary_csf_k": 0.5938307872715227,
  "summary_csf_mad": 107.66506706958651,
  "summary_csf_mean": 251.24500315914952,
  "summary_csf_median": 244.69607028365135,
  "summary_csf_n": 36082.0,
  "summary_csf_p05": 58.61279890984297,
  "summary_csf_p95": 474.38651766329997,
  "summary_csf_stdv": 121.89079133673232,
  "summary_gm_k": 0.3373898123511587,
  "summary_gm_mad": 56.08739854381839,
  "summary_gm_mean": 713.8775627765027,
  "summary_gm_median": 715.9142940044403,
  "summary_gm_n": 55853.0,
  "summary_gm_p05": 615.8069410681725,
  "summary_gm_p95": 805.5160494387148,
  "summary_gm_stdv": 57.98878185072709,
  "summary_wm_k": 0.6066285408491585,
  "summary_wm_mad": 35.20621165351843,
  "summary_wm_mean": 999.6899846638318,
  "summary_wm_median": 1000.0255257189274,
  "summary_wm_n": 181891.0,
  "summary_wm_p05": 938.7300930917263,
  "summary_wm_p95": 1059.1610483974218,
  "summary_wm_stdv": 36.971495995151436,
  "tpm_overlap_csf": 0.14785541241268974,
  "tpm_overlap_gm": 0.49037587175629294,
  "tpm_overlap_wm": 0.5087097673960352,
  "wm2max": 0.6802580331061344
}