{
  "aor": 0.003703288084464555,
  "aqi": 0.00582273257918552,
  "bids_meta": {
    "AcquisitionDateTime": "20150607172059.077500",
    "ConversionSoftware": "dicm2nii.m 20190112",
    "DeviceSerialNumber": "35353",
    "EchoTime": 0.033,
    "EffectiveEchoSpacing": 0.00059000113,
    "FlipAngle": 90,
    "ImageType": [
      "ORIGINAL",
      "PRIMARY",
      "M",
      "ND",
      "MOSAIC"
    ],
    "InstitutionAddress": "De Pintelaan 185,Gent /88C96F/,District,BE,9000",
    "InstitutionName": "UZ",
    "MRAcquisitionType": "2D",
    "Manufacturer": "SIEMENS",
    "Modality": "MR",
    "PatientAge": "022Y",
    "PatientPosition": "HFS",
    "PatientSex": "F",
    "PatientWeight": 66,
    "PhaseEncodingDirection": "j-",
    "RepetitionTime": 2,
    "ScanOptions": "FS",
    "ScanningSequence": "EP",
    "SequenceName": "*epfid2d1_64",
    "SequenceVariant": "SK",
    "SeriesDescription": "ep2d_bold",
    "SeriesNumber": 5,
    "SliceThickness": 4,
    "SliceTiming": [
      1.005,
      0,
      1.07,
      0.0675,
      1.1375,
      0.135,
      1.205,
      0.2,
      1.2725,
      0.2675,
      1.34,
      0.335,
      1.405,
      0.4025,
      1.4725,
      0.47,
      1.54,
      0.535,
      1.6075,
      0.6025,
      1.6725,
      0.67,
      1.74,
      0.7375,
      1.8075,
      0.8025,
      1.875,
      0.87,
      1.94,
      0.9375
    ],
    "SoftwareVersion": "syngo MR B17",
    "TaskName": "flanker",
    "TotalReadoutTime": 0.037170071,
    "dataset": "ds001751",
    "modality": "bold",
    "run_id": 1,
    "subject_id": "05",
    "task_id": "flanker"
  },
  "dummy_trs": 0,
  "dvars_nstd": 19.180436461555882,
  "dvars_std": 1.2017708147280959,
  "dvars_vstd": 0.9835918032024158,
  "efc": 0.42744087353865645,
  "fber": 1812.5,
  "fd_mean": 0.1293997820345513,
  "fd_num": 97,
  "fd_perc": 14.630467571644042,
  "fwhm_avg": 2.337958095238095,
  "fwhm_x": 2.373117142857143,
  "fwhm_y": 2.521797142857143,
  "fwhm_z": 2.11896,
  "gcor": 0.0233571,
  "gsr_x": -0.01076356228441,
  "gsr_y": 0.03869251534342766,
  "provenance": {
    "md5sum": "9896301981b2114ab5a3f767a283e7f3",
    "settings": {
      "fd_thres": 0.2,
      "testing": false
    },
    "software": "mriqc",
    "version": "23.0.1",
    "webapi_port": null,
    "webapi_url": "https://mriqc.nimh.nih.gov/api/v1"
  },
  "size_t": 663,
  "size_x": 64,
  "size_y": 64,
  "size_z": 30,
  "snr": 3.142492542149172,
  "spacing_tr": 2.0,
  "spacing_x": 3.5,
  "spacing_y": 3.5,
  "spacing_z": 5.0,
  "summary_bg_k": 47.123089384145004,
  "summary_bg_mad": 4.420973288261786,
  "summary_bg_mean": 24.496007919311523,
  "summary_bg_median": 12.494721412658691,
  "summary_bg_n": 83669.0,
  "summary_bg_p05": 8.926094055175781,
  "summary_bg_p95": 80.14329071044915,
  "summary_bg_stdv": 39.10097885131836,
  "summary_fg_k": 1.0525687261218533,
  "summary_fg_mad": 155.72467699589706,
  "summary_fg_mean": 562.760986328125,
  "summary_fg_median": 538.2307739257812,
  "summary_fg_n": 12873.0,
  "summary_fg_p05": 327.8829711914062,
  "summary_fg_p95": 883.7315551757812,
  "summary_fg_stdv": 171.26846313476562,
  "tsnr": 56.12414791435003
}