{
  "aor": 0.001482686084142395,
  "aqi": 0.004105267137540453,
  "bids_meta": {
    "AcquisitionDateTime": "20150607174347.432500",
    "ConversionSoftware": "dicm2nii.m 20190112",
    "DeviceSerialNumber": "35353",
    "EchoTime": 0.033,
    "EffectiveEchoSpacing": 0.00059000113,
    "FlipAngle": 90,
    "ImageType": [
      "ORIGINAL",
      "PRIMARY",
      "M",
      "ND",
      "MOSAIC"
    ],
    "InstitutionAddress": "De Pintelaan 185,Gent /88C96F/,District,BE,9000",
    "InstitutionName": "UZ",
    "MRAcquisitionType": "2D",
    "Manufacturer": "SIEMENS",
    "Modality": "MR",
    "PatientAge": "022Y",
    "PatientPosition": "HFS",
    "PatientSex": "F",
    "PatientWeight": 66,
    "PhaseEncodingDirection": "j-",
    "RepetitionTime": 2,
    "ScanOptions": "FS",
    "ScanningSequence": "EP",
    "SequenceName": "*epfid2d1_64",
    "SequenceVariant": "SK",
    "SeriesDescription": "ep2d_bold",
    "SeriesNumber": 6,
    "SliceThickness": 4,
    "SliceTiming": [
      1.005,
      0,
      1.0725,
      0.0675,
      1.1375,
      0.135,
      1.205,
      0.2025,
      1.2725,
      0.2675,
      1.34,
      0.335,
      1.4075,
      0.4025,
      1.4725,
      0.47,
      1.54,
      0.5375,
      1.6075,
      0.6025,
      1.675,
      0.67,
      1.74,
      0.7375,
      1.8075,
      0.805,
      1.875,
      0.87,
      1.9425,
      0.9375
    ],
    "SoftwareVersion": "syngo MR B17",
    "TaskName": "flanker",
    "TotalReadoutTime": 0.037170071,
    "dataset": "ds001751",
    "modality": "bold",
    "run_id": 2,
    "subject_id": "05",
    "task_id": "flanker"
  },
  "dummy_trs": 1,
  "dvars_nstd": 19.215094490745543,
  "dvars_std": 1.2423191246515395,
  "dvars_vstd": 0.9888004768395453,
  "efc": 0.42793670318568333,
  "fber": 1827.9652099609375,
  "fd_mean": 0.11987877161583664,
  "fd_num": 81,
  "fd_perc": 13.106796116504855,
  "fwhm_avg": 2.3429542857142858,
  "fwhm_x": 2.3992514285714286,
  "fwhm_y": 2.505571428571429,
  "fwhm_z": 2.12404,
  "gcor": 0.0210498,
  "gsr_x": -0.011988525278866291,
  "gsr_y": 0.0393686518073082,
  "provenance": {
    "md5sum": "0431264a563847279e38aec517c4523a",
    "settings": {
      "fd_thres": 0.2,
      "testing": false
    },
    "software": "mriqc",
    "version": "23.0.1",
    "webapi_port": null,
    "webapi_url": "https://mriqc.nimh.nih.gov/api/v1"
  },
  "size_t": 618,
  "size_x": 64,
  "size_y": 64,
  "size_z": 30,
  "snr": 3.1004775339770645,
  "spacing_tr": 2.0,
  "spacing_x": 3.5,
  "spacing_y": 3.5,
  "spacing_z": 5.0,
  "summary_bg_k": 45.62374864884006,
  "summary_bg_mad": 4.248687178027614,
  "summary_bg_mean": 24.67314910888672,
  "summary_bg_median": 12.385113716125488,
  "summary_bg_n": 83674.0,
  "summary_bg_p05": 9.119741439819336,
  "summary_bg_p95": 82.0257305145256,
  "summary_bg_stdv": 39.44753646850586,
  "summary_fg_k": 1.1719261633803173,
  "summary_fg_mad": 156.90632924319937,
  "summary_fg_mean": 561.0978393554688,
  "summary_fg_median": 536.3923950195312,
  "summary_fg_n": 12804.0,
  "summary_fg_p05": 327.6884460449219,
  "summary_fg_p95": 888.9080566406244,
  "summary_fg_stdv": 172.99639892578125,
  "tsnr": 68.58731855265796
}